{
    "Modality": "MR",
    "MagneticFieldStrength": 3,
    "ImagingFrequency": 127.769,
    "Manufacturer": "Philips",
    "ManufacturersModelName": "Ingenia Elition X",
    "DeviceSerialNumber": "45002",
    "BodyPartExamined": "BRAIN",
    "PatientPosition": "HFS",
    "SoftwareVersions": "5.7.1\\5.7.1.0",
    "MRAcquisitionType": "3D",
    "SeriesDescription": "Sagittal 3D FLAIR",
    "ProtocolName": "WIP Sagittal 3D FLAIR",
    "ScanningSequence": "IR",
    "SequenceVariant": "SK",
    "ScanOptions": "FS",
    "PulseSequenceName": "TIR",
    "ImageType": [
        "ORIGINAL",
        "PRIMARY",
        "T2",
        "NONE"
    ],
    "SeriesNumber": 801,
    "AcquisitionTime": "11:28:25.620000",
    "AcquisitionNumber": 8,
    "PhilipsRescaleSlope": 6.64957,
    "PhilipsRescaleIntercept": 0,
    "PhilipsScaleSlope": 0.00158494,
    "UsePhilipsFloatNotDisplayScaling": 1,
    "SliceThickness": 1.2,
    "SpacingBetweenSlices": 1.2,
    "EchoTime": 0.441,
    "RepetitionTime": 4.8,
    "MTState": false,
    "InversionTime": 1.65,
    "FlipAngle": 90,
    "CoilString": "MULTI COIL",
    "PercentPhaseFOV": 100,
    "PercentSampling": 78.233,
    "EchoTrainLength": 150,
    "PhaseEncodingSteps": 256,
    "AcquisitionMatrixPE": 256,
    "ReconMatrixPE": 256,
    "ParallelReductionFactorInPlane": 3,
    "ParallelAcquisitionTechnique": "SENSE",
    "WaterFatShift": 0.51604,
    "EstimatedEffectiveEchoSpacing": 4.62758e-06,
    "EstimatedTotalReadoutTime": 0.00118003,
    "AcquisitionDuration": 345.6,
    "PixelBandwidth": 841.822,
    "PhaseEncodingAxis": "i",
    "ImageOrientationPatientDICOM": [
        -0.0591757,
        0.998248,
        -2.76719e-11,
        -0.0158103,
        -0.00093723,
        -0.999875
    ],
    "InPlanePhaseEncodingDirectionDICOM": "ROW",
    "ConversionSoftware": "dcm2niix",
    "ConversionSoftwareVersion": "v1.0.20220720",
    "Dcm2bidsVersion": "2.1.6"
}