{
    "Modality": "MR",
    "MagneticFieldStrength": 3,
    "ImagingFrequency": 123.253,
    "Manufacturer": "Siemens",
    "ManufacturersModelName": "MAGNETOM Vida",
    "InstitutionName": "Cox Annex",
    "InstitutionAddress": "5151 San Amaro Dr,Coral Gables,Florida,US,33146",
    "DeviceSerialNumber": "176047",
    "StationName": "AWP176047",
    "BodyPartExamined": "BRAIN",
    "PatientPosition": "HFS",
    "ProcedureStepDescription": "Rundek ACTIVE",
    "SoftwareVersions": "syngo MR XA50",
    "MRAcquisitionType": "2D",
    "SeriesDescription": "DTI_MB_3SHELL RPE_ORIG",
    "ProtocolName": "DTI_MB_3SHELL RPE",
    "ScanningSequence": "EP",
    "SequenceVariant": "SK\\SP",
    "ScanOptions": "PFP\\FS",
    "PulseSequenceName": "*epse2d1_116",
    "ImageType": [
        "ORIGINAL",
        "PRIMARY",
        "DIFFUSION",
        "NONE"
    ],
    "ImageTypeText": [
        "ORIGINAL",
        "PRIMARY",
        "DIFFUSION",
        "NONE",
        "ND",
        "NORM"
    ],
    "NonlinearGradientCorrection": false,
    "SeriesNumber": 14,
    "AcquisitionTime": "11:29:9.500000",
    "AcquisitionNumber": 3,
    "SliceThickness": 2,
    "SpacingBetweenSlices": 2,
    "EchoTime": 0.091,
    "RepetitionTime": 3.7,
    "MTState": false,
    "FlipAngle": 90,
    "PartialFourier": 0.75,
    "BaseResolution": 116,
    "ShimSetting": [
        8942,
        3360,
        -8875,
        336,
        -19,
        -444,
        131,
        129
    ],
    "DiffusionScheme": "Monopolar",
    "TxRefAmp": 427.707,
    "PhaseResolution": 1,
    "ReceiveCoilName": "HeadNeck_20_TCS",
    "ReceiveCoilActiveElements": "HE1-4;NE2",
    "CoilString": "HeadNeck_20_TCS",
    "PulseSequenceDetails": "%SiemensSeq%\\ep2d_diff",
    "RefLinesPE": 24,
    "CoilCombinationMethod": "Adaptive Combine",
    "MultibandAccelerationFactor": 3,
    "PercentPhaseFOV": 100,
    "PercentSampling": 100,
    "EchoTrainLength": 43,
    "PartialFourierDirection": "PHASE",
    "AcquisitionMatrixPE": 116,
    "ReconMatrixPE": 116,
    "BandwidthPerPixelPhaseEncode": 26.123,
    "ParallelReductionFactorInPlane": 2,
    "ParallelAcquisitionTechnique": "SMS",
    "EffectiveEchoSpacing": 0.000330004,
    "DerivedVendorReportedEchoSpacing": 0.000660008,
    "AcquisitionDuration": 61.52,
    "TotalReadoutTime": 0.0379504,
    "PixelBandwidth": 1796,
    "DwellTime": 2.4e-06,
    "PhaseEncodingDirection": "j",
    "SliceTiming": [
        0,
        1.92,
        0.16,
        2.08,
        0.32,
        2.24,
        0.48,
        2.4,
        0.639998,
        2.56,
        0.799998,
        2.72,
        0.959998,
        2.88,
        1.12,
        3.0375,
        1.28,
        3.1975,
        1.44,
        3.3575,
        1.6,
        3.5175,
        1.76,
        0,
        1.92,
        0.16,
        2.08,
        0.32,
        2.24,
        0.48,
        2.4,
        0.639998,
        2.56,
        0.799998,
        2.72,
        0.959998,
        2.88,
        1.12,
        3.0375,
        1.28,
        3.1975,
        1.44,
        3.3575,
        1.6,
        3.5175,
        1.76,
        0,
        1.92,
        0.16,
        2.08,
        0.32,
        2.24,
        0.48,
        2.4,
        0.639998,
        2.56,
        0.799998,
        2.72,
        0.959998,
        2.88,
        1.12,
        3.0375,
        1.28,
        3.1975,
        1.44,
        3.3575,
        1.6,
        3.5175,
        1.76
    ],
    "ImageOrientationPatientDICOM": [
        1,
        -6.3989e-10,
        -1.05173e-08,
        -6.3989e-10,
        0.992624,
        -0.121235
    ],
    "InPlanePhaseEncodingDirectionDICOM": "COL",
    "ConversionSoftware": "dcm2niix",
    "ConversionSoftwareVersion": "v1.0.20220720",
    "Dcm2bidsVersion": "2.1.6",
    "IntendedFor": [
        "ses-01/func/sub-HML1129_ses-01_task-rest_bold.nii.gz",
        "ses-01/perf/sub-HML1129_ses-01_acq-prod_asl.nii.gz"
    ]
}