{
  "AcquisitionMatrixPE": 269,
  "AcquisitionNumber": 1,
  "AcquisitionTime": "07:36:19.965000",
  "BaseResolution": 384,
  "BodyPartExamined": "BRAIN",
  "CoilCombinationMethod": "Adaptive Combine",
  "ConsistencyInfo": "N4_VE11C_LATEST_20160120",
  "ConversionSoftware": "dcm2niix",
  "ConversionSoftwareVersion": "v1.0.20220720",
  "DeviceSerialNumber": "45424",
  "DwellTime": 4.7e-06,
  "EchoNumber": 2,
  "EchoTime": 0.01062,
  "EchoTrainLength": 5,
  "FlipAngle": 15,
  "ImageOrientationPatientDICOM": [
    0.999509,
    0.00945308,
    0.0298907,
    4.4372e-11,
    0.953455,
    -0.301534
  ],
  "ImageOrientationText": "Tra>Cor(-17.5)>Sag(1.8)",
  "ImageType": [
    "ORIGINAL",
    "PRIMARY",
    "M",
    "NORM",
    "DIS3D",
    "DIS2D"
  ],
  "ImagingFrequency": 123.237,
  "InPlanePhaseEncodingDirectionDICOM": "ROW",
  "InstitutionAddress": "North Warren Ave 1609,Tucson,Denver,US,85719",
  "InstitutionName": "University of Arizona",
  "InstitutionalDepartmentName": "Department",
  "MRAcquisitionType": "3D",
  "MagneticFieldStrength": 3,
  "Manufacturer": "Siemens",
  "ManufacturersModelName": "Skyra",
  "MatrixCoilMode": "GRAPPA",
  "Modality": "MR",
  "NonlinearGradientCorrection": true,
  "ParallelReductionFactorInPlane": 2,
  "PartialFourier": 1,
  "PatientPosition": "HFS",
  "PercentPhaseFOV": 100,
  "PercentSampling": 70,
  "PhaseEncodingDirection": "i",
  "PhaseEncodingSteps": 269,
  "PhaseResolution": 0.7,
  "PixelBandwidth": 275,
  "ProcedureStepDescription": "Chen^PAN_COREE",
  "ProtocolName": "Axial 3D ME T2 GRE",
  "PulseSequenceDetails": "%SiemensSeq%\\gre",
  "ReceiveCoilActiveElements": "HEA;HEP",
  "ReceiveCoilName": "Head_32",
  "ReconMatrixPE": 384,
  "RefLinesPE": 24,
  "RepetitionTime": 0.037,
  "SAR": 0.231502,
  "ScanOptions": "SAT1",
  "ScanningSequence": "GR",
  "SequenceName": "*fl3d5r",
  "SequenceVariant": "SP\\OSP",
  "SeriesDescription": "Axial 3D ME T2 GRE",
  "SeriesNumber": 22,
  "ShimSetting": [
    8147,
    -13820,
    14939,
    89,
    -51,
    -705,
    -140,
    -475
  ],
  "SliceThickness": 1.8,
  "SoftwareVersions": "syngo MR E11",
  "StationName": "AWP45424",
  "TxRefAmp": 333.772
}