{
  "AcquisitionMatrixPE": 448,
  "AcquisitionNumber": 1,
  "AcquisitionTime": "07:45:19.395000",
  "BaseResolution": 448,
  "BodyPartExamined": "BRAIN",
  "CoilCombinationMethod": "Adaptive Combine",
  "ConsistencyInfo": "N4_VE11C_LATEST_20160120",
  "ConversionSoftware": "dcm2niix",
  "ConversionSoftwareVersion": "v1.0.20220720",
  "DeviceSerialNumber": "45424",
  "DwellTime": 1.12e-05,
  "EchoTime": 0.051,
  "EchoTrainLength": 15,
  "FlipAngle": 130,
  "ImageOrientationPatientDICOM": [0.996481, 0.0394737, 0.0739378, 0.0605967, 0.270155, -0.960908],
  "ImageOrientationText": "Cor>Tra(-15.5)>Sag(3.3)",
  "ImageType": [
    "ORIGINAL",
    "PRIMARY",
    "M",
    "ND",
    "NORM"
],
  "ImagingFrequency": 123.236,
  "InPlanePhaseEncodingDirectionDICOM": "ROW",
  "InstitutionAddress": "North Warren Ave 1609,Tucson,Denver,US,85719",
  "InstitutionName": "University of Arizona",
  "InstitutionalDepartmentName": "Department",
  "MRAcquisitionType": "2D",
  "MagneticFieldStrength": 3,
  "Manufacturer": "Siemens",
  "ManufacturersModelName": "Skyra",
  "MatrixCoilMode": "GRAPPA",
  "Modality": "MR",
  "NonlinearGradientCorrection": false,
  "NumberOfAverages": 2,
  "ParallelReductionFactorInPlane": 2,
  "PartialFourier": 1,
  "PatientPosition": "HFS",
  "PercentPhaseFOV": 100,
  "PercentSampling": 100,
  "PhaseEncodingDirection": "i",
  "PhaseEncodingSteps": 480,
  "PhaseOversampling": 0.05,
  "PhaseResolution": 1,
  "PixelBandwidth": 100,
  "ProcedureStepDescription": "Chen^PAN_COREE",
  "ProtocolName": "HighResHippocampus",
  "PulseSequenceDetails": "%SiemensSeq%\\tse",
  "ReceiveCoilActiveElements": "HEA;HEP",
  "ReceiveCoilName": "Head_32",
  "ReconMatrixPE": 448,
  "RefLinesPE": 32,
  "RepetitionTime": 4.56,
  "SAR": 0.290445,
  "ScanningSequence": "SE",
  "SequenceName": "*tse2d1rr15",
  "SequenceVariant": "SK\\SP\\OSP",
  "SeriesDescription": "HighResHippocampus",
  "SeriesNumber": 24,
  "ShimSetting": [8151, -13844, 15045, 343, 53, -807, 59, -513],
  "SliceThickness": 2,
  "SliceTiming": [0, 110.477, 0.26562, 110.758, 0.53125, 111.047, 0.80469, 111.328, 1.07031, 111.617, 1.33594, 111.898, 1.60938, 112.188, 1.875, 112.469, 2.14062, 112.758, 2.41406, 113.039, 2.67969, 113.328, 2.94531, 113.609, 3.21875, 113.898, 3.48438, 114.18, 3.75, 114.469, 4.02344, 114.75, 4.28906],
  "SoftwareVersions": "syngo MR E11",
  "SpacingBetweenSlices": 2,
  "SpoilingState": true,
  "StationName": "AWP45424",
  "TxRefAmp": 333.772}