{
    "Modality": "MR",
    "MagneticFieldStrength": 3,
    "ImagingFrequency": 127.769,
    "Manufacturer": "Philips",
    "ManufacturersModelName": "Ingenia Elition X",
    "DeviceSerialNumber": "45002",
    "BodyPartExamined": "BRAIN",
    "PatientPosition": "HFS",
    "SoftwareVersions": "5.7.1\\5.7.1.0",
    "MRAcquisitionType": "3D",
    "SeriesDescription": "Axial 3D ME T2 GRE_noT2*",
    "ProtocolName": "WIP Axial 3D ME T2 GRE_noT2*",
    "ScanningSequence": "GR",
    "SequenceVariant": "SS",
    "ScanOptions": "FC",
    "PulseSequenceName": "FFE",
    "ImageType": [
        "ORIGINAL",
        "PRIMARY",
        "T1",
        "MIXED"
    ],
    "SeriesNumber": 1001,
    "AcquisitionTime": "10:43:13.330000",
    "AcquisitionNumber": 10,
    "PhilipsRWVSlope": 3.22784,
    "PhilipsRWVIntercept": 0,
    "PhilipsRescaleSlope": 3.22784,
    "PhilipsRescaleIntercept": 0,
    "PhilipsScaleSlope": 0.00517268,
    "UsePhilipsFloatNotDisplayScaling": 1,
    "SliceThickness": 1.8,
    "SpacingBetweenSlices": 1.8,
    "EchoNumber": 2,
    "EchoTime": 0.010611,
    "RepetitionTime": 0.037,
    "MTState": false,
    "FlipAngle": 15,
    "CoilString": "MULTI COIL",
    "PercentPhaseFOV": 100,
    "PercentSampling": 78.7443,
    "EchoTrainLength": 5,
    "PhaseEncodingSteps": 386,
    "AcquisitionMatrixPE": 386,
    "ReconMatrixPE": 400,
    "ParallelReductionFactorInPlane": 2,
    "ParallelAcquisitionTechnique": "SENSE",
    "WaterFatShift": 1.54139,
    "EstimatedEffectiveEchoSpacing": 7.4106e-06,
    "EstimatedTotalReadoutTime": 0.00295683,
    "AcquisitionDuration": 534.724,
    "PixelBandwidth": 281.833,
    "PhaseEncodingAxis": "i",
    "ImageOrientationPatientDICOM": [
        1,
        0,
        0,
        0,
        1,
        0
    ],
    "InPlanePhaseEncodingDirectionDICOM": "ROW",
    "ConversionSoftware": "dcm2niix",
    "ConversionSoftwareVersion": "v1.0.20220720",
    "Dcm2bidsVersion": "2.1.6",
    "IntendedFor": [
        "ses-01/func/sub-HML0569_ses-01_task-rest_bold.nii.gz",
        "ses-01/perf/sub-HML0569_ses-01_acq-pcasl_asl.nii.gz"
    ],
    "PhaseEncodingDirection": "i"
}