{
  "AcquisitionMatrixPE": 116,
  "AcquisitionNumber": 1,
  "AcquisitionTime": "11:56:55.797500",
  "BandwidthPerPixelPhaseEncode": 26.123,
  "BaseResolution": 116,
  "BodyPartExamined": "BRAIN",
  "CoilCombinationMethod": "Adaptive Combine",
  "CoilString": "Head_32",
  "ConversionSoftware": "dcm2niix",
  "ConversionSoftwareVersion": "v1.0.20220720",
  "DerivedVendorReportedEchoSpacing": 0.000660008,
  "DeviceSerialNumber": "45424",
  "DiffusionScheme": "Monopolar",
  "DwellTime": 2.4e-06,
  "EchoTime": 0.091,
  "EchoTrainLength": 43,
  "EffectiveEchoSpacing": 0.000330004,
  "FlipAngle": 90,
  "ImageOrientationPatientDICOM": [
    0.997008,
    -0.0123682,
    -0.0762991,
    -1.76479e-08,
    0.987115,
    -0.160013
  ],
  "ImageType": [
    "ORIGINAL",
    "PRIMARY",
    "DIFFUSION",
    "NONE",
    "ND",
    "NORM",
    "MFSPLIT"
  ],
  "ImageTypeText": [
    "ORIGINAL",
    "PRIMARY",
    "DIFFUSION",
    "NONE"
  ],
  "ImagingFrequency": 123.221,
  "InPlanePhaseEncodingDirectionDICOM": "COL",
  "InstitutionAddress": "North Cherry Avenue 1230,Tucson,Denver,US,85721",
  "InstitutionName": "University of Arizona",
  "MRAcquisitionType": "2D",
  "MagneticFieldStrength": 3,
  "Manufacturer": "Siemens",
  "ManufacturersModelName": "MAGNETOM Skyra",
  "Modality": "MR",
  "MultibandAccelerationFactor": 3,
  "NonlinearGradientCorrection": false,
  "ParallelReductionFactorInPlane": 2,
  "PartialFourier": 0.75,
  "PatientPosition": "HFS",
  "PercentPhaseFOV": 100,
  "PercentSampling": 100,
  "PhaseEncodingDirection": "j",
  "PhaseEncodingSteps": 116,
  "PhaseResolution": 1,
  "PixelBandwidth": 1796,
  "ProtocolName": "DTI_MB_3SHELL RPE",
  "PulseSequenceDetails": "%SiemensSeq%\\ep2d_diff",
  "ReceiveCoilActiveElements": "HEA;HEP",
  "ReceiveCoilName": "Head_32",
  "ReconMatrixPE": 116,
  "RefLinesPE": 24,
  "RepetitionTime": 3.7,
  "SAR": 0.293927,
  "ScanOptions": "PFP\\FS\\PER",
  "ScanningSequence": "GR\\EP",
  "SequenceName": "*ep_b0",
  "SequenceVariant": "SK",
  "SeriesDescription": "DTI_MB_3SHELL RPE_ORIG",
  "SeriesNumber": 16,
  "ShimSetting": [
    8224,
    -13779,
    15040,
    219,
    253,
    -331,
    -268,
    -756
  ],
  "SliceThickness": 2,
  "SliceTiming": [
    0,
    1.92,
    0.16,
    2.08,
    0.32,
    2.24,
    0.48,
    2.4,
    0.64,
    2.56,
    0.8,
    2.72,
    0.96,
    2.88,
    1.12,
    3.04,
    1.28,
    3.2,
    1.44,
    3.36,
    1.6,
    3.52,
    1.76,
    0,
    1.92,
    0.16,
    2.08,
    0.32,
    2.24,
    0.48,
    2.4,
    0.64,
    2.56,
    0.8,
    2.72,
    0.96,
    2.88,
    1.12,
    3.04,
    1.28,
    3.2,
    1.44,
    3.36,
    1.6,
    3.52,
    1.76,
    0,
    1.92,
    0.16,
    2.08,
    0.32,
    2.24,
    0.48,
    2.4,
    0.64,
    2.56,
    0.8,
    2.72,
    0.96,
    2.88,
    1.12,
    3.04,
    1.28,
    3.2,
    1.44,
    3.36,
    1.6,
    3.52,
    1.76
  ],
  "SoftwareVersions": "syngo MR XA30",
  "SpacingBetweenSlices": 2,
  "StationName": "AWP45424",
  "TotalReadoutTime": 0.0379504,
  "TxRefAmp": 389.697,
  "IntendedFor": "ses-01/dwi/sub-HML0728_ses-01_dwi.nii.gz"
}