{
  "AcquisitionMatrixPE": 62,
  "AcquisitionNumber": 1,
  "AcquisitionTime": "08:56:38.162500",
  "BaseResolution": 64,
  "BodyPartExamined": "BRAIN",
  "CoilCombinationMethod": "Adaptive Combine",
  "CoilString": "Head_32",
  "ConversionSoftware": "dcm2niix",
  "ConversionSoftwareVersion": "v1.0.20220720",
  "DeviceSerialNumber": "45424",
  "DwellTime": 3.2e-06,
  "EchoTime": 0.0206,
  "EchoTrainLength": 31,
  "FlipAngle": 180,
  "ImageOrientationPatientDICOM": [
    1,
    0,
    0,
    0,
    1,
    0
  ],
  "ImageType": [
    "ORIGINAL",
    "PRIMARY",
    "ASL",
    "NONE",
    "NORM",
    "DIS3D",
    "MFSPLIT"
  ],
  "ImageTypeText": [
    "ORIGINAL",
    "PRIMARY",
    "ASL",
    "NONE"
  ],
  "ImagingFrequency": 123.221,
  "InPlanePhaseEncodingDirectionDICOM": "COL",
  "InstitutionAddress": "North Cherry Avenue 1230,Tucson,Denver,US,85721",
  "InstitutionName": "University of Arizona",
  "Interpolation2D": 1,
  "InversionTime": 2.75,
  "MRAcquisitionType": "3D",
  "MagneticFieldStrength": 3,
  "Manufacturer": "Siemens",
  "ManufacturersModelName": "MAGNETOM Skyra",
  "MatrixCoilMode": "SENSE",
  "Modality": "MR",
  "NonlinearGradientCorrection": true,
  "PartialFourier": 1,
  "PatientPosition": "HFS",
  "PercentPhaseFOV": 100,
  "PercentSampling": 96.875,
  "PhaseEncodingDirection": "j-",
  "PhaseEncodingSteps": 62,
  "PhaseResolution": 0.96875,
  "PixelBandwidth": 2441,
  "ProtocolName": "PASL_PRODUCT_PLD-2750 MO",
  "PulseSequenceDetails": "%SiemensSeq%\\tgse_asl",
  "ReceiveCoilActiveElements": "HEA;HEP",
  "ReceiveCoilName": "Head_32",
  "ReconMatrixPE": 128,
  "RepetitionTime": 4,
  "RepetitionTimeExcitation": 4,
  "SAR": 0.246673,
  "ScanOptions": "CG\\RG\\FS\\PER",
  "ScanningSequence": "GR",
  "SequenceName": "*tgse3d1_5952",
  "SequenceVariant": "SK",
  "SeriesDescription": "PASL_PRODUCT_PLD-2750 MO",
  "SeriesNumber": 35,
  "ShimSetting": [
    8225,
    -13742,
    14920,
    97,
    0,
    -375,
    -524,
    -649
  ],
  "SliceThickness": 4.5,
  "SoftwareVersions": "syngo MR XA30",
  "StationName": "AWP45424",
  "TxRefAmp": 330.76,
  "IntendedFor": "ses-01/perf/sub-HML0690_ses-01_acq-prod_asl.nii.gz",
  "RepetitionTimePreparation": 4
}