{
    "Modality": "MR",
    "MagneticFieldStrength": 3,
    "ImagingFrequency": 127.769,
    "Manufacturer": "Philips",
    "ManufacturersModelName": "Ingenia Elition X",
    "DeviceSerialNumber": "45002",
    "BodyPartExamined": "BRAIN",
    "PatientPosition": "HFS",
    "SoftwareVersions": "5.7.1\\5.7.1.0",
    "MRAcquisitionType": "3D",
    "SeriesDescription": "WIP SOURCE - Axial 3D PCASL",
    "ProtocolName": "WIP SOURCE - Axial 3D PCASL",
    "ScanningSequence": "SE",
    "SequenceVariant": "SK",
    "ScanOptions": "FS",
    "PulseSequenceName": "GraSE",
    "ImageType": [
        "ORIGINAL",
        "PRIMARY",
        "PERFUSION",
        "NONE"
    ],
    "SeriesNumber": 602,
    "AcquisitionTime": "12:24:49.470000",
    "AcquisitionNumber": 6,
    "PhilipsRescaleSlope": 1.55897,
    "PhilipsRescaleIntercept": 0,
    "PhilipsScaleSlope": 0.000146259,
    "UsePhilipsFloatNotDisplayScaling": 1,
    "SliceThickness": 4.5,
    "SpacingBetweenSlices": 4.5,
    "EchoTime": 0.016,
    "RepetitionTime": 15.9158,
    "MTState": false,
    "FlipAngle": 90,
    "CoilString": "MULTI COIL",
    "PercentPhaseFOV": 100,
    "PercentSampling": 100,
    "EchoTrainLength": 285,
    "PhaseEncodingSteps": 60,
    "AcquisitionMatrixPE": 60,
    "ReconMatrixPE": 128,
    "ParallelReductionFactorInPlane": 2,
    "ParallelAcquisitionTechnique": "SENSE",
    "WaterFatShift": 3.50034,
    "EstimatedEffectiveEchoSpacing": 6.32238e-05,
    "EstimatedTotalReadoutTime": 0.00802943,
    "AcquisitionDuration": 361.2,
    "PixelBandwidth": 3227.87,
    "PhaseEncodingAxis": "j",
    "ImageOrientationPatientDICOM": [
        0.998666,
        -0.0261331,
        0.0445237,
        0.026159,
        0.999658,
        2.69623e-11
    ],
    "InPlanePhaseEncodingDirectionDICOM": "COL",
    "ConversionSoftware": "dcm2niix",
    "ConversionSoftwareVersion": "v1.0.20220720",
    "Dcm2bidsVersion": "2.1.6",
    "EffectiveEchoSpacing": 0.0002519,
    "PhaseEncodingDirection": "j",
    "ArterialSpinLabelingType": "PCASL",
    "PostLabelingDelay": 1.95,
    "LabelingDuration": 1.8,
    "RepetitionTimePreparation": 4.2,
    "M0Type": "Separate",
    "BackgroundSuppression": true,
    "TotalAcquiredPairs": 10
}