{
    "AcquisitionMatrixPE": 88,
    "AcquisitionNumber": 1,
    "AcquisitionTime": "07:58:1.167500",
    "BandwidthPerPixelPhaseEncode": 38.521,
    "BaseResolution": 88,
    "BodyPartExamined": "BRAIN",
    "CoilCombinationMethod": "Sum of Squares",
    "ConsistencyInfo": "N4_VE11C_LATEST_20160120",
    "ConversionSoftware": "dcm2niix",
    "ConversionSoftwareVersion": "v1.0.20220720",
    "DerivedVendorReportedEchoSpacing": 0.000589997,
    "DeviceSerialNumber": "45424",
    "DwellTime": 2.4e-06,
    "EchoTime": 0.03,
    "EchoTrainLength": 43,
    "EffectiveEchoSpacing": 0.000294998,
    "FlipAngle": 77,
    "ImageOrientationPatientDICOM": [
        1,
        -2.84066e-05,
        -0.000252891,
        4.02037e-08,
        0.993768,
        -0.111469
    ],
    "ImageOrientationText": "Tra>Cor(-6.4)>Sag(-0.0)",
    "ImageType": [
        "ORIGINAL",
        "PRIMARY",
        "M",
        "ND",
        "NORM",
        "MOSAIC"
    ],
    "ImagingFrequency": 123.238,
    "InPlanePhaseEncodingDirectionDICOM": "COL",
    "InstitutionAddress": "North Cherry Avenue 1230,Tucson,Denver,US,85719",
    "InstitutionName": "University of Arizona",
    "InstitutionalDepartmentName": "Department",
    "MRAcquisitionType": "2D",
    "MagneticFieldStrength": 3,
    "Manufacturer": "Siemens",
    "ManufacturersModelName": "Skyra",
    "Modality": "MR",
    "MultibandAccelerationFactor": 3,
    "NonlinearGradientCorrection": false,
    "ParallelReductionFactorInPlane": 2,
    "PartialFourier": 1,
    "PatientPosition": "HFS",
    "PercentPhaseFOV": 100,
    "PercentSampling": 100,
    "PhaseEncodingDirection": "j-",
    "PhaseEncodingSteps": 87,
    "PhaseResolution": 1,
    "PixelBandwidth": 2365,
    "ProcedureStepDescription": "Chen^PAN_COREE",
    "ProtocolName": "RS-FMRI-MB-high_resolution",
    "PulseSequenceDetails": "%SiemensSeq%\\ep2d_bold",
    "ReceiveCoilActiveElements": "HEA;HEP",
    "ReceiveCoilName": "Head_32",
    "ReconMatrixPE": 88,
    "RefLinesPE": 24,
    "RepetitionTime": 2,
    "SAR": 0.10046,
    "ScanOptions": "FS",
    "ScanningSequence": "EP",
    "SequenceName": "*epfid2d1_88",
    "SequenceVariant": "SK",
    "SeriesDescription": "RS-FMRI-MB-high_resolution",
    "SeriesNumber": 21,
    "ShimSetting": [
        8139,
        -13731,
        14974,
        7,
        17,
        -506,
        -524,
        -568
    ],
    "SliceThickness": 2.5,
    "SliceTiming": [
        0,
        1.0375,
        0.095,
        1.13,
        0.1875,
        1.225,
        0.2825,
        1.32,
        0.3775,
        1.415,
        0.47,
        1.5075,
        0.565,
        1.6025,
        0.66,
        1.6975,
        0.755,
        1.79,
        0.8475,
        1.885,
        0.9425,
        0,
        1.0375,
        0.095,
        1.13,
        0.1875,
        1.225,
        0.2825,
        1.32,
        0.3775,
        1.415,
        0.47,
        1.5075,
        0.565,
        1.6025,
        0.66,
        1.6975,
        0.755,
        1.79,
        0.8475,
        1.885,
        0.9425,
        0,
        1.0375,
        0.095,
        1.13,
        0.1875,
        1.225,
        0.2825,
        1.32,
        0.3775,
        1.415,
        0.47,
        1.5075,
        0.565,
        1.6025,
        0.66,
        1.6975,
        0.755,
        1.79,
        0.8475,
        1.885,
        0.9425
    ],
    "SoftwareVersions": "syngo MR E11",
    "SpacingBetweenSlices": 2.5,
    "StationName": "AWP45424",
    "TaskName": "rest",
    "TotalReadoutTime": 0.0256649,
    "TxRefAmp": 388.328
}