{
    "AcquisitionMatrixPE": 116,
    "AcquisitionNumber": 3,
    "AcquisitionTime": "15:42:38.045000",
    "BandwidthPerPixelPhaseEncode": 26.123,
    "BaseResolution": 116,
    "BodyPartExamined": "BRAIN",
    "CoilCombinationMethod": "Adaptive Combine",
    "ConsistencyInfo": "N4_VE11C_LATEST_20160120",
    "ConversionSoftware": "dcm2niix",
    "ConversionSoftwareVersion": "v1.0.20220720",
    "DerivedVendorReportedEchoSpacing": 0.000660008,
    "DeviceSerialNumber": "45424",
    "DiffusionScheme": "Monopolar",
    "DwellTime": 2.4e-06,
    "EchoTime": 0.091,
    "EchoTrainLength": 43,
    "EffectiveEchoSpacing": 0.000330004,
    "FlipAngle": 90,
    "ImageOrientationPatientDICOM": [
        0.994151,
        7.64538e-05,
        0.107997,
        2.71282e-08,
        1,
        -0.000708175
    ],
    "ImageOrientationText": "Tra>Sag(6.2)>Cor(-0.0)",
    "ImageType": [
        "ORIGINAL",
        "PRIMARY",
        "DIFFUSION",
        "NONE",
        "ND",
        "NORM"
    ],
    "ImagingFrequency": 123.238,
    "InPlanePhaseEncodingDirectionDICOM": "COL",
    "InstitutionAddress": "North Cherry Avenue 1230,Tucson,Denver,US,85719",
    "InstitutionName": "University of Arizona",
    "InstitutionalDepartmentName": "Department",
    "MRAcquisitionType": "2D",
    "MagneticFieldStrength": 3,
    "Manufacturer": "Siemens",
    "ManufacturersModelName": "Skyra",
    "Modality": "MR",
    "MultibandAccelerationFactor": 3,
    "NonlinearGradientCorrection": false,
    "ParallelReductionFactorInPlane": 2,
    "PartialFourier": 0.75,
    "PatientPosition": "HFS",
    "PercentPhaseFOV": 100,
    "PercentSampling": 100,
    "PhaseEncodingDirection": "j",
    "PhaseEncodingSteps": 86,
    "PhaseResolution": 1,
    "PixelBandwidth": 1795,
    "ProcedureStepDescription": "Chen^PAN_COREE",
    "ProtocolName": "DTI_MB_3SHELL RPE",
    "PulseSequenceDetails": "%SiemensSeq%\\ep2d_diff",
    "ReceiveCoilActiveElements": "HEA;HEP",
    "ReceiveCoilName": "Head_32",
    "ReconMatrixPE": 116,
    "RefLinesPE": 24,
    "RepetitionTime": 3.7,
    "SAR": 0.275633,
    "ScanOptions": "PFP\\FS",
    "ScanningSequence": "EP",
    "SequenceName": "*ep_b0",
    "SequenceVariant": "SK\\SP",
    "SeriesDescription": "DTI_MB_3SHELL RPE_ORIG",
    "SeriesNumber": 25,
    "ShimSetting": [
        8229,
        -13623,
        14997,
        15,
        61,
        87,
        -480,
        -323
    ],
    "SliceThickness": 2,
    "SliceTiming": [
        0,
        1.92188,
        0.15625,
        2.07812,
        0.3125,
        2.23438,
        0.48438,
        2.39062,
        0.64062,
        2.5625,
        0.79688,
        2.71875,
        0.95312,
        2.875,
        1.125,
        3.03125,
        1.28125,
        3.20312,
        1.4375,
        3.35938,
        1.59375,
        3.51562,
        1.76562,
        0,
        1.92188,
        0.15625,
        2.07812,
        0.3125,
        2.23438,
        0.48438,
        2.39062,
        0.64062,
        2.5625,
        0.79688,
        2.71875,
        0.95312,
        2.875,
        1.125,
        3.03125,
        1.28125,
        3.20312,
        1.4375,
        3.35938,
        1.59375,
        3.51562,
        1.76562,
        0,
        1.92188,
        0.15625,
        2.07812,
        0.3125,
        2.23438,
        0.48438,
        2.39062,
        0.64062,
        2.5625,
        0.79688,
        2.71875,
        0.95312,
        2.875,
        1.125,
        3.03125,
        1.28125,
        3.20312,
        1.4375,
        3.35938,
        1.59375,
        3.51562,
        1.76562
    ],
    "SoftwareVersions": "syngo MR E11",
    "SpacingBetweenSlices": 2,
    "SpoilingState": true,
    "StationName": "AWP45424",
    "TotalReadoutTime": 0.0379504,
    "TxRefAmp": 366.772,
    "IntendedFor": [
        "ses-01/func/sub-HML0466_ses-01_task-rest_bold.nii.gz",
        "ses-01/perf/sub-HML0466_ses-01_acq-prod_asl.nii.gz"
    ]
}