{
    "AcquisitionDuration": 522.107,
    "AcquisitionMatrixPE": 269,
    "AcquisitionNumber": 1,
    "AcquisitionTime": "10:46:14.732500",
    "BaseResolution": 384,
    "BodyPartExamined": "BRAIN",
    "CoilCombinationMethod": "Adaptive Combine",
    "CoilString": "Head_32",
    "ConversionSoftware": "dcm2niix",
    "ConversionSoftwareVersion": "v1.0.20220720",
    "DeviceSerialNumber": "45424",
    "DwellTime": 4.7e-06,
    "EchoNumber": 3,
    "EchoTime": 0.01453,
    "EchoTime1": 0.00671,
    "EchoTime2": 0.01062,
    "EchoTrainLength": 5,
    "FlipAngle": 15,
    "ImageOrientationPatientDICOM": [
        0.998918,
        1.7833e-05,
        0.046511,
        -3.553e-12,
        1,
        -0.000383415
    ],
    "ImageType": [
        "ORIGINAL",
        "PRIMARY",
        "P",
        "NONE",
        "PHASE"
    ],
    "ImageTypeText": [
        "ORIGINAL",
        "PRIMARY",
        "P",
        "DIS3D",
        "DIS2D"
    ],
    "ImagingFrequency": 123.221,
    "InPlanePhaseEncodingDirectionDICOM": "ROW",
    "InstitutionAddress": "North Cherry Avenue 1230,Tucson,Denver,US,85721",
    "InstitutionName": "University of Arizona",
    "MRAcquisitionType": "3D",
    "MTState": false,
    "MagneticFieldStrength": 3,
    "Manufacturer": "Siemens",
    "ManufacturersModelName": "MAGNETOM Skyra",
    "MatrixCoilMode": "GRAPPA",
    "Modality": "MR",
    "NonlinearGradientCorrection": true,
    "ParallelAcquisitionTechnique": "GRAPPA",
    "ParallelReductionFactorInPlane": 2,
    "PartialFourier": 1,
    "PatientPosition": "HFS",
    "PercentPhaseFOV": 100,
    "PercentSampling": 70,
    "PhaseEncodingDirection": "i",
    "PhaseResolution": 0.7,
    "PixelBandwidth": 277,
    "ProtocolName": "Axial 3D ME T2 GRE",
    "PulseSequenceDetails": "%SiemensSeq%\\gre",
    "PulseSequenceName": "*fl3d5r",
    "ReceiveCoilActiveElements": "HEA;HEP",
    "ReceiveCoilName": "Head_32",
    "ReconMatrixPE": 384,
    "RefLinesPE": 24,
    "RepetitionTime": 0.037,
    "ScanOptions": "SAT1",
    "ScanningSequence": "GR",
    "SequenceVariant": "SP\\OSP",
    "SeriesDescription": "Axial 3D ME T2 GRE",
    "SeriesNumber": 28,
    "ShimSetting": [
        8234,
        -13778,
        14884,
        69,
        -223,
        -609,
        -292,
        -775
    ],
    "SliceThickness": 1.8,
    "SoftwareVersions": "syngo MR XA30",
    "StationName": "AWP45424",
    "TxRefAmp": 347.165,
    "Units": "arbitrary"
}