{
    "Modality": "MR",
    "MagneticFieldStrength": 3,
    "ImagingFrequency": 127.769,
    "Manufacturer": "Philips",
    "ManufacturersModelName": "Ingenia Elition X",
    "DeviceSerialNumber": "45002",
    "BodyPartExamined": "BRAIN",
    "PatientPosition": "HFS",
    "SoftwareVersions": "5.7.1\\5.7.1.0",
    "MRAcquisitionType": "2D",
    "SeriesDescription": "HighResHippoObliqueperpenHIPPO",
    "ProtocolName": "WIP HighResHippoObliqueperpenHIPPO",
    "ScanningSequence": "SE",
    "SequenceVariant": "SK",
    "ScanOptions": "FC",
    "PulseSequenceName": "TSE",
    "ImageType": [
        "ORIGINAL",
        "PRIMARY",
        "T2",
        "NONE"
    ],
    "SeriesNumber": 1001,
    "AcquisitionTime": "11:50:1.800000",
    "AcquisitionNumber": 10,
    "PhilipsRescaleSlope": 5.36215,
    "PhilipsRescaleIntercept": 0,
    "PhilipsScaleSlope": 0.223098,
    "UsePhilipsFloatNotDisplayScaling": 1,
    "SliceThickness": 2,
    "SpacingBetweenSlices": 2,
    "NumberOfAverages": 2,
    "EchoTime": 0.051,
    "RepetitionTime": 5.435,
    "MTState": false,
    "FlipAngle": 130,
    "CoilString": "MULTI COIL",
    "PercentPhaseFOV": 100,
    "PercentSampling": 100.202,
    "EchoTrainLength": 14,
    "PhaseEncodingSteps": 443,
    "AcquisitionMatrixPE": 443,
    "ReconMatrixPE": 480,
    "ParallelReductionFactorInPlane": 2.5,
    "ParallelAcquisitionTechnique": "SENSE",
    "WaterFatShift": 2.54562,
    "EstimatedEffectiveEchoSpacing": 1.1418e-05,
    "EstimatedTotalReadoutTime": 0.00546924,
    "AcquisitionDuration": 315.23,
    "PixelBandwidth": 170.651,
    "PhaseEncodingAxis": "i",
    "ImageOrientationPatientDICOM": [
        0.991555,
        -0.0268086,
        0.126885,
        0.128302,
        0.345395,
        -0.929646
    ],
    "InPlanePhaseEncodingDirectionDICOM": "ROW",
    "ConversionSoftware": "dcm2niix",
    "ConversionSoftwareVersion": "v1.0.20220720",
    "Dcm2bidsVersion": "2.1.6"
}