{
    "Modality": "MR",
    "MagneticFieldStrength": 3,
    "ImagingFrequency": 123.255,
    "Manufacturer": "Siemens",
    "ManufacturersModelName": "MAGNETOM Prisma Fit",
    "InstitutionName": "GSU/GT Center for Advanced Brain Imaging",
    "InstitutionAddress": "Marietta St. NW 831,Atlanta,Southeast,US,30318",
    "DeviceSerialNumber": "167063",
    "StationName": "AWP167063",
    "BodyPartExamined": "BRAIN",
    "PatientPosition": "HFS",
    "ProcedureStepDescription": "VCALHOUN^PAN_HML_1341349",
    "SoftwareVersions": "syngo MR XA30",
    "MRAcquisitionType": "2D",
    "SeriesDescription": "RS-FMRI-MB-high_resolution",
    "ProtocolName": "RS-FMRI-MB-high_resolution",
    "ScanningSequence": "EP",
    "SequenceVariant": "SK",
    "ScanOptions": "FS",
    "PulseSequenceName": "*epfid2d1_88",
    "ImageType": [
        "ORIGINAL",
        "PRIMARY",
        "FMRI",
        "NONE"
    ],
    "ImageTypeText": [
        "ORIGINAL",
        "PRIMARY",
        "M",
        "ND",
        "NORM"
    ],
    "NonlinearGradientCorrection": false,
    "SeriesNumber": 14,
    "AcquisitionTime": "11:06:30.005000",
    "AcquisitionNumber": 1,
    "SliceThickness": 2.5,
    "SpacingBetweenSlices": 2.5,
    "EchoTime": 0.03,
    "RepetitionTime": 2,
    "MTState": false,
    "FlipAngle": 77,
    "PartialFourier": 1,
    "BaseResolution": 88,
    "ShimSetting": [
        3649,
        -5525,
        -5845,
        406,
        -4,
        -62,
        -65,
        -56
    ],
    "TxRefAmp": 236.226,
    "PhaseResolution": 1,
    "ReceiveCoilName": "Head_32",
    "ReceiveCoilActiveElements": "HEA;HEP",
    "CoilString": "Head_32",
    "PulseSequenceDetails": "%SiemensSeq%\\ep2d_bold",
    "RefLinesPE": 24,
    "CoilCombinationMethod": "Sum of Squares",
    "MultibandAccelerationFactor": 3,
    "PercentPhaseFOV": 100,
    "PercentSampling": 100,
    "EchoTrainLength": 43,
    "AcquisitionMatrixPE": 88,
    "ReconMatrixPE": 88,
    "BandwidthPerPixelPhaseEncode": 38.521,
    "ParallelReductionFactorInPlane": 2,
    "ParallelAcquisitionTechnique": "SMS",
    "EffectiveEchoSpacing": 0.000294998,
    "DerivedVendorReportedEchoSpacing": 0.000589997,
    "AcquisitionDuration": 612.887,
    "TotalReadoutTime": 0.0256649,
    "PixelBandwidth": 2367,
    "DwellTime": 2.4e-06,
    "PhaseEncodingDirection": "j-",
    "SliceTiming": [
        0,
        1.0375,
        0.095,
        1.1325,
        0.19,
        1.2275,
        0.285,
        1.32,
        0.3775,
        1.415,
        0.4725,
        1.51,
        0.5675,
        1.605,
        0.66,
        1.6975,
        0.755,
        1.7925,
        0.85,
        1.8875,
        0.945,
        0,
        1.0375,
        0.095,
        1.1325,
        0.19,
        1.2275,
        0.285,
        1.32,
        0.3775,
        1.415,
        0.4725,
        1.51,
        0.5675,
        1.605,
        0.66,
        1.6975,
        0.755,
        1.7925,
        0.85,
        1.8875,
        0.945,
        0,
        1.0375,
        0.095,
        1.1325,
        0.19,
        1.2275,
        0.285,
        1.32,
        0.3775,
        1.415,
        0.4725,
        1.51,
        0.5675,
        1.605,
        0.66,
        1.6975,
        0.755,
        1.7925,
        0.85,
        1.8875,
        0.945
    ],
    "ImageOrientationPatientDICOM": [
        1,
        0,
        0,
        0,
        1,
        0
    ],
    "InPlanePhaseEncodingDirectionDICOM": "COL",
    "ConversionSoftware": "dcm2niix",
    "ConversionSoftwareVersion": "v1.0.20220720",
    "Dcm2bidsVersion": "2.1.6",
    "TaskName": "rest"
}