{
  "AcquisitionMatrixPE": 269,
  "AcquisitionNumber": 1,
  "AcquisitionTime": "10:44:2.985000",
  "BaseResolution": 384,
  "BodyPartExamined": "BRAIN",
  "CoilCombinationMethod": "Adaptive Combine",
  "ConsistencyInfo": "N4_VE11C_LATEST_20160120",
  "ConversionSoftware": "dcm2niix",
  "ConversionSoftwareVersion": "v1.0.20220720",
  "DeviceSerialNumber": "45424",
  "DwellTime": 4.7e-06,
  "EchoNumber": 2,
  "EchoTime": 0.01062,
  "EchoTrainLength": 5,
  "FlipAngle": 15,
  "ImageOrientationPatientDICOM": [
    1,
    3.89649e-06,
    -9.70143e-05,
    -4.941e-12,
    0.999194,
    0.0401317
  ],
  "ImageOrientationText": "Tra>Cor(2.3)>Sag(-0.0)",
  "ImageType": [
    "ORIGINAL",
    "PRIMARY",
    "M",
    "NORM",
    "DIS3D",
    "DIS2D"
  ],
  "ImagingFrequency": 123.238,
  "InPlanePhaseEncodingDirectionDICOM": "ROW",
  "InstitutionAddress": "North Warren Ave 1609,Tucson,Denver,US,85719",
  "InstitutionName": "University of Arizona",
  "InstitutionalDepartmentName": "Department",
  "MRAcquisitionType": "3D",
  "MagneticFieldStrength": 3,
  "Manufacturer": "Siemens",
  "ManufacturersModelName": "Skyra",
  "MatrixCoilMode": "GRAPPA",
  "Modality": "MR",
  "NonlinearGradientCorrection": true,
  "ParallelReductionFactorInPlane": 2,
  "PartialFourier": 1,
  "PatientPosition": "HFS",
  "PercentPhaseFOV": 100,
  "PercentSampling": 70,
  "PhaseEncodingDirection": "i",
  "PhaseEncodingSteps": 269,
  "PhaseResolution": 0.7,
  "PixelBandwidth": 275,
  "ProcedureStepDescription": "Chen^PAN_COREE",
  "ProtocolName": "Axial 3D ME T2 GRE",
  "PulseSequenceDetails": "%SiemensSeq%\\gre",
  "ReceiveCoilActiveElements": "HEA;HEP",
  "ReceiveCoilName": "Head_32",
  "ReconMatrixPE": 384,
  "RefLinesPE": 24,
  "RepetitionTime": 0.037,
  "SAR": 0.249935,
  "ScanOptions": "SAT1",
  "ScanningSequence": "GR",
  "SequenceName": "*fl3d5r",
  "SequenceVariant": "SP\\OSP",
  "SeriesDescription": "Axial 3D ME T2 GRE",
  "SeriesNumber": 22,
  "ShimSetting": [
    8108,
    -13769,
    14993,
    -116,
    25,
    -395,
    -17,
    -574
  ],
  "SliceThickness": 1.8,
  "SoftwareVersions": "syngo MR E11",
  "StationName": "AWP45424",
  "TxRefAmp": 407.741
}