{
    "AcquisitionDuration": 541.52,
    "AcquisitionMatrixPE": 116,
    "AcquisitionNumber": 3,
    "AcquisitionTime": "15:06:41.417500",
    "BandwidthPerPixelPhaseEncode": 26.123,
    "BaseResolution": 116,
    "BodyPartExamined": "BRAIN",
    "CoilCombinationMethod": "Adaptive Combine",
    "CoilString": "Head_32",
    "ConversionSoftware": "dcm2niix",
    "ConversionSoftwareVersion": "v1.0.20220720",
    "DerivedVendorReportedEchoSpacing": 0.000660008,
    "DeviceSerialNumber": "45424",
    "DiffusionScheme": "Monopolar",
    "DwellTime": 2.4e-06,
    "EchoTime": 0.091,
    "EchoTrainLength": 43,
    "EffectiveEchoSpacing": 0.000330004,
    "FlipAngle": 90,
    "ImageOrientationPatientDICOM": [
        1,
        -1.96483e-10,
        -5.26469e-09,
        -1.96483e-10,
        0.997218,
        -0.074538
    ],
    "ImageType": [
        "ORIGINAL",
        "PRIMARY",
        "DIFFUSION",
        "NONE"
    ],
    "ImageTypeText": [
        "ORIGINAL",
        "PRIMARY",
        "DIFFUSION",
        "NONE",
        "ND",
        "NORM"
    ],
    "ImagingFrequency": 123.221,
    "InPlanePhaseEncodingDirectionDICOM": "COL",
    "InstitutionAddress": "North Cherry Avenue 1230,Tucson,Denver,US,85721",
    "InstitutionName": "University of Arizona",
    "MRAcquisitionType": "2D",
    "MTState": false,
    "MagneticFieldStrength": 3,
    "Manufacturer": "Siemens",
    "ManufacturersModelName": "MAGNETOM Skyra",
    "Modality": "MR",
    "MultibandAccelerationFactor": 3,
    "NonlinearGradientCorrection": false,
    "ParallelAcquisitionTechnique": "SMS",
    "ParallelReductionFactorInPlane": 2,
    "PartialFourier": 0.75,
    "PartialFourierDirection": "PHASE",
    "PatientPosition": "HFS",
    "PercentPhaseFOV": 100,
    "PercentSampling": 100,
    "PhaseEncodingDirection": "j-",
    "PhaseResolution": 1,
    "PixelBandwidth": 1796,
    "ProtocolName": "DTI_MB_3SHELL_mono_TE91",
    "PulseSequenceDetails": "%SiemensSeq%\\ep2d_diff",
    "PulseSequenceName": "*epse2d1_116",
    "ReceiveCoilActiveElements": "HEA;HEP",
    "ReceiveCoilName": "Head_32",
    "ReconMatrixPE": 116,
    "RefLinesPE": 24,
    "RepetitionTime": 3.7,
    "ScanOptions": "PFP\\FS",
    "ScanningSequence": "EP",
    "SequenceVariant": "SK\\SP",
    "SeriesDescription": "DTI_MB_3SHELL_mono_TE91_ORIG",
    "SeriesNumber": 9,
    "ShimSetting": [
        8254,
        -13617,
        14933,
        138,
        114,
        22,
        -265,
        -582
    ],
    "SliceThickness": 2,
    "SliceTiming": [
        0,
        1.92,
        0.16,
        2.08,
        0.32,
        2.24,
        0.48,
        2.4,
        0.64,
        2.56,
        0.8,
        2.72,
        0.96,
        2.88,
        1.12,
        3.04,
        1.28,
        3.2,
        1.44,
        3.36,
        1.6,
        3.52,
        1.76,
        0,
        1.92,
        0.16,
        2.08,
        0.32,
        2.24,
        0.48,
        2.4,
        0.64,
        2.56,
        0.8,
        2.72,
        0.96,
        2.88,
        1.12,
        3.04,
        1.28,
        3.2,
        1.44,
        3.36,
        1.6,
        3.52,
        1.76,
        0,
        1.92,
        0.16,
        2.08,
        0.32,
        2.24,
        0.48,
        2.4,
        0.64,
        2.56,
        0.8,
        2.72,
        0.96,
        2.88,
        1.12,
        3.04,
        1.28,
        3.2,
        1.44,
        3.36,
        1.6,
        3.52,
        1.76
    ],
    "SoftwareVersions": "syngo MR XA30",
    "SpacingBetweenSlices": 2,
    "StationName": "AWP45424",
    "TotalReadoutTime": 0.0379504,
    "TxRefAmp": 359.755,
    "IntendedFor": [
        "ses-follow02/func/sub-HML0095_ses-follow02_task-rest_bold.nii.gz",
        "ses-follow02/perf/sub-HML0095_ses-follow02_acq-pcasl1260_dir-AP_asl.nii.gz",
        "ses-follow02/perf/sub-HML0095_ses-follow02_acq-pcasl1500_dir-PA_asl.nii.gz",
        "ses-follow02/perf/sub-HML0095_ses-follow02_acq-pcasl1800_dir-AP_asl.nii.gz",
        "ses-follow02/perf/sub-HML0095_ses-follow02_acq-pcasl2100_dir-PA_asl.nii.gz",
        "ses-follow02/perf/sub-HML0095_ses-follow02_acq-pcasl2500_dir-AP_asl.nii.gz",
        "ses-follow02/perf/sub-HML0095_ses-follow02_acq-pcasl3000_dir-PA_asl.nii.gz",
        "ses-follow02/perf/sub-HML0095_ses-follow02_acq-prod_asl.nii.gz"
    ]
}