{
  "AcquisitionDuration": 61.52,
  "AcquisitionMatrixPE": 116,
  "AcquisitionNumber": 3,
  "AcquisitionTime": "13:40:5.757500",
  "BandwidthPerPixelPhaseEncode": 26.123,
  "BaseResolution": 116,
  "BodyPartExamined": "BRAIN",
  "CoilCombinationMethod": "Adaptive Combine",
  "CoilString": "Head_32",
  "ConversionSoftware": "dcm2niix",
  "ConversionSoftwareVersion": "v1.0.20220720",
  "DerivedVendorReportedEchoSpacing": 0.000660008,
  "DeviceSerialNumber": "45424",
  "DiffusionScheme": "Monopolar",
  "DwellTime": 2.4e-06,
  "EchoTime": 0.091,
  "EchoTrainLength": 43,
  "EffectiveEchoSpacing": 0.000330004,
  "FlipAngle": 90,
  "ImageOrientationPatientDICOM": [
    0.999196,
    -0.00634699,
    -0.0395935,
    2.40473e-08,
    0.987394,
    -0.158282
  ],
  "ImageType": [
    "ORIGINAL",
    "PRIMARY",
    "DIFFUSION",
    "NONE"
  ],
  "ImageTypeText": [
    "ORIGINAL",
    "PRIMARY",
    "DIFFUSION",
    "NONE",
    "ND",
    "NORM"
  ],
  "ImagingFrequency": 123.221,
  "InPlanePhaseEncodingDirectionDICOM": "COL",
  "InstitutionAddress": "North Cherry Avenue 1230,Tucson,Denver,US,85721",
  "InstitutionName": "University of Arizona",
  "MRAcquisitionType": "2D",
  "MTState": false,
  "MagneticFieldStrength": 3,
  "Manufacturer": "Siemens",
  "ManufacturersModelName": "MAGNETOM Skyra",
  "Modality": "MR",
  "MultibandAccelerationFactor": 3,
  "NonlinearGradientCorrection": false,
  "ParallelAcquisitionTechnique": "SMS",
  "ParallelReductionFactorInPlane": 2,
  "PartialFourier": 0.75,
  "PartialFourierDirection": "PHASE",
  "PatientPosition": "HFS",
  "PercentPhaseFOV": 100,
  "PercentSampling": 100,
  "PhaseEncodingDirection": "j",
  "PhaseResolution": 1,
  "PixelBandwidth": 1796,
  "ProtocolName": "DTI_MB_3SHELL RPE",
  "PulseSequenceDetails": "%SiemensSeq%\\ep2d_diff",
  "PulseSequenceName": "*epse2d1_116",
  "ReceiveCoilActiveElements": "HEA;HEP",
  "ReceiveCoilName": "Head_32",
  "ReconMatrixPE": 116,
  "RefLinesPE": 24,
  "RepetitionTime": 3.7,
  "ScanOptions": "PFP\\FS",
  "ScanningSequence": "EP",
  "SequenceVariant": "SK\\SP",
  "SeriesDescription": "DTI_MB_3SHELL RPE_ORIG",
  "SeriesNumber": 18,
  "ShimSetting": [
    8256,
    -13847,
    14938,
    229,
    219,
    -784,
    37,
    -642
  ],
  "SliceThickness": 2,
  "SliceTiming": [
    0,
    1.9175,
    0.16,
    2.0775,
    0.32,
    2.2375,
    0.48,
    2.3975,
    0.639998,
    2.5575,
    0.799998,
    2.7175,
    0.959998,
    2.8775,
    1.1175,
    3.0375,
    1.2775,
    3.1975,
    1.4375,
    3.3575,
    1.5975,
    3.5175,
    1.7575,
    0,
    1.9175,
    0.16,
    2.0775,
    0.32,
    2.2375,
    0.48,
    2.3975,
    0.639998,
    2.5575,
    0.799998,
    2.7175,
    0.959998,
    2.8775,
    1.1175,
    3.0375,
    1.2775,
    3.1975,
    1.4375,
    3.3575,
    1.5975,
    3.5175,
    1.7575,
    0,
    1.9175,
    0.16,
    2.0775,
    0.32,
    2.2375,
    0.48,
    2.3975,
    0.639998,
    2.5575,
    0.799998,
    2.7175,
    0.959998,
    2.8775,
    1.1175,
    3.0375,
    1.2775,
    3.1975,
    1.4375,
    3.3575,
    1.5975,
    3.5175,
    1.7575
  ],
  "SoftwareVersions": "syngo MR XA30",
  "SpacingBetweenSlices": 2,
  "StationName": "AWP45424",
  "TotalReadoutTime": 0.0379504,
  "TxRefAmp": 356.189,
  "IntendedFor": "ses-01/dwi/sub-HML1317_ses-01_dwi.nii.gz"
}