{
  "AcquisitionMatrixPE": 116,
  "AcquisitionNumber": 3,
  "AcquisitionTime": "09:06:27.302500",
  "BandwidthPerPixelPhaseEncode": 26.123,
  "BaseResolution": 116,
  "BodyPartExamined": "BRAIN",
  "CoilCombinationMethod": "Adaptive Combine",
  "ConsistencyInfo": "N4_VE11C_LATEST_20160120",
  "ConversionSoftware": "dcm2niix",
  "ConversionSoftwareVersion": "v1.0.20220720",
  "DerivedVendorReportedEchoSpacing": 0.000660008,
  "DeviceSerialNumber": "45424",
  "DiffusionScheme": "Monopolar",
  "DwellTime": 2.4e-06,
  "EchoTime": 0.091,
  "EchoTrainLength": 43,
  "EffectiveEchoSpacing": 0.000330004,
  "FlipAngle": 90,
  "ImageOrientationPatientDICOM": [
    1,
    0,
    0,
    0,
    1,
    0
  ],
  "ImageOrientationText": "Tra",
  "ImageType": [
    "ORIGINAL",
    "PRIMARY",
    "DIFFUSION",
    "NONE",
    "ND",
    "NORM"
  ],
  "ImagingFrequency": 123.238,
  "InPlanePhaseEncodingDirectionDICOM": "COL",
  "InstitutionAddress": "North Warren Ave 1609,Tucson,Denver,US,85719",
  "InstitutionName": "University of Arizona",
  "InstitutionalDepartmentName": "Department",
  "MRAcquisitionType": "2D",
  "MagneticFieldStrength": 3,
  "Manufacturer": "Siemens",
  "ManufacturersModelName": "Skyra",
  "Modality": "MR",
  "MultibandAccelerationFactor": 3,
  "NonlinearGradientCorrection": false,
  "ParallelReductionFactorInPlane": 2,
  "PartialFourier": 0.75,
  "PatientPosition": "HFS",
  "PercentPhaseFOV": 100,
  "PercentSampling": 100,
  "PhaseEncodingDirection": "j",
  "PhaseEncodingSteps": 86,
  "PhaseResolution": 1,
  "PixelBandwidth": 1795,
  "ProcedureStepDescription": "Chen^PAN_COREE",
  "ProtocolName": "DTI_MB_3SHELL RPE",
  "PulseSequenceDetails": "%SiemensSeq%\\ep2d_diff",
  "ReceiveCoilActiveElements": "HEA;HEP",
  "ReceiveCoilName": "Head_32",
  "ReconMatrixPE": 116,
  "RefLinesPE": 24,
  "RepetitionTime": 3.7,
  "SAR": 0.26121,
  "ScanOptions": "PFP\\FS",
  "ScanningSequence": "EP",
  "SequenceName": "*ep_b0",
  "SequenceVariant": "SK\\SP",
  "SeriesDescription": "DTI_MB_3SHELL RPE_ORIG",
  "SeriesNumber": 24,
  "ShimSetting": [
    8120,
    -13646,
    15023,
    -39,
    -66,
    54,
    -345,
    -406
  ],
  "SliceThickness": 2,
  "SliceTiming": [
    0,
    1.91406,
    0.15625,
    2.07812,
    0.32031,
    2.23438,
    0.47656,
    2.39844,
    0.64062,
    2.55469,
    0.79688,
    2.71875,
    0.96094,
    2.875,
    1.11719,
    3.03906,
    1.28125,
    3.19531,
    1.4375,
    3.35938,
    1.60156,
    3.51562,
    1.75781,
    0,
    1.91406,
    0.15625,
    2.07812,
    0.32031,
    2.23438,
    0.47656,
    2.39844,
    0.64062,
    2.55469,
    0.79688,
    2.71875,
    0.96094,
    2.875,
    1.11719,
    3.03906,
    1.28125,
    3.19531,
    1.4375,
    3.35938,
    1.60156,
    3.51562,
    1.75781,
    0,
    1.91406,
    0.15625,
    2.07812,
    0.32031,
    2.23438,
    0.47656,
    2.39844,
    0.64062,
    2.55469,
    0.79688,
    2.71875,
    0.96094,
    2.875,
    1.11719,
    3.03906,
    1.28125,
    3.19531,
    1.4375,
    3.35938,
    1.60156,
    3.51562,
    1.75781
  ],
  "SoftwareVersions": "syngo MR E11",
  "SpacingBetweenSlices": 2,
  "SpoilingState": true,
  "StationName": "AWP45424",
  "TotalReadoutTime": 0.0379504,
  "TxRefAmp": 330.029,
  "IntendedFor": "ses-01/dwi/sub-HML0054_ses-01_dwi.nii.gz"
}