{
  "AcquisitionDuration": 100,
  "AcquisitionMatrixPE": 62,
  "AcquisitionNumber": 1,
  "AcquisitionTime": "09:17:9.512500",
  "ArterialSpinLabelingType": "PASL",
  "BaseResolution": 64,
  "BodyPartExamined": "BRAIN",
  "CoilCombinationMethod": "Adaptive Combine",
  "CoilString": "Head_32",
  "ConversionSoftware": "dcm2niix",
  "ConversionSoftwareVersion": "v1.0.20220720",
  "DeviceSerialNumber": "45424",
  "DwellTime": 3.2e-06,
  "EchoTime": 0.0206,
  "EchoTrainLength": 31,
  "FlipAngle": 180,
  "ImageOrientationPatientDICOM": [
    0.996862,
    -0.0791607,
    0,
    0.0791607,
    0.996862,
    0
  ],
  "ImageType": [
    "ORIGINAL",
    "PRIMARY",
    "ASL",
    "NONE"
  ],
  "ImageTypeText": [
    "ORIGINAL",
    "PRIMARY",
    "ASL",
    "NONE",
    "NORM",
    "DIS3D",
    "DIS2D"
  ],
  "ImagingFrequency": 123.221,
  "InPlanePhaseEncodingDirectionDICOM": "COL",
  "InstitutionAddress": "North Cherry Avenue 1230,Tucson,Denver,US,85721",
  "InstitutionName": "University of Arizona",
  "Interpolation2D": 1,
  "MRAcquisitionType": "3D",
  "MTState": false,
  "MagneticFieldStrength": 3,
  "Manufacturer": "Siemens",
  "ManufacturersModelName": "MAGNETOM Skyra",
  "MatrixCoilMode": "SENSE",
  "Modality": "MR",
  "NonlinearGradientCorrection": true,
  "PartialFourier": 1,
  "PatientPosition": "HFS",
  "PercentPhaseFOV": 100,
  "PercentSampling": 96.875,
  "PhaseEncodingDirection": "j-",
  "PhaseResolution": 0.96875,
  "PixelBandwidth": 2441,
  "PostLabelDelay": 0.01,
  "ProtocolName": "PASL_PRODUCT_PLD-2750 MO",
  "PulseSequenceDetails": "%SiemensSeq%\\tgse_asl",
  "PulseSequenceName": "*tgse3d1_5952",
  "ReceiveCoilActiveElements": "HEA;HEP",
  "ReceiveCoilName": "Head_32",
  "ReconMatrixPE": 128,
  "RepetitionTime": 4,
  "ScanOptions": "FS",
  "ScanningSequence": "EP",
  "SequenceVariant": "SK",
  "SeriesDescription": "PASL_PRODUCT_PLD-2750 MO",
  "SeriesNumber": 19,
  "ShimSetting": [
    8255,
    -13710,
    14854,
    321,
    114,
    -402,
    -309,
    -443
  ],
  "SliceThickness": 4.5,
  "SoftwareVersions": "syngo MR XA30",
  "StationName": "AWP45424",
  "TxRefAmp": 352.813,
  "IntendedFor": "ses-follow01/perf/sub-HML0083_ses-follow01_acq-prod_asl.nii.gz",
  "RepetitionTimePreparation": 4
}