{
    "Modality": "MR",
    "MagneticFieldStrength": 3,
    "ImagingFrequency": 123.253,
    "Manufacturer": "Siemens",
    "ManufacturersModelName": "MAGNETOM Vida",
    "InstitutionName": "Cox Annex",
    "InstitutionAddress": "San Amaro Dr,\r\n5151,\r\nCoral Gables,\r\nFlorida,\r\nUS,\r\n33146",
    "DeviceSerialNumber": "176047",
    "StationName": "AWP176047",
    "BodyPartExamined": "BRAIN",
    "PatientPosition": "HFS",
    "ProcedureStepDescription": "Rundek ROUTINE",
    "SoftwareVersions": "syngo MR XA20",
    "MRAcquisitionType": "2D",
    "SeriesDescription": "DTI_MB_3SHELL_mono_TE91_ORIG",
    "ProtocolName": "DTI_MB_3SHELL_mono_TE91",
    "ScanningSequence": "GR\\EP",
    "SequenceVariant": "SK",
    "ScanOptions": "PFP\\FS\\PER",
    "SequenceName": "*ep_b0",
    "ImageType": [
        "ORIGINAL",
        "PRIMARY",
        "DIFFUSION",
        "NONE",
        "ND",
        "NORM",
        "MFSPLIT"
    ],
    "ImageTypeText": [
        "ORIGINAL",
        "PRIMARY",
        "DIFFUSION",
        "NONE"
    ],
    "NonlinearGradientCorrection": false,
    "SeriesNumber": 5001,
    "AcquisitionTime": "14:47:31.247500",
    "AcquisitionNumber": 1,
    "SliceThickness": 2,
    "SpacingBetweenSlices": 2,
    "SAR": 0.276807,
    "EchoTime": 0.091,
    "RepetitionTime": 3.7,
    "FlipAngle": 90,
    "PartialFourier": 0.75,
    "BaseResolution": 116,
    "ShimSetting": [
        8947,
        3314,
        -8775,
        317,
        92,
        -382,
        243,
        262
    ],
    "DiffusionScheme": "Monopolar",
    "TxRefAmp": 423.759,
    "PhaseResolution": 1,
    "ReceiveCoilName": "HeadNeck_20_TCS",
    "ReceiveCoilActiveElements": "HE1-4",
    "CoilString": "HeadNeck_20_TCS",
    "PulseSequenceDetails": "%SiemensSeq%\\ep2d_diff",
    "RefLinesPE": 24,
    "CoilCombinationMethod": "Adaptive Combine",
    "MultibandAccelerationFactor": 3,
    "PercentPhaseFOV": 100,
    "PercentSampling": 100,
    "EchoTrainLength": 43,
    "PhaseEncodingSteps": 116,
    "AcquisitionMatrixPE": 116,
    "ReconMatrixPE": 116,
    "BandwidthPerPixelPhaseEncode": 26.123,
    "ParallelReductionFactorInPlane": 2,
    "EffectiveEchoSpacing": 0.000330004,
    "DerivedVendorReportedEchoSpacing": 0.000660008,
    "TotalReadoutTime": 0.0379504,
    "PixelBandwidth": 1796,
    "DwellTime": 2.4e-06,
    "PhaseEncodingDirection": "j-",
    "SliceTiming": [
        0,
        1.92,
        0.16,
        2.08,
        0.32,
        2.24,
        0.48,
        2.4,
        0.64,
        2.56,
        0.8,
        2.72,
        0.96,
        2.88,
        1.12,
        3.04,
        1.28,
        3.2,
        1.44,
        3.36,
        1.6,
        3.52,
        1.76,
        0,
        1.92,
        0.16,
        2.08,
        0.32,
        2.24,
        0.48,
        2.4,
        0.64,
        2.56,
        0.8,
        2.72,
        0.96,
        2.88,
        1.12,
        3.04,
        1.28,
        3.2,
        1.44,
        3.36,
        1.6,
        3.52,
        1.76,
        0,
        1.92,
        0.16,
        2.08,
        0.32,
        2.24,
        0.48,
        2.4,
        0.64,
        2.56,
        0.8,
        2.72,
        0.96,
        2.88,
        1.12,
        3.04,
        1.28,
        3.2,
        1.44,
        3.36,
        1.6,
        3.52,
        1.76
    ],
    "ImageOrientationPatientDICOM": [
        1,
        0,
        0,
        0,
        1,
        0
    ],
    "InPlanePhaseEncodingDirectionDICOM": "COL",
    "ConversionSoftware": "dcm2niix",
    "ConversionSoftwareVersion": "v1.0.20220720",
    "Dcm2bidsVersion": "2.1.6",
    "IntendedFor": [
        "ses-01/func/sub-HML0133_ses-01_task-rest_bold.nii.gz",
        "ses-01/perf/sub-HML0133_ses-01_acq-prod_asl.nii.gz"
    ]
}