{
    "Modality": "MR",
    "MagneticFieldStrength": 3,
    "ImagingFrequency": 123.253,
    "Manufacturer": "Siemens",
    "ManufacturersModelName": "MAGNETOM Vida",
    "InstitutionName": "Cox Annex",
    "InstitutionAddress": "San Amaro Dr,\r\n5151,\r\nCoral Gables,\r\nFlorida,\r\nUS,\r\n33146",
    "DeviceSerialNumber": "176047",
    "StationName": "AWP176047",
    "BodyPartExamined": "BRAIN",
    "PatientPosition": "HFS",
    "ProcedureStepDescription": "Rundek ROUTINE",
    "SoftwareVersions": "syngo MR XA20",
    "MRAcquisitionType": "2D",
    "SeriesDescription": "DTI_MB_3SHELL RPE_ORIG",
    "ProtocolName": "DTI_MB_3SHELL RPE",
    "ScanningSequence": "EP",
    "SequenceVariant": "SK\\SP",
    "ScanOptions": "PFP\\FS",
    "PulseSequenceName": "*epse2d1_116",
    "ImageType": [
        "ORIGINAL",
        "PRIMARY",
        "DIFFUSION",
        "NONE"
    ],
    "ImageTypeText": [
        "ORIGINAL",
        "PRIMARY",
        "DIFFUSION",
        "NONE",
        "ND",
        "NORM"
    ],
    "NonlinearGradientCorrection": false,
    "SeriesNumber": 14,
    "AcquisitionTime": "16:28:41.810000",
    "AcquisitionNumber": 3,
    "SliceThickness": 2,
    "SpacingBetweenSlices": 2,
    "EchoTime": 0.091,
    "RepetitionTime": 3.7,
    "MTState": false,
    "FlipAngle": 90,
    "PartialFourier": 0.75,
    "BaseResolution": 116,
    "ShimSetting": [
        8957,
        3355,
        -8782,
        587,
        -35,
        79,
        157,
        279
    ],
    "DiffusionScheme": "Monopolar",
    "TxRefAmp": 393.582,
    "PhaseResolution": 1,
    "ReceiveCoilName": "HeadNeck_20_TCS",
    "ReceiveCoilActiveElements": "HE1-4",
    "CoilString": "HeadNeck_20_TCS",
    "PulseSequenceDetails": "%SiemensSeq%\\ep2d_diff",
    "RefLinesPE": 24,
    "CoilCombinationMethod": "Adaptive Combine",
    "MultibandAccelerationFactor": 3,
    "PercentPhaseFOV": 100,
    "PercentSampling": 100,
    "EchoTrainLength": 43,
    "PartialFourierDirection": "PHASE",
    "AcquisitionMatrixPE": 116,
    "ReconMatrixPE": 116,
    "BandwidthPerPixelPhaseEncode": 26.123,
    "ParallelReductionFactorInPlane": 2,
    "ParallelAcquisitionTechnique": "SMS",
    "EffectiveEchoSpacing": 0.000330004,
    "DerivedVendorReportedEchoSpacing": 0.000660008,
    "AcquisitionDuration": 61.52,
    "TotalReadoutTime": 0.0379504,
    "PixelBandwidth": 1796,
    "DwellTime": 2.4e-06,
    "PhaseEncodingDirection": "j",
    "SliceTiming": [
        0,
        1.92,
        0.16,
        2.0775,
        0.32,
        2.2375,
        0.48,
        2.3975,
        0.639998,
        2.5575,
        0.799998,
        2.7175,
        0.959998,
        2.8775,
        1.12,
        3.0375,
        1.28,
        3.1975,
        1.44,
        3.3575,
        1.6,
        3.5175,
        1.76,
        0,
        1.92,
        0.16,
        2.0775,
        0.32,
        2.2375,
        0.48,
        2.3975,
        0.639998,
        2.5575,
        0.799998,
        2.7175,
        0.959998,
        2.8775,
        1.12,
        3.0375,
        1.28,
        3.1975,
        1.44,
        3.3575,
        1.6,
        3.5175,
        1.76,
        0,
        1.92,
        0.16,
        2.0775,
        0.32,
        2.2375,
        0.48,
        2.3975,
        0.639998,
        2.5575,
        0.799998,
        2.7175,
        0.959998,
        2.8775,
        1.12,
        3.0375,
        1.28,
        3.1975,
        1.44,
        3.3575,
        1.6,
        3.5175,
        1.76
    ],
    "ImageOrientationPatientDICOM": [
        1,
        -8.68965e-08,
        -2.35293e-08,
        8.09413e-08,
        0.982254,
        -0.187557
    ],
    "InPlanePhaseEncodingDirectionDICOM": "COL",
    "ConversionSoftware": "dcm2niix",
    "ConversionSoftwareVersion": "v1.0.20220720",
    "Dcm2bidsVersion": "2.1.6",
    "IntendedFor": "ses-01/dwi/sub-HML0124_ses-01_dwi.nii.gz"
}