{
  "AcquisitionMatrixPE": 448,
  "AcquisitionNumber": 1,
  "AcquisitionTime": "16:25:37.185000",
  "BaseResolution": 448,
  "BodyPartExamined": "BRAIN",
  "CoilCombinationMethod": "Adaptive Combine",
  "ConsistencyInfo": "N4_VE11C_LATEST_20160120",
  "ConversionSoftware": "dcm2niix",
  "ConversionSoftwareVersion": "v1.0.20220720",
  "DeviceSerialNumber": "45424",
  "DwellTime": 1.12e-05,
  "EchoTime": 0.051,
  "EchoTrainLength": 15,
  "FlipAngle": 130,
  "ImageOrientationPatientDICOM": [0.999931, -0.00183345, 0.0116037, 0.0115948, 0.312861, -0.949728],
  "ImageOrientationText": "Cor>Tra(-18.2)>Sag(0.1)",
  "ImageType": [
    "ORIGINAL",
    "PRIMARY",
    "M",
    "ND",
    "NORM"
],
  "ImagingFrequency": 123.238,
  "InPlanePhaseEncodingDirectionDICOM": "ROW",
  "InstitutionAddress": "North Warren Ave 1609,Tucson,Denver,US,85719",
  "InstitutionName": "University of Arizona",
  "InstitutionalDepartmentName": "Department",
  "MRAcquisitionType": "2D",
  "MagneticFieldStrength": 3,
  "Manufacturer": "Siemens",
  "ManufacturersModelName": "Skyra",
  "MatrixCoilMode": "GRAPPA",
  "Modality": "MR",
  "NonlinearGradientCorrection": false,
  "NumberOfAverages": 2,
  "ParallelReductionFactorInPlane": 2,
  "PartialFourier": 1,
  "PatientPosition": "HFS",
  "PercentPhaseFOV": 100,
  "PercentSampling": 100,
  "PhaseEncodingDirection": "i",
  "PhaseEncodingSteps": 480,
  "PhaseOversampling": 0.05,
  "PhaseResolution": 1,
  "PixelBandwidth": 100,
  "ProcedureStepDescription": "Chen^PAN_COREE",
  "ProtocolName": "HighResHippocampus",
  "PulseSequenceDetails": "%SiemensSeq%\\tse",
  "ReceiveCoilActiveElements": "HEA;HEP",
  "ReceiveCoilName": "Head_32",
  "ReconMatrixPE": 448,
  "RefLinesPE": 32,
  "RepetitionTime": 4.56,
  "SAR": 0.27214,
  "ScanningSequence": "SE",
  "SequenceName": "*tse2d1rr15",
  "SequenceVariant": "SK\\SP\\OSP",
  "SeriesDescription": "HighResHippocampus",
  "SeriesNumber": 24,
  "ShimSetting": [8175, -13683, 14872, 214, 235, -574, -104, -457],
  "SliceThickness": 2,
  "SliceTiming": [0, 110.484, 0.26562, 110.766, 0.53125, 111.047, 0.79688, 111.328, 1.0625, 111.625, 1.34375, 111.906, 1.60938, 112.188, 1.875, 112.469, 2.14062, 112.75, 2.40625, 113.047, 2.6875, 113.328, 2.95312, 113.609, 3.21875, 113.891, 3.48438, 114.188, 3.75, 114.469, 4.01562, 114.75, 4.28125],
  "SoftwareVersions": "syngo MR E11",
  "SpacingBetweenSlices": 2,
  "SpoilingState": true,
  "StationName": "AWP45424",
  "TxRefAmp": 338.881}