{
    "Modality": "MR",
    "MagneticFieldStrength": 3,
    "ImagingFrequency": 123.221,
    "Manufacturer": "Siemens",
    "ManufacturersModelName": "MAGNETOM Skyra",
    "InstitutionName": "University of Arizona",
    "InstitutionAddress": "North Cherry Avenue 1230,Tucson,Denver,US,85721",
    "DeviceSerialNumber": "45424",
    "StationName": "AWP45424",
    "BodyPartExamined": "BRAIN",
    "PatientPosition": "HFS",
    "SoftwareVersions": "syngo MR XA30",
    "MRAcquisitionType": "2D",
    "SeriesDescription": "Field Map",
    "ProtocolName": "Field Map",
    "ScanningSequence": "GR",
    "SequenceVariant": "SK",
    "ScanOptions": "PER",
    "SequenceName": "*fm2d2r",
    "ImageType": [
        "ORIGINAL",
        "PRIMARY",
        "P",
        "DIS2D",
        "MFSPLIT",
        "PHASE"
    ],
    "ImageTypeText": [
        "ORIGINAL",
        "PRIMARY",
        "P",
        "NONE"
    ],
    "NonlinearGradientCorrection": true,
    "SeriesNumber": 55001,
    "AcquisitionTime": "11:27:15.622500",
    "AcquisitionNumber": 1,
    "SliceThickness": 3,
    "SpacingBetweenSlices": 4.32,
    "SAR": 0.274114,
    "EchoNumber": 2,
    "EchoTime": 0.00738,
    "RepetitionTime": 0.625,
    "FlipAngle": 90,
    "EchoTime1": 0.00492,
    "EchoTime2": 0.00738,
    "PartialFourier": 1,
    "BaseResolution": 80,
    "ShimSetting": [
        8258,
        -13730,
        14945,
        246,
        -66,
        -702,
        -54,
        -688
    ],
    "TxRefAmp": 331.218,
    "PhaseResolution": 1,
    "ReceiveCoilName": "Head_32",
    "ReceiveCoilActiveElements": "HEA;HEP",
    "CoilString": "Head_32",
    "PulseSequenceDetails": "%SiemensSeq%\\gre_field_mapping",
    "CoilCombinationMethod": "Adaptive Combine",
    "MatrixCoilMode": "SENSE",
    "PercentPhaseFOV": 100,
    "PercentSampling": 100,
    "PhaseEncodingSteps": 80,
    "AcquisitionMatrixPE": 80,
    "ReconMatrixPE": 80,
    "PixelBandwidth": 300,
    "DwellTime": 2.08e-05,
    "PhaseEncodingDirection": "i",
    "SliceTiming": [
        0.6285,
        0,
        0,
        0,
        0,
        0,
        0,
        0,
        0,
        0,
        0,
        0,
        0,
        0,
        0,
        0,
        0,
        0,
        0,
        0,
        0,
        0,
        0,
        0,
        0,
        0,
        0,
        0,
        0,
        0,
        0,
        0,
        0,
        0,
        0,
        0,
        0
    ],
    "ImageOrientationPatientDICOM": [
        0.997262,
        -0.000308188,
        0.0739514,
        2.116e-11,
        0.999991,
        0.00416741
    ],
    "InPlanePhaseEncodingDirectionDICOM": "ROW",
    "ConversionSoftware": "dcm2niix",
    "ConversionSoftwareVersion": "v1.0.20220720",
    "IntendedFor": [
        "ses-follow01/func/sub-HML0076_ses-follow01_task-rest_bold.nii.gz",
        "ses-follow01/perf/sub-HML0076_ses-follow01_acq-pcasl1260_dir-AP_asl.nii.gz",
        "ses-follow01/perf/sub-HML0076_ses-follow01_acq-pcasl1500_dir-PA_asl.nii.gz",
        "ses-follow01/perf/sub-HML0076_ses-follow01_acq-pcasl1800_dir-AP_asl.nii.gz",
        "ses-follow01/perf/sub-HML0076_ses-follow01_acq-pcasl2100_dir-PA_asl.nii.gz",
        "ses-follow01/perf/sub-HML0076_ses-follow01_acq-pcasl2500_dir-AP_asl.nii.gz",
        "ses-follow01/perf/sub-HML0076_ses-follow01_acq-pcasl3000_dir-PA_asl.nii.gz",
        "ses-follow01/perf/sub-HML0076_ses-follow01_acq-prod_asl.nii.gz"
    ]
}