{
    "AcquisitionDuration": 61.52,
    "AcquisitionMatrixPE": 116,
    "AcquisitionNumber": 3,
    "AcquisitionTime": "12:12:1.015000",
    "BandwidthPerPixelPhaseEncode": 26.123,
    "BaseResolution": 116,
    "BodyPartExamined": "BRAIN",
    "CoilCombinationMethod": "Adaptive Combine",
    "CoilString": "Head_32",
    "ConversionSoftware": "dcm2niix",
    "ConversionSoftwareVersion": "v1.0.20220720",
    "DerivedVendorReportedEchoSpacing": 0.000660008,
    "DeviceSerialNumber": "45424",
    "DiffusionScheme": "Monopolar",
    "DwellTime": 2.4e-06,
    "EchoTime": 0.091,
    "EchoTrainLength": 43,
    "EffectiveEchoSpacing": 0.000330004,
    "FlipAngle": 90,
    "ImageOrientationPatientDICOM": [
        1,
        0,
        0,
        0,
        1,
        0
    ],
    "ImageType": [
        "ORIGINAL",
        "PRIMARY",
        "DIFFUSION",
        "NONE"
    ],
    "ImageTypeText": [
        "ORIGINAL",
        "PRIMARY",
        "DIFFUSION",
        "NONE",
        "ND",
        "NORM"
    ],
    "ImagingFrequency": 123.221,
    "InPlanePhaseEncodingDirectionDICOM": "COL",
    "InstitutionAddress": "North Cherry Avenue 1230,Tucson,Denver,US,85721",
    "InstitutionName": "University of Arizona",
    "MRAcquisitionType": "2D",
    "MTState": false,
    "MagneticFieldStrength": 3,
    "Manufacturer": "Siemens",
    "ManufacturersModelName": "MAGNETOM Skyra",
    "Modality": "MR",
    "MultibandAccelerationFactor": 3,
    "NonlinearGradientCorrection": false,
    "ParallelAcquisitionTechnique": "SMS",
    "ParallelReductionFactorInPlane": 2,
    "PartialFourier": 0.75,
    "PartialFourierDirection": "PHASE",
    "PatientPosition": "HFS",
    "PercentPhaseFOV": 100,
    "PercentSampling": 100,
    "PhaseEncodingDirection": "j",
    "PhaseResolution": 1,
    "PixelBandwidth": 1796,
    "ProtocolName": "DTI_MB_3SHELL RPE",
    "PulseSequenceDetails": "%SiemensSeq%\\ep2d_diff",
    "PulseSequenceName": "*epse2d1_116",
    "ReceiveCoilActiveElements": "HEA;HEP",
    "ReceiveCoilName": "Head_32",
    "ReconMatrixPE": 116,
    "RefLinesPE": 24,
    "RepetitionTime": 3.7,
    "ScanOptions": "PFP\\FS",
    "ScanningSequence": "EP",
    "SequenceVariant": "SK\\SP",
    "SeriesDescription": "DTI_MB_3SHELL RPE_ORIG",
    "SeriesNumber": 17,
    "ShimSetting": [
        8241,
        -13711,
        14919,
        149,
        -118,
        -412,
        -257,
        -486
    ],
    "SliceThickness": 2,
    "SliceTiming": [
        0,
        1.92,
        0.16,
        2.0775,
        0.32,
        2.2375,
        0.48,
        2.3975,
        0.639998,
        2.5575,
        0.799998,
        2.7175,
        0.959998,
        2.8775,
        1.12,
        3.0375,
        1.28,
        3.1975,
        1.44,
        3.3575,
        1.6,
        3.5175,
        1.76,
        0,
        1.92,
        0.16,
        2.0775,
        0.32,
        2.2375,
        0.48,
        2.3975,
        0.639998,
        2.5575,
        0.799998,
        2.7175,
        0.959998,
        2.8775,
        1.12,
        3.0375,
        1.28,
        3.1975,
        1.44,
        3.3575,
        1.6,
        3.5175,
        1.76,
        0,
        1.92,
        0.16,
        2.0775,
        0.32,
        2.2375,
        0.48,
        2.3975,
        0.639998,
        2.5575,
        0.799998,
        2.7175,
        0.959998,
        2.8775,
        1.12,
        3.0375,
        1.28,
        3.1975,
        1.44,
        3.3575,
        1.6,
        3.5175,
        1.76
    ],
    "SoftwareVersions": "syngo MR XA30",
    "SpacingBetweenSlices": 2,
    "StationName": "AWP45424",
    "TotalReadoutTime": 0.0379504,
    "TxRefAmp": 326.62,
    "IntendedFor": [
        "ses-01/func/sub-HML1287_ses-01_task-rest_bold.nii.gz",
        "ses-01/perf/sub-HML1287_ses-01_acq-prod_asl.nii.gz"
    ]
}