{
    "Modality": "MR",
    "MagneticFieldStrength": 3,
    "ImagingFrequency": 123.238,
    "Manufacturer": "Siemens",
    "ManufacturersModelName": "Skyra",
    "InstitutionName": "University of Arizona",
    "InstitutionalDepartmentName": "Department",
    "InstitutionAddress": "North Warren Ave 1609,Tucson,Denver,US,85719",
    "DeviceSerialNumber": "45424",
    "StationName": "AWP45424",
    "BodyPartExamined": "BRAIN",
    "PatientPosition": "HFS",
    "ProcedureStepDescription": "Chen^PAN_COREE",
    "SoftwareVersions": "syngo MR E11",
    "MRAcquisitionType": "2D",
    "SeriesDescription": "field_mapping",
    "ProtocolName": "field_mapping",
    "ScanningSequence": "GR",
    "SequenceVariant": "SP",
    "SequenceName": "*fm2d2r",
    "ImageType": [
        "ORIGINAL",
        "PRIMARY",
        "M",
        "ND",
        "NORM"
    ],
    "NonlinearGradientCorrection": false,
    "SeriesNumber": 11,
    "AcquisitionTime": "07:26:52.765000",
    "AcquisitionNumber": 1,
    "SliceThickness": 3,
    "SpacingBetweenSlices": 3.9,
    "SAR": 0.299511,
    "EchoNumber": 2,
    "EchoTime": 0.00738,
    "RepetitionTime": 0.625,
    "FlipAngle": 90,
    "PartialFourier": 1,
    "BaseResolution": 86,
    "ShimSetting": [
        8106,
        -13739,
        14983,
        -127,
        -5,
        -343,
        -240,
        -527
    ],
    "TxRefAmp": 360.484,
    "PhaseResolution": 1,
    "ReceiveCoilName": "Head_32",
    "ReceiveCoilActiveElements": "HEA;HEP",
    "PulseSequenceDetails": "%SiemensSeq%\\gre_field_mapping",
    "CoilCombinationMethod": "Adaptive Combine",
    "ConsistencyInfo": "N4_VE11C_LATEST_20160120",
    "MatrixCoilMode": "SENSE",
    "PercentPhaseFOV": 100,
    "PercentSampling": 100,
    "PhaseEncodingSteps": 86,
    "AcquisitionMatrixPE": 86,
    "ReconMatrixPE": 86,
    "PixelBandwidth": 300,
    "DwellTime": 1.93e-05,
    "PhaseEncodingDirection": "j-",
    "SliceTiming": [
        0,
        0.32031,
        0.01562,
        0.33594,
        0.03125,
        0.35156,
        0.05469,
        0.375,
        0.07031,
        0.39062,
        0.08594,
        0.40625,
        0.10156,
        0.42188,
        0.11719,
        0.4375,
        0.13281,
        0.45312,
        0.14844,
        0.47656,
        0.17188,
        0.49219,
        0.1875,
        0.50781,
        0.20312,
        0.52344,
        0.21875,
        0.53906,
        0.23438,
        0.55469,
        0.25781,
        0.57812,
        0.26562,
        0.59375,
        0.28906,
        0.60938,
        0.30469
    ],
    "ImageOrientationPatientDICOM": [
        1,
        0,
        0,
        0,
        1,
        0
    ],
    "ImageOrientationText": "Tra",
    "InPlanePhaseEncodingDirectionDICOM": "COL",
    "ConversionSoftware": "dcm2niix",
    "ConversionSoftwareVersion": "v1.0.20220720",
    "Dcm2bidsVersion": "2.1.6",
    "IntendedFor": [
        "ses-02/func/sub-HML0096_ses-02_task-rest_bold.nii.gz"
    ]
}