{
    "AcquisitionDuration": 99.357,
    "AcquisitionMatrixPE": 80,
    "AcquisitionNumber": 1,
    "AcquisitionTime": "11:21:51.590000",
    "BaseResolution": 80,
    "BodyPartExamined": "BRAIN",
    "CoilCombinationMethod": "Adaptive Combine",
    "CoilString": "Head_32",
    "ConversionSoftware": "dcm2niix",
    "ConversionSoftwareVersion": "v1.0.20220720",
    "DeviceSerialNumber": "45424",
    "DwellTime": 2.08e-05,
    "EchoNumber": 2,
    "EchoTime": 0.00738,
    "EchoTime1": 0.00492,
    "EchoTime2": 0.00738,
    "FlipAngle": 90,
    "ImageOrientationPatientDICOM": [
        1,
        2.897e-12,
        1e-06,
        -4.897e-12,
        1,
        2e-06
    ],
    "ImageType": [
        "ORIGINAL",
        "PRIMARY",
        "P",
        "NONE",
        "PHASE"
    ],
    "ImageTypeText": [
        "ORIGINAL",
        "PRIMARY",
        "P",
        "DIS2D"
    ],
    "ImagingFrequency": 123.221,
    "InPlanePhaseEncodingDirectionDICOM": "ROW",
    "InstitutionAddress": "North Cherry Avenue 1230,Tucson,Denver,US,85721",
    "InstitutionName": "University of Arizona",
    "MRAcquisitionType": "2D",
    "MTState": false,
    "MagneticFieldStrength": 3,
    "Manufacturer": "Siemens",
    "ManufacturersModelName": "MAGNETOM Skyra",
    "MatrixCoilMode": "SENSE",
    "Modality": "MR",
    "NonlinearGradientCorrection": true,
    "PartialFourier": 1,
    "PatientPosition": "HFS",
    "PercentPhaseFOV": 100,
    "PercentSampling": 100,
    "PhaseEncodingDirection": "i",
    "PhaseResolution": 1,
    "PixelBandwidth": 300,
    "ProtocolName": "Field Map",
    "PulseSequenceDetails": "%SiemensSeq%\\gre_field_mapping",
    "PulseSequenceName": "*fm2d2r",
    "ReceiveCoilActiveElements": "HEA;HEP",
    "ReceiveCoilName": "Head_32",
    "ReconMatrixPE": 80,
    "RepetitionTime": 0.625,
    "ScanningSequence": "GR",
    "SequenceVariant": "SP",
    "SeriesDescription": "Field Map",
    "SeriesNumber": 44,
    "ShimSetting": [
        8242,
        -13686,
        14800,
        303,
        299,
        -424,
        -163,
        -451
    ],
    "SliceThickness": 3,
    "SliceTiming": [
        0,
        0.32,
        0.0175,
        0.3375,
        0.0325,
        0.355,
        0.05,
        0.3725,
        0.0675,
        0.3875,
        0.085,
        0.405,
        0.1,
        0.4225,
        0.1175,
        0.44,
        0.135,
        0.455,
        0.1525,
        0.4725,
        0.1675,
        0.49,
        0.185,
        0.5075,
        0.2025,
        0.5225,
        0.22,
        0.54,
        0.235,
        0.5575,
        0.2525,
        0.575,
        0.27,
        0.59,
        0.2875,
        0.6075,
        0.3025
    ],
    "SoftwareVersions": "syngo MR XA30",
    "SpacingBetweenSlices": 4.32,
    "StationName": "AWP45424",
    "TxRefAmp": 334.645,
    "IntendedFor": [
        "ses-follow01/func/sub-HML0197_ses-follow01_task-rest_bold.nii.gz",
        "ses-follow01/perf/sub-HML0197_ses-follow01_acq-pcasl1260_dir-AP_asl.nii.gz",
        "ses-follow01/perf/sub-HML0197_ses-follow01_acq-pcasl1500_dir-PA_asl.nii.gz",
        "ses-follow01/perf/sub-HML0197_ses-follow01_acq-pcasl1800_dir-AP_asl.nii.gz",
        "ses-follow01/perf/sub-HML0197_ses-follow01_acq-pcasl2100_dir-PA_asl.nii.gz",
        "ses-follow01/perf/sub-HML0197_ses-follow01_acq-pcasl2500_dir-AP_asl.nii.gz",
        "ses-follow01/perf/sub-HML0197_ses-follow01_acq-pcasl3000_dir-PA_asl.nii.gz",
        "ses-follow01/perf/sub-HML0197_ses-follow01_acq-prod_asl.nii.gz"
    ]
}