{
    "Modality": "MR",
    "MagneticFieldStrength": 3,
    "ImagingFrequency": 123.253,
    "Manufacturer": "Siemens",
    "ManufacturersModelName": "MAGNETOM Vida",
    "InstitutionName": "Cox Annex",
    "InstitutionAddress": "San Amaro Dr,\r\n5151,\r\nCoral Gables,\r\nFlorida,\r\nUS,\r\n33146",
    "DeviceSerialNumber": "176047",
    "StationName": "AWP176047",
    "BodyPartExamined": "BRAIN",
    "PatientPosition": "HFS",
    "ProcedureStepDescription": "Rundek ROUTINE",
    "SoftwareVersions": "syngo MR XA20",
    "MRAcquisitionType": "2D",
    "SeriesDescription": "RS-FMRI-MB-high_resolution",
    "ProtocolName": "RS-FMRI-MB-high_resolution",
    "ScanningSequence": "EP",
    "SequenceVariant": "SK",
    "ScanOptions": "FS",
    "PulseSequenceName": "*epfid2d1_88",
    "ImageType": [
        "ORIGINAL",
        "PRIMARY",
        "FMRI",
        "NONE"
    ],
    "ImageTypeText": [
        "ORIGINAL",
        "PRIMARY",
        "M",
        "ND",
        "NORM"
    ],
    "NonlinearGradientCorrection": false,
    "SeriesNumber": 16,
    "AcquisitionTime": "13:08:21.830000",
    "AcquisitionNumber": 1,
    "SliceThickness": 2.5,
    "SpacingBetweenSlices": 2.5,
    "EchoTime": 0.03,
    "RepetitionTime": 2,
    "MTState": false,
    "FlipAngle": 77,
    "PartialFourier": 1,
    "BaseResolution": 88,
    "ShimSetting": [
        8925,
        3316,
        -8887,
        268,
        -152,
        -618,
        561,
        182
    ],
    "TxRefAmp": 417.711,
    "PhaseResolution": 1,
    "ReceiveCoilName": "HeadNeck_20_TCS",
    "ReceiveCoilActiveElements": "HE1-4;NE2",
    "CoilString": "HeadNeck_20_TCS",
    "PulseSequenceDetails": "%SiemensSeq%\\ep2d_bold",
    "RefLinesPE": 24,
    "CoilCombinationMethod": "Sum of Squares",
    "MultibandAccelerationFactor": 3,
    "PercentPhaseFOV": 100,
    "PercentSampling": 100,
    "EchoTrainLength": 43,
    "AcquisitionMatrixPE": 88,
    "ReconMatrixPE": 88,
    "BandwidthPerPixelPhaseEncode": 38.521,
    "ParallelReductionFactorInPlane": 2,
    "ParallelAcquisitionTechnique": "SMS",
    "EffectiveEchoSpacing": 0.000294998,
    "DerivedVendorReportedEchoSpacing": 0.000589997,
    "AcquisitionDuration": 612.887,
    "TotalReadoutTime": 0.0256649,
    "PixelBandwidth": 2367,
    "DwellTime": 2.4e-06,
    "PhaseEncodingDirection": "j-",
    "SliceTiming": [
        0,
        1.0375,
        0.095,
        1.1325,
        0.19,
        1.2275,
        0.285,
        1.32,
        0.3775,
        1.415,
        0.4725,
        1.51,
        0.5675,
        1.605,
        0.66,
        1.6975,
        0.755,
        1.7925,
        0.85,
        1.8875,
        0.945,
        0,
        1.0375,
        0.095,
        1.1325,
        0.19,
        1.2275,
        0.285,
        1.32,
        0.3775,
        1.415,
        0.4725,
        1.51,
        0.5675,
        1.605,
        0.66,
        1.6975,
        0.755,
        1.7925,
        0.85,
        1.8875,
        0.945,
        0,
        1.0375,
        0.095,
        1.1325,
        0.19,
        1.2275,
        0.285,
        1.32,
        0.3775,
        1.415,
        0.4725,
        1.51,
        0.5675,
        1.605,
        0.66,
        1.6975,
        0.755,
        1.7925,
        0.85,
        1.8875,
        0.945
    ],
    "ImageOrientationPatientDICOM": [
        1,
        -9.84855e-10,
        -1.57744e-08,
        -9.84855e-10,
        0.992234,
        -0.124383
    ],
    "InPlanePhaseEncodingDirectionDICOM": "COL",
    "ConversionSoftware": "dcm2niix",
    "ConversionSoftwareVersion": "v1.0.20220720",
    "Dcm2bidsVersion": "2.1.6",
    "TaskName": "rest"
}