{
    "Modality": "MR",
    "MagneticFieldStrength": 3,
    "ImagingFrequency": 127.769,
    "Manufacturer": "Philips",
    "ManufacturersModelName": "Ingenia Elition X",
    "DeviceSerialNumber": "45002",
    "BodyPartExamined": "BRAIN",
    "PatientPosition": "HFS",
    "SoftwareVersions": "5.7.1\\5.7.1.0",
    "MRAcquisitionType": "3D",
    "SeriesDescription": "Sagittal 3D Accelerated MPRAGE",
    "ProtocolName": "WIP Sagittal 3D Accelerated MPRAGE",
    "ScanningSequence": "GR",
    "SequenceVariant": "MP",
    "ScanOptions": "OTHER",
    "PulseSequenceName": "T1TFE",
    "ImageType": [
        "ORIGINAL",
        "PRIMARY",
        "T1",
        "NONE"
    ],
    "SeriesNumber": 201,
    "AcquisitionTime": "11:03:49.640000",
    "AcquisitionNumber": 2,
    "PhilipsRescaleSlope": 2.40366,
    "PhilipsRescaleIntercept": 0,
    "PhilipsScaleSlope": 0.00504124,
    "UsePhilipsFloatNotDisplayScaling": 1,
    "SliceThickness": 1,
    "SpacingBetweenSlices": 1,
    "EchoTime": 0.002905,
    "RepetitionTime": 0.0063877,
    "MTState": false,
    "SpoilingState": true,
    "SpoilingType": "COMBINED",
    "FlipAngle": 9,
    "CoilString": "MULTI COIL",
    "PercentPhaseFOV": 100,
    "PercentSampling": 100,
    "EchoTrainLength": 256,
    "PhaseEncodingSteps": 256,
    "AcquisitionMatrixPE": 256,
    "ReconMatrixPE": 256,
    "ParallelAcquisitionTechnique": "SENSE",
    "ParallelReductionOutOfPlane": 2,
    "WaterFatShift": 1.60142,
    "EstimatedEffectiveEchoSpacing": 1.44002e-05,
    "EstimatedTotalReadoutTime": 0.00367206,
    "AcquisitionDuration": 371.726,
    "PixelBandwidth": 271.267,
    "PhaseEncodingAxis": "i",
    "ImageOrientationPatientDICOM": [
        -0.0077895,
        0.985503,
        -0.169478,
        -0.0452476,
        -0.169657,
        -0.984464
    ],
    "InPlanePhaseEncodingDirectionDICOM": "ROW",
    "ConversionSoftware": "dcm2niix",
    "ConversionSoftwareVersion": "v1.0.20220720",
    "Dcm2bidsVersion": "2.1.6"
}