{
  "AcquisitionMatrixPE": 269,
  "AcquisitionNumber": 1,
  "AcquisitionTime": "10:30:0.035000",
  "BaseResolution": 384,
  "BodyPartExamined": "BRAIN",
  "CoilCombinationMethod": "Adaptive Combine",
  "ConsistencyInfo": "N4_VE11C_LATEST_20160120",
  "ConversionSoftware": "dcm2niix",
  "ConversionSoftwareVersion": "v1.0.20220720",
  "DeviceSerialNumber": "45424",
  "DwellTime": 4.7e-06,
  "EchoNumber": 5,
  "EchoTime": 0.02235,
  "EchoTrainLength": 5,
  "FlipAngle": 15,
  "ImageOrientationPatientDICOM": [
    1,
    2.1977e-07,
    2.20177e-06,
    -4.894e-12,
    0.995056,
    -0.0993197
  ],
  "ImageOrientationText": "Tra>Cor(-5.7)>Sag(0.0)",
  "ImageType": [
    "ORIGINAL",
    "PRIMARY",
    "M",
    "NORM",
    "DIS3D",
    "DIS2D"
  ],
  "ImagingFrequency": 123.221,
  "InPlanePhaseEncodingDirectionDICOM": "ROW",
  "InstitutionAddress": "North Cherry Avenue 1230,Tucson,Denver,US,85719",
  "InstitutionName": "University of Arizona",
  "InstitutionalDepartmentName": "Department",
  "MRAcquisitionType": "3D",
  "MagneticFieldStrength": 3,
  "Manufacturer": "Siemens",
  "ManufacturersModelName": "Skyra",
  "MatrixCoilMode": "GRAPPA",
  "Modality": "MR",
  "NonlinearGradientCorrection": true,
  "ParallelReductionFactorInPlane": 2,
  "PartialFourier": 1,
  "PatientPosition": "HFS",
  "PercentPhaseFOV": 100,
  "PercentSampling": 70,
  "PhaseEncodingDirection": "i",
  "PhaseEncodingSteps": 269,
  "PhaseResolution": 0.7,
  "PixelBandwidth": 275,
  "ProcedureStepDescription": "Chen^PAN_COREE",
  "ProtocolName": "Axial 3D ME T2 GRE",
  "PulseSequenceDetails": "%SiemensSeq%\\gre",
  "ReceiveCoilActiveElements": "HEA;HEP",
  "ReceiveCoilName": "Head_32",
  "ReconMatrixPE": 384,
  "RefLinesPE": 24,
  "RepetitionTime": 0.037,
  "SAR": 0.230883,
  "ScanOptions": "SAT1",
  "ScanningSequence": "GR",
  "SequenceName": "*fl3d5r",
  "SequenceVariant": "SP\\OSP",
  "SeriesDescription": "Axial 3D ME T2 GRE",
  "SeriesNumber": 22,
  "ShimSetting": [
    8198,
    -13793,
    14845,
    -150,
    231,
    -588,
    -152,
    -455
  ],
  "SliceThickness": 1.8,
  "SoftwareVersions": "syngo MR E11",
  "StationName": "AWP45424",
  "TxRefAmp": 362.612
}