{
    "AcquisitionMatrixPE": 62,
    "AcquisitionNumber": 1,
    "AcquisitionTime": "12:11:3.947500",
    "BaseResolution": 64,
    "BodyPartExamined": "BRAIN",
    "CoilCombinationMethod": "Adaptive Combine",
    "CoilString": "Head_32",
    "ConversionSoftware": "dcm2niix",
    "ConversionSoftwareVersion": "v1.0.20220720",
    "DeviceSerialNumber": "45424",
    "DwellTime": 3.2e-06,
    "EchoTime": 0.0206,
    "EchoTrainLength": 31,
    "FlipAngle": 180,
    "ImageOrientationPatientDICOM": [
        0.997453,
        -0.011028,
        -0.0704642,
        7.74182e-08,
        0.987974,
        -0.154622
    ],
    "ImageType": [
        "ORIGINAL",
        "PRIMARY",
        "ASL",
        "NONE",
        "NORM",
        "DIS3D",
        "MFSPLIT"
    ],
    "ImageTypeText": [
        "ORIGINAL",
        "PRIMARY",
        "ASL",
        "NONE"
    ],
    "ImagingFrequency": 123.221,
    "InPlanePhaseEncodingDirectionDICOM": "COL",
    "InstitutionAddress": "North Cherry Avenue 1230,Tucson,Denver,US,85721",
    "InstitutionName": "University of Arizona",
    "Interpolation2D": 1,
    "InversionTime": 2.75,
    "MRAcquisitionType": "3D",
    "MagneticFieldStrength": 3,
    "Manufacturer": "Siemens",
    "ManufacturersModelName": "MAGNETOM Skyra",
    "MatrixCoilMode": "SENSE",
    "Modality": "MR",
    "NonlinearGradientCorrection": true,
    "PartialFourier": 1,
    "PatientPosition": "HFS",
    "PercentPhaseFOV": 100,
    "PercentSampling": 96.875,
    "PhaseEncodingDirection": "j-",
    "PhaseEncodingSteps": 62,
    "PhaseResolution": 0.96875,
    "PixelBandwidth": 2441,
    "ProtocolName": "PASL_PRODUCT_PLD-2750",
    "PulseSequenceDetails": "%SiemensSeq%\\tgse_asl",
    "ReceiveCoilActiveElements": "HEA;HEP",
    "ReceiveCoilName": "Head_32",
    "ReconMatrixPE": 128,
    "RepetitionTime": 4,
    "RepetitionTimeExcitation": 4,
    "SAR": 0.349775,
    "ScanOptions": "FS\\PER",
    "ScanningSequence": "GR",
    "SequenceName": "*tgse3d1_5952",
    "SequenceVariant": "SK",
    "SeriesDescription": "PASL_PRODUCT_PLD-2750",
    "SeriesNumber": 23,
    "ShimSetting": [
        8225,
        -13784,
        15029,
        186,
        259,
        -382,
        -250,
        -739
    ],
    "SliceThickness": 4.5,
    "SoftwareVersions": "syngo MR XA30",
    "StationName": "AWP45424",
    "TxRefAmp": 389.697,
    "EffectiveEchoSpacing": 0.0005,
    "ArterialSpinLabelingType": "PASL",
    "PostLabelingDelay": 2.75,
    "LabelingDuration": 0.8,
    "BolusCutOffFlag": true,
    "BolusCutOffTechnique": "QUIPSSII",
    "BolusCutOffDelayTechnique": "QUIPSSII",
    "BolusCutOffDelayTime": 0.8,
    "RepetitionTimePreparation": 4,
    "M0Type": "Separate",
    "BackgroundSuppression": true,
    "TotalAcquiredPairs": 10
}