{
  "Modality": "MR",
  "MagneticFieldStrength": 3,
  "ImagingFrequency": 127.769,
  "Manufacturer": "Philips",
  "ManufacturersModelName": "Ingenia Elition X",
  "DeviceSerialNumber": "45002",
  "BodyPartExamined": "BRAIN",
  "PatientPosition": "HFS",
  "SoftwareVersions": "5.7.1\\5.7.1.0",
  "MRAcquisitionType": "3D",
  "SeriesDescription": "Axial 3D M0",
  "ProtocolName": "WIP Axial 3D M0",
  "ScanningSequence": "SE",
  "SequenceVariant": "SK",
  "ScanOptions": "FS",
  "PulseSequenceName": "GraSE",
  "ImageType": [
    "ORIGINAL",
    "PRIMARY",
    "PROTON",
    "DENSITY",
    "NONE"
  ],
  "SeriesNumber": 701,
  "AcquisitionTime": "10:17:50.250000",
  "AcquisitionNumber": 7,
  "PhilipsRescaleSlope": 1.42882,
  "PhilipsRescaleIntercept": 0,
  "PhilipsScaleSlope": 2.80107e-05,
  "UsePhilipsFloatNotDisplayScaling": 1,
  "SliceThickness": 4.5,
  "SpacingBetweenSlices": 4.5,
  "EchoTime": 0.016,
  "RepetitionTime": 10,
  "MTState": false,
  "FlipAngle": 90,
  "CoilString": "MULTI COIL",
  "PercentPhaseFOV": 100,
  "PercentSampling": 100,
  "EchoTrainLength": 285,
  "PhaseEncodingSteps": 60,
  "AcquisitionMatrixPE": 60,
  "ReconMatrixPE": 128,
  "ParallelReductionFactorInPlane": 2,
  "ParallelAcquisitionTechnique": "SENSE",
  "WaterFatShift": 3.50033,
  "EstimatedEffectiveEchoSpacing": 6.32238e-05,
  "EstimatedTotalReadoutTime": 0.00802943,
  "AcquisitionDuration": 70,
  "PixelBandwidth": 3227.87,
  "PhaseEncodingAxis": "j",
  "ImageOrientationPatientDICOM": [
    0.99947,
    7.00348e-11,
    0.0325517,
    0.00842495,
    0.965926,
    -0.25868
  ],
  "InPlanePhaseEncodingDirectionDICOM": "COL",
  "ConversionSoftware": "dcm2niix",
  "ConversionSoftwareVersion": "v1.0.20220720",
  "Dcm2bidsVersion": "2.1.6",
  "PhaseEncodingDirection": "j",
  "IntendedFor": "ses-01/perf/sub-HML0343_ses-01_acq-pcasl_asl.nii.gz",
  "RepetitionTimePreparation": 10
}