{
  "AcquisitionMatrixPE": 116,
  "AcquisitionNumber": 3,
  "AcquisitionTime": "11:48:6.717500",
  "BandwidthPerPixelPhaseEncode": 26.123,
  "BaseResolution": 116,
  "BodyPartExamined": "BRAIN",
  "CoilCombinationMethod": "Adaptive Combine",
  "ConsistencyInfo": "N4_VE11C_LATEST_20160120",
  "ConversionSoftware": "dcm2niix",
  "ConversionSoftwareVersion": "v1.0.20220720",
  "DerivedVendorReportedEchoSpacing": 0.000660008,
  "DeviceSerialNumber": "45424",
  "DiffusionScheme": "Monopolar",
  "DwellTime": 2.4e-06,
  "EchoTime": 0.091,
  "EchoTrainLength": 43,
  "EffectiveEchoSpacing": 0.000330004,
  "FlipAngle": 90,
  "ImageOrientationPatientDICOM": [1, 0, 0, 0, 1, 0],
  "ImageOrientationText": "Tra",
  "ImageType": [
    "ORIGINAL",
    "PRIMARY",
    "DIFFUSION",
    "NONE",
    "ND",
    "NORM",
    "MOSAIC"
],
  "ImagingFrequency": 123.238,
  "InPlanePhaseEncodingDirectionDICOM": "COL",
  "InstitutionAddress": "North Warren Ave 1609,Tucson,Denver,US,85719",
  "InstitutionName": "University of Arizona",
  "InstitutionalDepartmentName": "Department",
  "MRAcquisitionType": "2D",
  "MagneticFieldStrength": 3,
  "Manufacturer": "Siemens",
  "ManufacturersModelName": "Skyra",
  "Modality": "MR",
  "MultibandAccelerationFactor": 3,
  "NonlinearGradientCorrection": false,
  "ParallelReductionFactorInPlane": 2,
  "PartialFourier": 0.75,
  "PatientPosition": "HFS",
  "PercentPhaseFOV": 100,
  "PercentSampling": 100,
  "PhaseEncodingDirection": "j-",
  "PhaseEncodingSteps": 86,
  "PhaseResolution": 1,
  "PixelBandwidth": 1795,
  "ProcedureStepDescription": "Chen^PAN_COREE",
  "ProtocolName": "DTI_MB_3SHELL_mono_TE91",
  "PulseSequenceDetails": "%SiemensSeq%\\ep2d_diff",
  "ReceiveCoilActiveElements": "HEA;HEP",
  "ReceiveCoilName": "Head_32",
  "ReconMatrixPE": 116,
  "RefLinesPE": 24,
  "RepetitionTime": 3.7,
  "SAR": 0.267592,
  "ScanOptions": "PFP\\FS",
  "ScanningSequence": "EP",
  "SequenceName": "*ep_b0",
  "SequenceVariant": "SK\\SP",
  "SeriesDescription": "DTI_MB_3SHELL_mono_TE91_ORIG",
  "SeriesNumber": 17,
  "ShimSetting": [8155, -13702, 15111, 1, 337, -133, -119, -731],
  "SliceThickness": 2,
  "SliceTiming": [0, 1.92, 0.16, 2.08, 0.32, 2.24, 0.48, 2.4, 0.64, 2.56, 0.8, 2.72, 0.96, 2.88, 1.12, 3.04, 1.28, 3.2, 1.44, 3.36, 1.6, 3.52, 1.76, 0, 1.92, 0.16, 2.08, 0.32, 2.24, 0.48, 2.4, 0.64, 2.56, 0.8, 2.72, 0.96, 2.88, 1.12, 3.04, 1.28, 3.2, 1.44, 3.36, 1.6, 3.52, 1.76, 0, 1.92, 0.16, 2.08, 0.32, 2.24, 0.48, 2.4, 0.64, 2.56, 0.8, 2.72, 0.96, 2.88, 1.12, 3.04, 1.28, 3.2, 1.44, 3.36, 1.6, 3.52, 1.76],
  "SoftwareVersions": "syngo MR E11",
  "SpacingBetweenSlices": 2,
  "SpoilingState": true,
  "StationName": "AWP45424",
  "TotalReadoutTime": 0.0379504,
  "TxRefAmp": 353.764}