{
  "AcquisitionMatrixPE": 62,
  "AcquisitionNumber": 1,
  "AcquisitionTime": "07:59:24.202500",
  "ArterialSpinLabelingType": "PASL",
  "BaseResolution": 64,
  "BodyPartExamined": "BRAIN",
  "BolusDuration": 0.8,
  "CoilCombinationMethod": "Adaptive Combine",
  "ConsistencyInfo": "N4_VE11C_LATEST_20160120",
  "ConversionSoftware": "dcm2niix",
  "ConversionSoftwareVersion": "v1.0.20220720",
  "DeviceSerialNumber": "45424",
  "DwellTime": 3.2e-06,
  "EchoTime": 0.02062,
  "EchoTrainLength": 31,
  "FlipAngle": 180,
  "ImageOrientationPatientDICOM": [
    1,
    7.73235e-07,
    -4.03082e-05,
    -6.96696e-08,
    0.999848,
    0.0174517
  ],
  "ImageOrientationText": "Tra>Cor(1.0)>Sag(-0.0)",
  "ImageType": [
    "ORIGINAL",
    "PRIMARY",
    "ASL",
    "NONE",
    "ND",
    "NORM",
    "MOSAIC"
  ],
  "ImagingFrequency": 123.221,
  "InPlanePhaseEncodingDirectionDICOM": "COL",
  "InstitutionAddress": "North Cherry Avenue 1230,Tucson,Denver,US,85719",
  "InstitutionName": "University of Arizona",
  "InstitutionalDepartmentName": "Department",
  "Interpolation2D": 1,
  "InversionTime": 2.75,
  "MRAcquisitionType": "3D",
  "MagneticFieldStrength": 3,
  "Manufacturer": "Siemens",
  "ManufacturersModelName": "Skyra",
  "MatrixCoilMode": "SENSE",
  "Modality": "MR",
  "NonlinearGradientCorrection": false,
  "PartialFourier": 1,
  "PatientPosition": "HFS",
  "PercentPhaseFOV": 100,
  "PercentSampling": 96.875,
  "PhaseEncodingDirection": "j-",
  "PhaseEncodingSteps": 62,
  "PhaseResolution": 0.96875,
  "PixelBandwidth": 2440,
  "ProcedureStepDescription": "Chen^PAN_COREE",
  "ProtocolName": "PASL_PRODUCT_PLD-2750 MO",
  "PulseSequenceDetails": "%SiemensSeq%\\tgse_pasl",
  "ReceiveCoilActiveElements": "HEA;HEP",
  "ReceiveCoilName": "Head_32",
  "ReconMatrixPE": 128,
  "RepetitionTime": 4,
  "SAR": 0.274321,
  "ScanOptions": "FS",
  "ScanningSequence": "EP",
  "SequenceName": "*tgse3d1_3968",
  "SequenceVariant": "SK",
  "SeriesDescription": "PASL_PRODUCT_PLD-2750 MO",
  "SeriesNumber": 18,
  "ShimSetting": [
    7997,
    -13300,
    14848,
    -144,
    -873,
    768,
    -413,
    140
  ],
  "SliceThickness": 4.5,
  "SoftwareVersions": "syngo MR E11",
  "SpacingBetweenSlices": 4.5,
  "StationName": "AWP45424",
  "TxRefAmp": 326.936,
  "IntendedFor": "ses-01/perf/sub-HML0536_ses-01_acq-prod_asl.nii.gz",
  "RepetitionTimePreparation": 4
}