{
    "AcquisitionMatrixPE": 116,
    "AcquisitionNumber": 3,
    "AcquisitionTime": "07:47:39.615000",
    "BandwidthPerPixelPhaseEncode": 26.123,
    "BaseResolution": 116,
    "BodyPartExamined": "BRAIN",
    "CoilCombinationMethod": "Adaptive Combine",
    "ConsistencyInfo": "N4_VE11C_LATEST_20160120",
    "ConversionSoftware": "dcm2niix",
    "ConversionSoftwareVersion": "v1.0.20220720",
    "DerivedVendorReportedEchoSpacing": 0.000660008,
    "DeviceSerialNumber": "45424",
    "DiffusionScheme": "Monopolar",
    "DwellTime": 2.4e-06,
    "EchoTime": 0.091,
    "EchoTrainLength": 43,
    "EffectiveEchoSpacing": 0.000330004,
    "FlipAngle": 90,
    "ImageOrientationPatientDICOM": [
        1,
        -4.10131e-05,
        -0.000303121,
        2.93924e-08,
        0.990983,
        -0.133986
    ],
    "ImageOrientationText": "Tra>Cor(-7.7)>Sag(-0.0)",
    "ImageType": [
        "ORIGINAL",
        "PRIMARY",
        "DIFFUSION",
        "NONE",
        "ND",
        "NORM",
        "MOSAIC"
    ],
    "ImagingFrequency": 123.238,
    "InPlanePhaseEncodingDirectionDICOM": "COL",
    "InstitutionAddress": "North Cherry Avenue 1230,Tucson,Denver,US,85719",
    "InstitutionName": "University of Arizona",
    "InstitutionalDepartmentName": "Department",
    "MRAcquisitionType": "2D",
    "MagneticFieldStrength": 3,
    "Manufacturer": "Siemens",
    "ManufacturersModelName": "Skyra",
    "Modality": "MR",
    "MultibandAccelerationFactor": 3,
    "NonlinearGradientCorrection": false,
    "ParallelReductionFactorInPlane": 2,
    "PartialFourier": 0.75,
    "PatientPosition": "HFS",
    "PercentPhaseFOV": 100,
    "PercentSampling": 100,
    "PhaseEncodingDirection": "j-",
    "PhaseEncodingSteps": 86,
    "PhaseResolution": 1,
    "PixelBandwidth": 1795,
    "ProcedureStepDescription": "Chen^PAN_COREE",
    "ProtocolName": "DTI_MB_3SHELL_mono_TE91",
    "PulseSequenceDetails": "%SiemensSeq%\\ep2d_diff",
    "ReceiveCoilActiveElements": "HEA;HEP",
    "ReceiveCoilName": "Head_32",
    "ReconMatrixPE": 116,
    "RefLinesPE": 24,
    "RepetitionTime": 3.7,
    "SAR": 0.327516,
    "ScanOptions": "PFP\\FS",
    "ScanningSequence": "EP",
    "SequenceName": "*ep_b0",
    "SequenceVariant": "SK\\SP",
    "SeriesDescription": "DTI_MB_3SHELL_mono_TE91_ORIG",
    "SeriesNumber": 12,
    "ShimSetting": [
        8138,
        -13702,
        14984,
        20,
        16,
        -398,
        -528,
        -557
    ],
    "SliceThickness": 2,
    "SliceTiming": [
        0,
        1.9175,
        0.1575,
        2.0775,
        0.3175,
        2.2375,
        0.4775,
        2.3975,
        0.6375,
        2.5575,
        0.7975,
        2.7175,
        0.9575,
        2.8775,
        1.1175,
        3.0375,
        1.2775,
        3.1975,
        1.4375,
        3.3575,
        1.5975,
        3.5175,
        1.7575,
        0,
        1.9175,
        0.1575,
        2.0775,
        0.3175,
        2.2375,
        0.4775,
        2.3975,
        0.6375,
        2.5575,
        0.7975,
        2.7175,
        0.9575,
        2.8775,
        1.1175,
        3.0375,
        1.2775,
        3.1975,
        1.4375,
        3.3575,
        1.5975,
        3.5175,
        1.7575,
        0,
        1.9175,
        0.1575,
        2.0775,
        0.3175,
        2.2375,
        0.4775,
        2.3975,
        0.6375,
        2.5575,
        0.7975,
        2.7175,
        0.9575,
        2.8775,
        1.1175,
        3.0375,
        1.2775,
        3.1975,
        1.4375,
        3.3575,
        1.5975,
        3.5175,
        1.7575
    ],
    "SoftwareVersions": "syngo MR E11",
    "SpacingBetweenSlices": 2,
    "SpoilingState": true,
    "StationName": "AWP45424",
    "TotalReadoutTime": 0.0379504,
    "TxRefAmp": 388.328,
    "IntendedFor": [
        "ses-01/func/sub-HML0390_ses-01_task-rest_bold.nii.gz",
        "ses-01/perf/sub-HML0390_ses-01_acq-prod_asl.nii.gz"
    ]
}