{
  "AcquisitionMatrixPE": 448,
  "AcquisitionNumber": 1,
  "AcquisitionTime": "09:21:5.210000",
  "BaseResolution": 448,
  "BodyPartExamined": "BRAIN",
  "CoilCombinationMethod": "Adaptive Combine",
  "ConsistencyInfo": "N4_VE11C_LATEST_20160120",
  "ConversionSoftware": "dcm2niix",
  "ConversionSoftwareVersion": "v1.0.20220720",
  "DeviceSerialNumber": "45424",
  "DwellTime": 1.12e-05,
  "EchoTime": 0.051,
  "EchoTrainLength": 15,
  "FlipAngle": 130,
  "ImageOrientationPatientDICOM": [0.999106, -0.0153293, 0.0394027, 0.0415944, 0.189286, -0.981041],
  "ImageOrientationText": "Cor>Tra(-10.9)>Sag(-0.4)",
  "ImageType": [
    "ORIGINAL",
    "PRIMARY",
    "M",
    "ND",
    "NORM"
],
  "ImagingFrequency": 123.238,
  "InPlanePhaseEncodingDirectionDICOM": "ROW",
  "InstitutionAddress": "North Warren Ave 1609,Tucson,Denver,US,85719",
  "InstitutionName": "University of Arizona",
  "InstitutionalDepartmentName": "Department",
  "MRAcquisitionType": "2D",
  "MagneticFieldStrength": 3,
  "Manufacturer": "Siemens",
  "ManufacturersModelName": "Skyra",
  "MatrixCoilMode": "GRAPPA",
  "Modality": "MR",
  "NonlinearGradientCorrection": false,
  "NumberOfAverages": 2,
  "ParallelReductionFactorInPlane": 2,
  "PartialFourier": 1,
  "PatientPosition": "HFS",
  "PercentPhaseFOV": 100,
  "PercentSampling": 100,
  "PhaseEncodingDirection": "i",
  "PhaseEncodingSteps": 480,
  "PhaseOversampling": 0.05,
  "PhaseResolution": 1,
  "PixelBandwidth": 100,
  "ProcedureStepDescription": "Chen^OLD_PAN",
  "ProtocolName": "HighResHippocampus",
  "PulseSequenceDetails": "%SiemensSeq%\\tse",
  "ReceiveCoilActiveElements": "HEA;HEP",
  "ReceiveCoilName": "Head_32",
  "ReconMatrixPE": 448,
  "RefLinesPE": 32,
  "RepetitionTime": 4.56,
  "SAR": 0.317398,
  "ScanningSequence": "SE",
  "SequenceName": "*tse2d1rr15",
  "SequenceVariant": "SK\\SP\\OSP",
  "SeriesDescription": "HighResHippocampus",
  "SeriesNumber": 9,
  "ShimSetting": [8213, -13723, 15070, -20, 148, -907, -116, -560],
  "SliceThickness": 2,
  "SliceTiming": [0, 110.477, 0.26562, 110.766, 0.53906, 111.047, 0.80469, 111.336, 1.07031, 111.617, 1.34375, 111.906, 1.60938, 112.188, 1.875, 112.477, 2.14844, 112.758, 2.41406, 113.047, 2.67969, 113.328, 2.95312, 113.617, 3.21875, 113.898, 3.48438, 114.188, 3.75781, 114.469, 4.02344, 114.758, 4.28906],
  "SoftwareVersions": "syngo MR E11",
  "SpacingBetweenSlices": 2,
  "SpoilingState": true,
  "StationName": "AWP45424",
  "TxRefAmp": 332.624}