{
    "AcquisitionMatrixPE": 269,
    "AcquisitionNumber": 1,
    "AcquisitionTime": "08:37:17.997500",
    "BaseResolution": 384,
    "BodyPartExamined": "BRAIN",
    "CoilCombinationMethod": "Adaptive Combine",
    "ConsistencyInfo": "N4_VE11C_LATEST_20160120",
    "ConversionSoftware": "dcm2niix",
    "ConversionSoftwareVersion": "v1.0.20220720",
    "DeviceSerialNumber": "45424",
    "DwellTime": 4.7e-06,
    "EchoNumber": 1,
    "EchoTime": 0.00671,
    "EchoTrainLength": 5,
    "FlipAngle": 15,
    "ImageOrientationPatientDICOM": [
        0.999776,
        -0.0151441,
        0.0147675,
        0.0174512,
        0.985069,
        -0.171275
    ],
    "ImageOrientationText": "Tra>Cor(-9.9)>Sag(0.7)",
    "ImageType": [
        "ORIGINAL",
        "PRIMARY",
        "M",
        "NORM",
        "DIS3D",
        "DIS2D"
    ],
    "ImagingFrequency": 123.238,
    "InPlanePhaseEncodingDirectionDICOM": "ROW",
    "InstitutionAddress": "North Warren Ave 1609,Tucson,Denver,US,85719",
    "InstitutionName": "University of Arizona",
    "InstitutionalDepartmentName": "Department",
    "MRAcquisitionType": "3D",
    "MagneticFieldStrength": 3,
    "Manufacturer": "Siemens",
    "ManufacturersModelName": "Skyra",
    "MatrixCoilMode": "GRAPPA",
    "Modality": "MR",
    "NonlinearGradientCorrection": true,
    "ParallelReductionFactorInPlane": 2,
    "PartialFourier": 1,
    "PatientPosition": "HFS",
    "PercentPhaseFOV": 100,
    "PercentSampling": 70,
    "PhaseEncodingDirection": "i",
    "PhaseEncodingSteps": 269,
    "PhaseResolution": 0.7,
    "PixelBandwidth": 275,
    "ProcedureStepDescription": "Chen^PAN_COREE",
    "ProtocolName": "Axial 3D ME T2 GRE",
    "PulseSequenceDetails": "%SiemensSeq%\\gre",
    "ReceiveCoilActiveElements": "HEA;HEP",
    "ReceiveCoilName": "Head_32",
    "ReconMatrixPE": 384,
    "RefLinesPE": 24,
    "RepetitionTime": 0.037,
    "SAR": 0.230301,
    "ScanOptions": "SAT1",
    "ScanningSequence": "GR",
    "SequenceName": "*fl3d5r",
    "SequenceVariant": "SP\\OSP",
    "SeriesDescription": "Axial 3D ME T2 GRE",
    "SeriesNumber": 10,
    "ShimSetting": [
        8108,
        -13659,
        14973,
        123,
        220,
        -431,
        -266,
        -493
    ],
    "SliceThickness": 1.8,
    "SoftwareVersions": "syngo MR E11",
    "StationName": "AWP45424",
    "TxRefAmp": 331.041,
    "IntendedFor": [
        "ses-01/func/sub-HML0051_ses-01_task-rest_bold.nii.gz"
    ]
}