{
    "AcquisitionDuration": 484,
    "AcquisitionMatrixPE": 62,
    "AcquisitionNumber": 1,
    "AcquisitionTime": "08:02:21.210000",
    "ArterialSpinLabelingType": "PASL",
    "BaseResolution": 64,
    "BodyPartExamined": "BRAIN",
    "CoilCombinationMethod": "Adaptive Combine",
    "CoilString": "Head_32",
    "ConversionSoftware": "dcm2niix",
    "ConversionSoftwareVersion": "v1.0.20220720",
    "DeviceSerialNumber": "45424",
    "DwellTime": 3.2e-06,
    "EchoTime": 0.0206,
    "EchoTrainLength": 31,
    "FlipAngle": 180,
    "ImageOrientationPatientDICOM": [
        1,
        0,
        0,
        0,
        1,
        0
    ],
    "ImageType": [
        "ORIGINAL",
        "PRIMARY",
        "ASL",
        "NONE"
    ],
    "ImageTypeText": [
        "ORIGINAL",
        "PRIMARY",
        "ASL",
        "NONE",
        "NORM",
        "DIS3D",
        "DIS2D"
    ],
    "ImagingFrequency": 123.221,
    "InPlanePhaseEncodingDirectionDICOM": "COL",
    "InstitutionAddress": "North Cherry Avenue 1230,Tucson,Denver,US,85721",
    "InstitutionName": "University of Arizona",
    "Interpolation2D": 1,
    "MRAcquisitionType": "3D",
    "MTState": false,
    "MagneticFieldStrength": 3,
    "Manufacturer": "Siemens",
    "ManufacturersModelName": "MAGNETOM Skyra",
    "MatrixCoilMode": "SENSE",
    "Modality": "MR",
    "NonlinearGradientCorrection": true,
    "PartialFourier": 1,
    "PatientPosition": "HFS",
    "PercentPhaseFOV": 100,
    "PercentSampling": 96.875,
    "PhaseEncodingDirection": "j-",
    "PhaseResolution": 0.96875,
    "PixelBandwidth": 2441,
    "PostLabelDelay": 0.01,
    "ProtocolName": "PASL_PRODUCT_PLD-2750",
    "PulseSequenceDetails": "%SiemensSeq%\\tgse_asl",
    "PulseSequenceName": "*tgse3d1_5952",
    "ReceiveCoilActiveElements": "HEA;HEP",
    "ReceiveCoilName": "Head_32",
    "ReconMatrixPE": 128,
    "RepetitionTime": 4,
    "ScanOptions": "FS",
    "ScanningSequence": "EP",
    "SequenceVariant": "SK",
    "SeriesDescription": "PASL_PRODUCT_PLD-2750",
    "SeriesNumber": 25,
    "ShimSetting": [
        8224,
        -13640,
        14942,
        270,
        -6,
        -315,
        -262,
        -638
    ],
    "SliceThickness": 4.5,
    "SoftwareVersions": "syngo MR XA30",
    "StationName": "AWP45424",
    "TxRefAmp": 337.18,
    "EffectiveEchoSpacing": 0.0005,
    "PostLabelingDelay": 2.75,
    "LabelingDuration": 0.8,
    "BolusCutOffFlag": true,
    "BolusCutOffTechnique": "QUIPSSII",
    "BolusCutOffDelayTechnique": "QUIPSSII",
    "BolusCutOffDelayTime": 0.8,
    "RepetitionTimePreparation": 4,
    "M0Type": "Separate",
    "BackgroundSuppression": true,
    "TotalAcquiredPairs": 10
}