{
    "AcquisitionDuration": 74,
    "AcquisitionMatrixPE": 62,
    "AcquisitionNumber": 1,
    "AcquisitionTime": "11:34:21.272500",
    "ArterialSpinLabelingType": "PCASL",
    "BaseResolution": 64,
    "BodyPartExamined": "BRAIN",
    "CoilCombinationMethod": "Adaptive Combine",
    "CoilString": "Head_32",
    "ConversionSoftware": "dcm2niix",
    "ConversionSoftwareVersion": "v1.0.20220720",
    "DeviceSerialNumber": "45424",
    "DwellTime": 2.3e-06,
    "EchoTime": 0.0195,
    "EchoTrainLength": 31,
    "FlipAngle": 180,
    "ImageOrientationPatientDICOM": [
        0.999718,
        -0.000669199,
        -0.0237336,
        -2.03001e-08,
        0.999603,
        -0.0281859
    ],
    "ImageType": [
        "ORIGINAL",
        "PRIMARY",
        "ASL",
        "NONE"
    ],
    "ImageTypeText": [
        "ORIGINAL",
        "PRIMARY",
        "ASL",
        "NONE",
        "NORM",
        "DIS3D",
        "DIS2D"
    ],
    "ImagingFrequency": 123.219,
    "InPlanePhaseEncodingDirectionDICOM": "COL",
    "InstitutionAddress": "North Cherry Avenue 1230,Tucson,Denver,US,85721",
    "InstitutionName": "University of Arizona",
    "Interpolation2D": 1,
    "MRAcquisitionType": "3D",
    "MTState": false,
    "MagneticFieldStrength": 3,
    "Manufacturer": "Siemens",
    "ManufacturersModelName": "MAGNETOM Skyra",
    "MatrixCoilMode": "GRAPPA",
    "Modality": "MR",
    "NonlinearGradientCorrection": true,
    "ParallelAcquisitionTechnique": "GRAPPA",
    "ParallelReductionFactorInPlane": 2,
    "PartialFourier": 0.875,
    "PartialFourierDirection": "PHASE",
    "PatientPosition": "HFS",
    "PercentPhaseFOV": 100,
    "PercentSampling": 96.2733,
    "PhaseEncodingDirection": "j",
    "PhaseOversampling": 0.15,
    "PhaseResolution": 0.962733,
    "PixelBandwidth": 3397,
    "PostLabelDelay": 1.8,
    "ProtocolName": "PCASL_M0_3000PLD_noBS_PA",
    "PulseSequenceDetails": "%SiemensSeq%\\tgse_asl",
    "PulseSequenceName": "*tgse3d1_1860",
    "ReceiveCoilActiveElements": "HEA;HEP",
    "ReceiveCoilName": "Head_32",
    "ReconMatrixPE": 128,
    "RefLinesPE": 24,
    "RepetitionTime": 5.6,
    "ScanOptions": "PFP\\SAT1\\FS",
    "ScanningSequence": "EP",
    "SequenceVariant": "SK\\OSP",
    "SeriesDescription": "PCASL_M0_3000PLD_noBS_PA",
    "SeriesNumber": 26,
    "ShimSetting": [
        8246,
        -13587,
        14916,
        97,
        65,
        197,
        -416,
        -534
    ],
    "SliceThickness": 4.5,
    "SoftwareVersions": "syngo MR XA30",
    "StationName": "AWP45424",
    "TxRefAmp": 341.812,
    "RepetitionTimePreparation": 5.6,
    "IntendedFor": [
        "ses-follow01/perf/sub-HML0271_ses-follow01_acq-pcasl1260_dir-AP_asl.nii.gz",
        "ses-follow01/perf/sub-HML0271_ses-follow01_acq-pcasl2500_dir-AP_asl.nii.gz",
        "ses-follow01/perf/sub-HML0271_ses-follow01_acq-pcasl3000_dir-PA_asl.nii.gz",
        "ses-follow01/perf/sub-HML0271_ses-follow01_acq-pcasl1800_dir-AP_asl.nii.gz",
        "ses-follow01/perf/sub-HML0271_ses-follow01_acq-pcasl2100_dir-PA_asl.nii.gz",
        "ses-follow01/perf/sub-HML0271_ses-follow01_acq-pcasl1500_dir-PA_asl.nii.gz"
    ]
}