{
    "Modality": "MR",
    "MagneticFieldStrength": 3,
    "ImagingFrequency": 123.221,
    "Manufacturer": "Siemens",
    "ManufacturersModelName": "MAGNETOM Skyra",
    "InstitutionName": "University of Arizona",
    "InstitutionAddress": "North Cherry Avenue 1230,Tucson,Denver,US,85721",
    "DeviceSerialNumber": "45424",
    "StationName": "AWP45424",
    "BodyPartExamined": "BRAIN",
    "PatientPosition": "HFS",
    "SoftwareVersions": "syngo MR XA30",
    "MRAcquisitionType": "3D",
    "SeriesDescription": "PCASL_M0_3000PLD_noBS_PA",
    "ProtocolName": "PCASL_M0_3000PLD_noBS_PA",
    "ScanningSequence": "GR",
    "SequenceVariant": "SK",
    "ScanOptions": "SP\\PFP\\FS\\PER",
    "SequenceName": "*tgse3d1_1860",
    "ImageType": [
        "ORIGINAL",
        "PRIMARY",
        "ASL",
        "NONE",
        "NORM",
        "DIS3D",
        "MFSPLIT"
    ],
    "ImageTypeText": [
        "ORIGINAL",
        "PRIMARY",
        "ASL",
        "NONE"
    ],
    "NonlinearGradientCorrection": true,
    "SeriesNumber": 29001,
    "AcquisitionTime": "11:11:29.240000",
    "AcquisitionNumber": 1,
    "SliceThickness": 4.5,
    "SAR": 0.437962,
    "EchoTime": 0.019,
    "RepetitionTime": 16.8,
    "RepetitionTimeExcitation": 5.6,
    "InversionTime": 3,
    "FlipAngle": 180,
    "PartialFourier": 0.875,
    "Interpolation2D": 1,
    "BaseResolution": 64,
    "ShimSetting": [
        8261,
        -13755,
        15038,
        242,
        -16,
        -162,
        -168,
        -727
    ],
    "TxRefAmp": 331.218,
    "PhaseResolution": 0.962733,
    "PhaseOversampling": 0.15,
    "ReceiveCoilName": "Head_32",
    "ReceiveCoilActiveElements": "HEA;HEP",
    "CoilString": "Head_32",
    "PulseSequenceDetails": "%SiemensSeq%\\tgse_asl",
    "RefLinesPE": 24,
    "CoilCombinationMethod": "Adaptive Combine",
    "MatrixCoilMode": "GRAPPA",
    "PercentPhaseFOV": 100,
    "PercentSampling": 96.2733,
    "EchoTrainLength": 31,
    "PhaseEncodingSteps": 62,
    "AcquisitionMatrixPE": 62,
    "ReconMatrixPE": 128,
    "ParallelReductionFactorInPlane": 2,
    "PixelBandwidth": 3397,
    "DwellTime": 2.3e-06,
    "PhaseEncodingDirection": "j",
    "ImageOrientationPatientDICOM": [
        0.993744,
        -0.00831007,
        0.11137,
        1.78953e-08,
        0.997228,
        0.0744095
    ],
    "InPlanePhaseEncodingDirectionDICOM": "COL",
    "ConversionSoftware": "dcm2niix",
    "ConversionSoftwareVersion": "v1.0.20220720",
    "RepetitionTimePreparation": 5.6,
    "IntendedFor": [
        "ses-follow01/perf/sub-HML0076_ses-follow01_acq-pcasl2100_dir-PA_asl.nii.gz",
        "ses-follow01/perf/sub-HML0076_ses-follow01_acq-pcasl1800_dir-AP_asl.nii.gz",
        "ses-follow01/perf/sub-HML0076_ses-follow01_acq-pcasl2500_dir-AP_asl.nii.gz",
        "ses-follow01/perf/sub-HML0076_ses-follow01_acq-pcasl3000_dir-PA_asl.nii.gz",
        "ses-follow01/perf/sub-HML0076_ses-follow01_acq-pcasl1260_dir-AP_asl.nii.gz",
        "ses-follow01/perf/sub-HML0076_ses-follow01_acq-pcasl1500_dir-PA_asl.nii.gz"
    ]
}