{
    "AcquisitionMatrixPE": 62,
    "AcquisitionNumber": 20,
    "AcquisitionTime": "11:04:59.607500",
    "BaseResolution": 64,
    "BodyPartExamined": "BRAIN",
    "CoilCombinationMethod": "Adaptive Combine",
    "CoilString": "Head_32",
    "ConversionSoftware": "dcm2niix",
    "ConversionSoftwareVersion": "v1.0.20220720",
    "DeviceSerialNumber": "45424",
    "DwellTime": 3.2e-06,
    "EchoTime": 0.0206,
    "EchoTrainLength": 31,
    "FlipAngle": 180,
    "ImageOrientationPatientDICOM": [
        0.993744,
        -0.00831007,
        0.11137,
        1.71613e-08,
        0.997228,
        0.0744095
    ],
    "ImageType": [
        "ORIGINAL",
        "PRIMARY",
        "ASL",
        "NONE",
        "NORM",
        "DIS3D",
        "MFSPLIT"
    ],
    "ImageTypeText": [
        "ORIGINAL",
        "PRIMARY",
        "ASL",
        "NONE"
    ],
    "ImagingFrequency": 123.221,
    "InPlanePhaseEncodingDirectionDICOM": "COL",
    "InstitutionAddress": "North Cherry Avenue 1230,Tucson,Denver,US,85721",
    "InstitutionName": "University of Arizona",
    "Interpolation2D": 1,
    "InversionTime": 2.75,
    "MRAcquisitionType": "3D",
    "MagneticFieldStrength": 3,
    "Manufacturer": "Siemens",
    "ManufacturersModelName": "MAGNETOM Skyra",
    "MatrixCoilMode": "SENSE",
    "Modality": "MR",
    "NonlinearGradientCorrection": true,
    "PartialFourier": 1,
    "PatientPosition": "HFS",
    "PercentPhaseFOV": 100,
    "PercentSampling": 96.875,
    "PhaseEncodingDirection": "j-",
    "PhaseEncodingSteps": 62,
    "PhaseResolution": 0.96875,
    "PixelBandwidth": 2441,
    "ProtocolName": "PASL_PRODUCT_PLD-2750",
    "PulseSequenceDetails": "%SiemensSeq%\\tgse_asl",
    "ReceiveCoilActiveElements": "HEA;HEP",
    "ReceiveCoilName": "Head_32",
    "ReconMatrixPE": 128,
    "RepetitionTime": 4,
    "SAR": 0.386454,
    "ScanOptions": "FS\\PER",
    "ScanningSequence": "GR",
    "SequenceName": "*tgse3d1_5952",
    "SequenceVariant": "SK",
    "SeriesDescription": "PASL_PRODUCT_PLD-2750",
    "SeriesNumber": 23020,
    "ShimSetting": [
        8260,
        -13770,
        14953,
        161,
        112,
        -437,
        -173,
        -646
    ],
    "SliceThickness": 4.5,
    "SoftwareVersions": "syngo MR XA30",
    "StationName": "AWP45424",
    "TxRefAmp": 331.218,
    "EffectiveEchoSpacing": 0.0005,
    "ArterialSpinLabelingType": "PASL",
    "PostLabelingDelay": 2.75,
    "LabelingDuration": 0.8,
    "BolusCutOffFlag": true,
    "BolusCutOffTechnique": "QUIPSSII",
    "BolusCutOffDelayTechnique": "QUIPSSII",
    "BolusCutOffDelayTime": 0.8,
    "RepetitionTimePreparation": 4,
    "M0Type": "Separate",
    "BackgroundSuppression": true,
    "TotalAcquiredPairs": 10
}