{
  "AcquisitionMatrixPE": 269,
  "AcquisitionNumber": 1,
  "AcquisitionTime": "08:02:39.012500",
  "BaseResolution": 384,
  "BodyPartExamined": "BRAIN",
  "CoilCombinationMethod": "Adaptive Combine",
  "ConsistencyInfo": "N4_VE11C_LATEST_20160120",
  "ConversionSoftware": "dcm2niix",
  "ConversionSoftwareVersion": "v1.0.20220720",
  "DeviceSerialNumber": "45424",
  "DwellTime": 4.7e-06,
  "EchoNumber": 5,
  "EchoTime": 0.02235,
  "EchoTrainLength": 5,
  "FlipAngle": 15,
  "ImageOrientationPatientDICOM": [
    0.999662,
    -6.70524e-06,
    0.026005,
    -5.066e-12,
    1,
    0.000257845
  ],
  "ImageOrientationText": "Tra>Sag(1.5)>Cor(0.0)",
  "ImageType": [
    "ORIGINAL",
    "PRIMARY",
    "M",
    "NORM",
    "DIS3D",
    "DIS2D"
  ],
  "ImagingFrequency": 123.221,
  "InPlanePhaseEncodingDirectionDICOM": "ROW",
  "InstitutionAddress": "North Cherry Avenue 1230,Tucson,Denver,US,85719",
  "InstitutionName": "University of Arizona",
  "InstitutionalDepartmentName": "Department",
  "MRAcquisitionType": "3D",
  "MagneticFieldStrength": 3,
  "Manufacturer": "Siemens",
  "ManufacturersModelName": "Skyra",
  "MatrixCoilMode": "GRAPPA",
  "Modality": "MR",
  "NonlinearGradientCorrection": true,
  "ParallelReductionFactorInPlane": 2,
  "PartialFourier": 1,
  "PatientPosition": "HFS",
  "PercentPhaseFOV": 100,
  "PercentSampling": 70,
  "PhaseEncodingDirection": "i",
  "PhaseEncodingSteps": 269,
  "PhaseResolution": 0.7,
  "PixelBandwidth": 275,
  "ProcedureStepDescription": "EKSTROM^COMPRESSION",
  "ProtocolName": "Axial 3D ME T2 GRE",
  "PulseSequenceDetails": "%SiemensSeq%\\gre",
  "ReceiveCoilActiveElements": "HEA;HEP",
  "ReceiveCoilName": "Head_32",
  "ReconMatrixPE": 384,
  "RefLinesPE": 24,
  "RepetitionTime": 0.037,
  "SAR": 0.230678,
  "ScanOptions": "SAT1",
  "ScanningSequence": "GR",
  "SequenceName": "*fl3d5r",
  "SequenceVariant": "SP\\OSP",
  "SeriesDescription": "Axial 3D ME T2 GRE",
  "SeriesNumber": 22,
  "ShimSetting": [
    8158,
    -13762,
    14965,
    8,
    381,
    -229,
    97,
    -714
  ],
  "SliceThickness": 1.8,
  "SoftwareVersions": "syngo MR E11",
  "StationName": "AWP45424",
  "TxRefAmp": 375.837
}