{
    "Modality": "MR",
    "MagneticFieldStrength": 3,
    "ImagingFrequency": 123.255,
    "Manufacturer": "Siemens",
    "ManufacturersModelName": "MAGNETOM Prisma Fit",
    "InstitutionName": "GSU/GT Center for Advanced Brain Imaging",
    "InstitutionAddress": "Marietta St. NW 831,Atlanta,Southeast,US,30318",
    "DeviceSerialNumber": "167063",
    "StationName": "AWP167063",
    "BodyPartExamined": "BRAIN",
    "PatientPosition": "HFS",
    "ProcedureStepDescription": "VCALHOUN^PAN_HML_1341349",
    "SoftwareVersions": "syngo MR XA30",
    "MRAcquisitionType": "3D",
    "SeriesDescription": "Sagittal 3D FLAIR",
    "ProtocolName": "Sagittal 3D FLAIR",
    "ScanningSequence": "SE\\IR",
    "SequenceVariant": "SK\\SP\\MP",
    "ScanOptions": "IR\\PFP\\FS",
    "PulseSequenceName": "*spcir_243ns",
    "ImageType": [
        "ORIGINAL",
        "PRIMARY",
        "M",
        "NONE"
    ],
    "ImageTypeText": [
        "ORIGINAL",
        "PRIMARY",
        "M",
        "NORM",
        "DIS3D",
        "DIS2D"
    ],
    "NonlinearGradientCorrection": true,
    "SeriesNumber": 12,
    "AcquisitionTime": "15:25:7.405000",
    "AcquisitionNumber": 1,
    "SliceThickness": 1.2,
    "EchoTime": 0.441,
    "RepetitionTime": 4.8,
    "MTState": false,
    "SpoilingState": true,
    "InversionTime": 1.65,
    "FlipAngle": 120,
    "PartialFourier": 1,
    "BaseResolution": 256,
    "ShimSetting": [
        3621,
        -5627,
        -5791,
        205,
        -5,
        -348,
        -76,
        -16
    ],
    "TxRefAmp": 284.849,
    "PhaseResolution": 1,
    "ReceiveCoilName": "Head_32",
    "ReceiveCoilActiveElements": "HEA;HEP",
    "CoilString": "Head_32",
    "PulseSequenceDetails": "%SiemensSeq%\\space",
    "RefLinesPE": 24,
    "CoilCombinationMethod": "Adaptive Combine",
    "MatrixCoilMode": "GRAPPA",
    "PercentPhaseFOV": 100,
    "PercentSampling": 100,
    "EchoTrainLength": 243,
    "PartialFourierDirection": "PHASE",
    "AcquisitionMatrixPE": 256,
    "ReconMatrixPE": 256,
    "ParallelReductionFactorInPlane": 3,
    "ParallelAcquisitionTechnique": "GRAPPA",
    "AcquisitionDuration": 312.815,
    "PixelBandwidth": 849,
    "DwellTime": 2.3e-06,
    "PhaseEncodingDirection": "i",
    "ImageOrientationPatientDICOM": [
        0,
        1,
        0,
        0,
        0,
        -1
    ],
    "InPlanePhaseEncodingDirectionDICOM": "ROW",
    "ConversionSoftware": "dcm2niix",
    "ConversionSoftwareVersion": "v1.0.20220720",
    "Dcm2bidsVersion": "2.1.6"
}