{
    "Modality": "MR",
    "MagneticFieldStrength": 3,
    "ImagingFrequency": 123.255,
    "Manufacturer": "Siemens",
    "ManufacturersModelName": "MAGNETOM Prisma Fit",
    "InstitutionName": "GSU/GT Center for Advanced Brain Imaging",
    "InstitutionAddress": "Marietta St. NW 831,Atlanta,Southeast,US,30318",
    "DeviceSerialNumber": "167063",
    "StationName": "AWP167063",
    "BodyPartExamined": "BRAIN",
    "PatientPosition": "HFS",
    "ProcedureStepDescription": "VCALHOUN^PAN_HML_1341349",
    "SoftwareVersions": "syngo MR XA30",
    "MRAcquisitionType": "2D",
    "SeriesDescription": "DTI_MB_3SHELL_mono_TE91_ORIG",
    "ProtocolName": "DTI_MB_3SHELL_mono_TE91",
    "ScanningSequence": "EP",
    "SequenceVariant": "SK\\SP",
    "ScanOptions": "PFP\\FS",
    "PulseSequenceName": "*epse2d1_116",
    "ImageType": [
        "ORIGINAL",
        "PRIMARY",
        "DIFFUSION",
        "NONE"
    ],
    "ImageTypeText": [
        "ORIGINAL",
        "PRIMARY",
        "DIFFUSION",
        "NONE",
        "ND",
        "NORM"
    ],
    "NonlinearGradientCorrection": false,
    "SeriesNumber": 3,
    "AcquisitionTime": "11:47:30.330000",
    "AcquisitionNumber": 3,
    "SliceThickness": 2,
    "SpacingBetweenSlices": 2,
    "EchoTime": 0.091,
    "RepetitionTime": 3.7,
    "MTState": false,
    "FlipAngle": 90,
    "PartialFourier": 0.75,
    "BaseResolution": 116,
    "ShimSetting": [
        3630,
        -5625,
        -5862,
        232,
        -13,
        -99,
        -89,
        -68
    ],
    "DiffusionScheme": "Monopolar",
    "TxRefAmp": 256.784,
    "PhaseResolution": 1,
    "VendorReportedEchoSpacing": 0.00066,
    "ReceiveCoilName": "Head_32",
    "ReceiveCoilActiveElements": "HEA;HEP",
    "CoilString": "Head_32",
    "PulseSequenceDetails": "%SiemensSeq%\\ep2d_diff",
    "RefLinesPE": 24,
    "CoilCombinationMethod": "Adaptive Combine",
    "MultibandAccelerationFactor": 3,
    "PercentPhaseFOV": 100,
    "PercentSampling": 100,
    "EchoTrainLength": 43,
    "PartialFourierDirection": "PHASE",
    "AcquisitionMatrixPE": 116,
    "ReconMatrixPE": 116,
    "BandwidthPerPixelPhaseEncode": 26.123,
    "ParallelReductionFactorInPlane": 2,
    "ParallelAcquisitionTechnique": "SMS",
    "EffectiveEchoSpacing": 0.000330004,
    "DerivedVendorReportedEchoSpacing": 0.000660008,
    "AcquisitionDuration": 538.52,
    "TotalReadoutTime": 0.0379504,
    "PixelBandwidth": 1796,
    "DwellTime": 2.4e-06,
    "PhaseEncodingDirection": "j-",
    "SliceTiming": [
        0,
        1.9175,
        0.16,
        2.0775,
        0.32,
        2.2375,
        0.48,
        2.3975,
        0.639998,
        2.5575,
        0.799998,
        2.7175,
        0.959998,
        2.8775,
        1.12,
        3.0375,
        1.2775,
        3.1975,
        1.4375,
        3.3575,
        1.5975,
        3.5175,
        1.7575,
        0,
        1.9175,
        0.16,
        2.0775,
        0.32,
        2.2375,
        0.48,
        2.3975,
        0.639998,
        2.5575,
        0.799998,
        2.7175,
        0.959998,
        2.8775,
        1.12,
        3.0375,
        1.2775,
        3.1975,
        1.4375,
        3.3575,
        1.5975,
        3.5175,
        1.7575,
        0,
        1.9175,
        0.16,
        2.0775,
        0.32,
        2.2375,
        0.48,
        2.3975,
        0.639998,
        2.5575,
        0.799998,
        2.7175,
        0.959998,
        2.8775,
        1.12,
        3.0375,
        1.2775,
        3.1975,
        1.4375,
        3.3575,
        1.5975,
        3.5175,
        1.7575
    ],
    "ImageOrientationPatientDICOM": [
        1,
        0,
        0,
        0,
        1,
        0
    ],
    "InPlanePhaseEncodingDirectionDICOM": "COL",
    "ConversionSoftware": "dcm2niix",
    "ConversionSoftwareVersion": "v1.0.20220720",
    "Dcm2bidsVersion": "2.1.6",
    "IntendedFor": [
        "ses-01/func/sub-HML0394_ses-01_task-rest_bold.nii.gz",
        "ses-01/perf/sub-HML0394_ses-01_acq-prod_asl.nii.gz"
    ]
}