{
    "Modality": "MR",
    "MagneticFieldStrength": 3,
    "ImagingFrequency": 123.255,
    "Manufacturer": "Siemens",
    "ManufacturersModelName": "MAGNETOM Prisma Fit",
    "InstitutionName": "GSU/GT Center for Advanced Brain Imaging",
    "InstitutionAddress": "Marietta St. NW 831,Atlanta,Southeast,US,30318",
    "DeviceSerialNumber": "167063",
    "StationName": "AWP167063",
    "BodyPartExamined": "BRAIN",
    "PatientPosition": "HFS",
    "ProcedureStepDescription": "VCALHOUN PAN_HML_1341349",
    "SoftwareVersions": "syngo MR XA30",
    "MRAcquisitionType": "2D",
    "SeriesDescription": "RS_FMRI_MB_high_resolution",
    "ProtocolName": "RS_FMRI_MB_high_resolution",
    "ScanningSequence": "EP",
    "SequenceVariant": "SK",
    "ScanOptions": "FS",
    "PulseSequenceName": "*epfid2d1_88",
    "ImageType": [
        "ORIGINAL",
        "PRIMARY",
        "FMRI",
        "NONE"
    ],
    "ImageTypeText": [
        "ORIGINAL",
        "PRIMARY",
        "M",
        "ND",
        "NORM"
    ],
    "NonlinearGradientCorrection": false,
    "SeriesNumber": 8,
    "AcquisitionTime": "10:50:16.042500",
    "AcquisitionNumber": 1,
    "SliceThickness": 2.5,
    "SpacingBetweenSlices": 2.5,
    "EchoTime": 0.03,
    "RepetitionTime": 2,
    "MTState": false,
    "FlipAngle": 77,
    "PartialFourier": 1,
    "BaseResolution": 88,
    "ShimSetting": [
        3606,
        -5579,
        -5870,
        456,
        -58,
        -325,
        -126,
        38
    ],
    "TxRefAmp": 238.622,
    "PhaseResolution": 1,
    "ReceiveCoilName": "Head_32",
    "ReceiveCoilActiveElements": "HEA;HEP",
    "CoilString": "Head_32",
    "PulseSequenceDetails": "%SiemensSeq%\\ep2d_bold",
    "RefLinesPE": 24,
    "CoilCombinationMethod": "Sum of Squares",
    "MultibandAccelerationFactor": 3,
    "PercentPhaseFOV": 100,
    "PercentSampling": 100,
    "EchoTrainLength": 43,
    "AcquisitionMatrixPE": 88,
    "ReconMatrixPE": 88,
    "BandwidthPerPixelPhaseEncode": 38.521,
    "ParallelReductionFactorInPlane": 2,
    "ParallelAcquisitionTechnique": "SMS",
    "EffectiveEchoSpacing": 0.000294998,
    "DerivedVendorReportedEchoSpacing": 0.000589997,
    "AcquisitionDuration": 612.885,
    "TotalReadoutTime": 0.0256649,
    "PixelBandwidth": 2367,
    "DwellTime": 2.4e-06,
    "PhaseEncodingDirection": "j-",
    "SliceTiming": [
        0,
        1.035,
        0.0925,
        1.13,
        0.1875,
        1.225,
        0.2825,
        1.32,
        0.3775,
        1.4125,
        0.47,
        1.5075,
        0.565,
        1.6025,
        0.66,
        1.695,
        0.7525,
        1.79,
        0.8475,
        1.885,
        0.9425,
        0,
        1.035,
        0.0925,
        1.13,
        0.1875,
        1.225,
        0.2825,
        1.32,
        0.3775,
        1.4125,
        0.47,
        1.5075,
        0.565,
        1.6025,
        0.66,
        1.695,
        0.7525,
        1.79,
        0.8475,
        1.885,
        0.9425,
        0,
        1.035,
        0.0925,
        1.13,
        0.1875,
        1.225,
        0.2825,
        1.32,
        0.3775,
        1.4125,
        0.47,
        1.5075,
        0.565,
        1.6025,
        0.66,
        1.695,
        0.7525,
        1.79,
        0.8475,
        1.885,
        0.9425
    ],
    "ImageOrientationPatientDICOM": [
        1,
        0,
        0,
        0,
        1,
        0
    ],
    "InPlanePhaseEncodingDirectionDICOM": "COL",
    "ConversionSoftware": "dcm2niix",
    "ConversionSoftwareVersion": "v1.0.20220720",
    "Dcm2bidsVersion": "2.1.6",
    "TaskName": "rest"
}