{
    "Modality": "MR",
    "MagneticFieldStrength": 3,
    "ImagingFrequency": 123.252,
    "Manufacturer": "Siemens",
    "ManufacturersModelName": "MAGNETOM Vida",
    "InstitutionName": "Cox Annex",
    "InstitutionAddress": "5151 San Amaro Dr,Coral Gables,Florida,US,33146",
    "DeviceSerialNumber": "176047",
    "StationName": "AWP176047",
    "BodyPartExamined": "BRAIN",
    "PatientPosition": "HFS",
    "ProcedureStepDescription": "Rundek ROUTINE",
    "SoftwareVersions": "syngo MR XA50",
    "MRAcquisitionType": "3D",
    "SeriesDescription": "Axial 3D ME T2 GRE",
    "ProtocolName": "Axial 3D ME T2 GRE",
    "ScanningSequence": "GR",
    "SequenceVariant": "SP\\OSP",
    "ScanOptions": "SAT1",
    "PulseSequenceName": "*fl3d5r",
    "ImageType": [
        "ORIGINAL",
        "PRIMARY",
        "P",
        "NONE",
        "PHASE"
    ],
    "ImageTypeText": [
        "ORIGINAL",
        "PRIMARY",
        "P",
        "DIS3D",
        "DIS2D"
    ],
    "NonlinearGradientCorrection": true,
    "SeriesNumber": 26,
    "AcquisitionTime": "12:00:5.757500",
    "AcquisitionNumber": 1,
    "SliceThickness": 1.8,
    "EchoNumber": 2,
    "EchoTime": 0.01062,
    "RepetitionTime": 0.037,
    "MTState": false,
    "FlipAngle": 15,
    "EchoTime1": 0.00671,
    "EchoTime2": 0.01062,
    "PartialFourier": 1,
    "BaseResolution": 384,
    "ShimSetting": [
        8959,
        3382,
        -8870,
        284,
        -73,
        -290,
        -10,
        119
    ],
    "TxRefAmp": 385.565,
    "PhaseResolution": 0.7,
    "ReceiveCoilName": "HeadNeck_20_TCS",
    "ReceiveCoilActiveElements": "HE1-4;NE2",
    "CoilString": "HeadNeck_20_TCS",
    "PulseSequenceDetails": "%SiemensSeq%\\gre",
    "RefLinesPE": 24,
    "CoilCombinationMethod": "Adaptive Combine",
    "MatrixCoilMode": "GRAPPA",
    "PercentPhaseFOV": 100,
    "PercentSampling": 70,
    "EchoTrainLength": 5,
    "AcquisitionMatrixPE": 269,
    "ReconMatrixPE": 384,
    "ParallelReductionFactorInPlane": 2,
    "ParallelAcquisitionTechnique": "GRAPPA",
    "AcquisitionDuration": 522.107,
    "PixelBandwidth": 277,
    "DwellTime": 4.7e-06,
    "PhaseEncodingDirection": "i",
    "ImageOrientationPatientDICOM": [
        1,
        4.796e-12,
        -9.89e-13,
        -4.897e-12,
        0.979401,
        -0.201923
    ],
    "InPlanePhaseEncodingDirectionDICOM": "ROW",
    "ConversionSoftware": "dcm2niix",
    "ConversionSoftwareVersion": "v1.0.20220720",
    "Dcm2bidsVersion": "2.1.6",
    "IntendedFor": [
        "ses-01/func/sub-HML0968_ses-01_task-rest_bold.nii.gz",
        "ses-01/perf/sub-HML0968_ses-01_acq-prod_asl.nii.gz"
    ]
}