{
    "Modality": "MR",
    "MagneticFieldStrength": 3,
    "ImagingFrequency": 127.769,
    "Manufacturer": "Philips",
    "ManufacturersModelName": "Ingenia Elition X",
    "DeviceSerialNumber": "45002",
    "BodyPartExamined": "BRAIN",
    "PatientPosition": "HFS",
    "SoftwareVersions": "5.7.1\\5.7.1.0",
    "MRAcquisitionType": "2D",
    "SeriesDescription": "Axial fcMRI _EYES OPEN",
    "ProtocolName": "WIP Axial fcMRI _EYES OPEN",
    "ScanningSequence": "GR",
    "SequenceVariant": "SK",
    "ScanOptions": "FS",
    "PulseSequenceName": "FEEPI",
    "ImageType": [
        "ORIGINAL",
        "PRIMARY",
        "T2",
        "NONE"
    ],
    "SeriesNumber": 501,
    "AcquisitionTime": "16:30:55.890000",
    "AcquisitionNumber": 5,
    "ImageComments": "created by dcms2e from PAR/REC",
    "PhilipsRescaleSlope": 0.862271,
    "PhilipsRescaleIntercept": 0,
    "PhilipsScaleSlope": 0.0725376,
    "UsePhilipsFloatNotDisplayScaling": 1,
    "SliceThickness": 2.5,
    "SpacingBetweenSlices": 2.5,
    "EchoTime": 0.03,
    "RepetitionTime": 2,
    "MTState": false,
    "FlipAngle": 77,
    "CoilString": "MULTI COIL",
    "PercentPhaseFOV": 100,
    "PercentSampling": 101.136,
    "EchoTrainLength": 45,
    "PhaseEncodingSteps": 90,
    "AcquisitionMatrixPE": 90,
    "ReconMatrixPE": 112,
    "ParallelReductionFactorInPlane": 2,
    "ParallelAcquisitionTechnique": "MBSENSE",
    "ParallelReductionOutOfPlane": 3,
    "WaterFatShift": 11.5462,
    "EstimatedEffectiveEchoSpacing": 0.000234243,
    "EstimatedTotalReadoutTime": 0.026001,
    "AcquisitionDuration": 605.962,
    "PixelBandwidth": 2377,
    "PhaseEncodingAxis": "j",
    "ImageOrientationPatientDICOM": [
        1,
        0,
        0,
        0,
        1,
        0
    ],
    "InPlanePhaseEncodingDirectionDICOM": "COL",
    "ConversionSoftware": "dcm2niix",
    "ConversionSoftwareVersion": "v1.0.20220720",
    "Dcm2bidsVersion": "2.1.6",
    "PhaseEncodingDirection": "j-",
    "SliceTiming": [
        0.0,
        1.0476,
        0.0952,
        1.1429,
        0.1905,
        1.2381,
        0.2857,
        1.3333,
        0.381,
        1.4286,
        0.4762,
        1.5238,
        0.5714,
        1.619,
        0.6667,
        1.7143,
        0.7619,
        1.8095,
        0.8571,
        1.9048,
        0.9524,
        0.0,
        1.0476,
        0.0952,
        1.1429,
        0.1905,
        1.2381,
        0.2857,
        1.3333,
        0.381,
        1.4286,
        0.4762,
        1.5238,
        0.5714,
        1.619,
        0.6667,
        1.7143,
        0.7619,
        1.8095,
        0.8571,
        1.9048,
        0.9524,
        0.0,
        1.0476,
        0.0952,
        1.1429,
        0.1905,
        1.2381,
        0.2857,
        1.3333,
        0.381,
        1.4286,
        0.4762,
        1.5238,
        0.5714,
        1.619,
        0.6667,
        1.7143,
        0.7619,
        1.8095,
        0.8571,
        1.9048,
        0.9524
    ],
    "EffectiveEchoSpacing": 0.000234243,
    "TotalReadoutTime": 0.026001,
    "TaskName": "rest"
}