{
  "AcquisitionMatrixPE": 240,
  "AcquisitionNumber": 1,
  "AcquisitionTime": "07:24:55.022500",
  "BaseResolution": 256,
  "BodyPartExamined": "BRAIN",
  "CoilCombinationMethod": "Adaptive Combine",
  "ConsistencyInfo": "N4_VE11C_LATEST_20160120",
  "ConversionSoftware": "dcm2niix",
  "ConversionSoftwareVersion": "v1.0.20220720",
  "DeviceSerialNumber": "45424",
  "DwellTime": 8.2e-06,
  "EchoTime": 0.00298,
  "FlipAngle": 9,
  "ImageOrientationPatientDICOM": [0.00523419, 0.999986, 9.36719e-09, 0.000106065, -5.45807e-07, -1],
  "ImageOrientationText": "Sag>Cor(0.3)>Tra(-0.0)",
  "ImageType": [
    "ORIGINAL",
    "PRIMARY",
    "M",
    "NORM",
    "DIS3D",
    "DIS2D"
],
  "ImagingFrequency": 123.221,
  "InPlanePhaseEncodingDirectionDICOM": "ROW",
  "InstitutionAddress": "North Cherry Avenue 1230,Tucson,Denver,US,85719",
  "InstitutionName": "University of Arizona",
  "InstitutionalDepartmentName": "Department",
  "InversionTime": 0.9,
  "MRAcquisitionType": "3D",
  "MagneticFieldStrength": 3,
  "Manufacturer": "Siemens",
  "ManufacturersModelName": "Skyra",
  "MatrixCoilMode": "GRAPPA",
  "Modality": "MR",
  "NonlinearGradientCorrection": true,
  "ParallelReductionFactorInPlane": 2,
  "PartialFourier": 1,
  "PatientPosition": "HFS",
  "PercentPhaseFOV": 93.75,
  "PercentSampling": 100,
  "PhaseEncodingSteps": 239,
  "PhaseResolution": 1,
  "PixelBandwidth": 240,
  "ProcedureStepDescription": "Chen^PAN_COREE",
  "ProtocolName": "Accelerated Sagittal MPRAGE",
  "PulseSequenceDetails": "%SiemensSeq%\\tfl",
  "ReceiveCoilActiveElements": "HEA;HEP",
  "ReceiveCoilName": "Head_32",
  "ReconMatrixPE": 240,
  "RefLinesPE": 32,
  "RepetitionTime": 2.3,
  "SAR": 0.0830154,
  "ScanOptions": "IR",
  "ScanningSequence": "GR\\IR",
  "SequenceName": "*tfl3d1_16ns",
  "SequenceVariant": "SK\\SP\\MP",
  "SeriesDescription": "Accelerated Sagittal MPRAGE",
  "SeriesNumber": 6,
  "ShimSetting": [8233, -13836, 14974, -56, 20, -450, -70, -598],
  "SliceThickness": 1,
  "SoftwareVersions": "syngo MR E11",
  "SpoilingState": true,
  "StationName": "AWP45424",
  "TxRefAmp": 374.123}