{
    "AcquisitionMatrixPE": 269,
    "AcquisitionNumber": 1,
    "AcquisitionTime": "09:05:10.712500",
    "BaseResolution": 384,
    "BodyPartExamined": "BRAIN",
    "CoilCombinationMethod": "Adaptive Combine",
    "CoilString": "Head_32",
    "ConversionSoftware": "dcm2niix",
    "ConversionSoftwareVersion": "v1.0.20220720",
    "DeviceSerialNumber": "45424",
    "DwellTime": 4.7e-06,
    "EchoNumber": 1,
    "EchoTime": 0.00671,
    "EchoTime1": 0.00671,
    "EchoTime2": 0.01062,
    "EchoTrainLength": 5,
    "FlipAngle": 15,
    "ImageOrientationPatientDICOM": [
        0.999996,
        -0.00296706,
        0,
        0.00296706,
        0.999996,
        0
    ],
    "ImageType": [
        "ORIGINAL",
        "PRIMARY",
        "P",
        "DIS3D",
        "MFSPLIT",
        "PHASE"
    ],
    "ImageTypeText": [
        "ORIGINAL",
        "PRIMARY",
        "P",
        "NONE"
    ],
    "ImagingFrequency": 123.221,
    "InPlanePhaseEncodingDirectionDICOM": "ROW",
    "InstitutionAddress": "North Cherry Avenue 1230,Tucson,Denver,US,85721",
    "InstitutionName": "University of Arizona",
    "MRAcquisitionType": "3D",
    "MagneticFieldStrength": 3,
    "Manufacturer": "Siemens",
    "ManufacturersModelName": "MAGNETOM Skyra",
    "MatrixCoilMode": "GRAPPA",
    "Modality": "MR",
    "NonlinearGradientCorrection": true,
    "ParallelReductionFactorInPlane": 2,
    "PartialFourier": 1,
    "PatientPosition": "HFS",
    "PercentPhaseFOV": 100,
    "PercentSampling": 70,
    "PhaseEncodingDirection": "i",
    "PhaseEncodingSteps": 269,
    "PhaseResolution": 0.7,
    "PixelBandwidth": 277,
    "ProtocolName": "Axial 3D ME T2 GRE",
    "PulseSequenceDetails": "%SiemensSeq%\\gre",
    "ReceiveCoilActiveElements": "HEA;HEP",
    "ReceiveCoilName": "Head_32",
    "ReconMatrixPE": 384,
    "RefLinesPE": 24,
    "RepetitionTime": 0.037,
    "SAR": 0.218736,
    "ScanOptions": "PER",
    "ScanningSequence": "GR",
    "SequenceName": "*fl3d5r",
    "SequenceVariant": "SK",
    "SeriesDescription": "Axial 3D ME T2 GRE",
    "SeriesNumber": 24,
    "ShimSetting": [
        8224,
        -13769,
        14865,
        101,
        208,
        -592,
        38,
        -435
    ],
    "SliceThickness": 1.8,
    "SoftwareVersions": "syngo MR XA30",
    "StationName": "AWP45424",
    "TxRefAmp": 339.887,
    "IntendedFor": [
        "ses-01/func/sub-HML0689_ses-01_task-rest_bold.nii.gz",
        "ses-01/perf/sub-HML0689_ses-01_acq-prod_asl.nii.gz"
    ]
}