{
    "AcquisitionDuration": 614.885,
    "AcquisitionMatrixPE": 88,
    "AcquisitionNumber": 1,
    "AcquisitionTime": "09:51:39.337500",
    "BandwidthPerPixelPhaseEncode": 38.521,
    "BaseResolution": 88,
    "BodyPartExamined": "BRAIN",
    "CoilCombinationMethod": "Sum of Squares",
    "CoilString": "Head_32",
    "ConversionSoftware": "dcm2niix",
    "ConversionSoftwareVersion": "v1.0.20220720",
    "DerivedVendorReportedEchoSpacing": 0.000589997,
    "DeviceSerialNumber": "45424",
    "DwellTime": 2.4e-06,
    "EchoTime": 0.03,
    "EchoTrainLength": 43,
    "EffectiveEchoSpacing": 0.000294998,
    "FlipAngle": 77,
    "ImageOrientationPatientDICOM": [
        1,
        0,
        0,
        0,
        1,
        0
    ],
    "ImageType": [
        "ORIGINAL",
        "PRIMARY",
        "FMRI",
        "NONE"
    ],
    "ImageTypeText": [
        "ORIGINAL",
        "PRIMARY",
        "M",
        "ND",
        "NORM"
    ],
    "ImagingFrequency": 123.221,
    "InPlanePhaseEncodingDirectionDICOM": "COL",
    "InstitutionAddress": "North Cherry Avenue 1230,Tucson,Denver,US,85721",
    "InstitutionName": "University of Arizona",
    "MRAcquisitionType": "2D",
    "MTState": false,
    "MagneticFieldStrength": 3,
    "Manufacturer": "Siemens",
    "ManufacturersModelName": "MAGNETOM Skyra",
    "Modality": "MR",
    "MultibandAccelerationFactor": 3,
    "NonlinearGradientCorrection": false,
    "ParallelAcquisitionTechnique": "SMS",
    "ParallelReductionFactorInPlane": 2,
    "PartialFourier": 1,
    "PatientPosition": "HFS",
    "PercentPhaseFOV": 100,
    "PercentSampling": 100,
    "PhaseEncodingDirection": "j-",
    "PhaseResolution": 1,
    "PixelBandwidth": 2367,
    "ProtocolName": "RS-FMRI-MB-high_resolution",
    "PulseSequenceDetails": "%SiemensSeq%\\ep2d_bold",
    "PulseSequenceName": "*epfid2d1_88",
    "ReceiveCoilActiveElements": "HEA;HEP",
    "ReceiveCoilName": "Head_32",
    "ReconMatrixPE": 88,
    "RefLinesPE": 24,
    "RepetitionTime": 2,
    "ScanOptions": "FS",
    "ScanningSequence": "EP",
    "SequenceVariant": "SK",
    "SeriesDescription": "RS-FMRI-MB-high_resolution",
    "SeriesNumber": 56,
    "ShimSetting": [
        8236,
        -13749,
        14932,
        -212,
        126,
        -736,
        6,
        -364
    ],
    "SliceThickness": 2.5,
    "SliceTiming": [
        0,
        1.0375,
        0.095,
        1.13,
        0.1875,
        1.225,
        0.2825,
        1.32,
        0.3775,
        1.415,
        0.47,
        1.5075,
        0.565,
        1.6025,
        0.66,
        1.6975,
        0.755,
        1.79,
        0.8475,
        1.885,
        0.9425,
        0,
        1.0375,
        0.095,
        1.13,
        0.1875,
        1.225,
        0.2825,
        1.32,
        0.3775,
        1.415,
        0.47,
        1.5075,
        0.565,
        1.6025,
        0.66,
        1.6975,
        0.755,
        1.79,
        0.8475,
        1.885,
        0.9425,
        0,
        1.0375,
        0.095,
        1.13,
        0.1875,
        1.225,
        0.2825,
        1.32,
        0.3775,
        1.415,
        0.47,
        1.5075,
        0.565,
        1.6025,
        0.66,
        1.6975,
        0.755,
        1.79,
        0.8475,
        1.885,
        0.9425
    ],
    "SoftwareVersions": "syngo MR XA30",
    "SpacingBetweenSlices": 2.5,
    "StationName": "AWP45424",
    "TaskName": "rest",
    "TotalReadoutTime": 0.0256649,
    "TxRefAmp": 423.626
}