{
    "Modality": "MR",
    "MagneticFieldStrength": 3,
    "ImagingFrequency": 123.252,
    "Manufacturer": "Siemens",
    "ManufacturersModelName": "MAGNETOM Vida",
    "InstitutionName": "Cox Annex",
    "InstitutionAddress": "5151 San Amaro Dr,Coral Gables,Florida,US,33146",
    "DeviceSerialNumber": "176047",
    "StationName": "AWP176047",
    "BodyPartExamined": "BRAIN",
    "PatientPosition": "HFS",
    "ProcedureStepDescription": "Rundek ACTIVE",
    "SoftwareVersions": "syngo MR XA50",
    "MRAcquisitionType": "3D",
    "SeriesDescription": "Axial 3D ME T2 GRE",
    "ProtocolName": "Axial 3D ME T2 GRE",
    "ScanningSequence": "GR",
    "SequenceVariant": "SP\\OSP",
    "ScanOptions": "SAT1",
    "PulseSequenceName": "*fl3d5r",
    "ImageType": [
        "ORIGINAL",
        "PRIMARY",
        "P",
        "NONE",
        "PHASE"
    ],
    "ImageTypeText": [
        "ORIGINAL",
        "PRIMARY",
        "P",
        "DIS3D",
        "DIS2D"
    ],
    "NonlinearGradientCorrection": true,
    "SeriesNumber": 27,
    "AcquisitionTime": "13:18:28.812500",
    "AcquisitionNumber": 1,
    "SliceThickness": 1.8,
    "EchoNumber": 5,
    "EchoTime": 0.02235,
    "RepetitionTime": 0.037,
    "MTState": false,
    "FlipAngle": 15,
    "EchoTime1": 0.00671,
    "EchoTime2": 0.01062,
    "PartialFourier": 1,
    "BaseResolution": 384,
    "ShimSetting": [
        8956,
        3362,
        -8899,
        534,
        -50,
        -799,
        39,
        -35
    ],
    "TxRefAmp": 365.766,
    "PhaseResolution": 0.7,
    "ReceiveCoilName": "HeadNeck_20_TCS",
    "ReceiveCoilActiveElements": "HE1-4",
    "CoilString": "HeadNeck_20_TCS",
    "PulseSequenceDetails": "%SiemensSeq%\\gre",
    "RefLinesPE": 24,
    "CoilCombinationMethod": "Adaptive Combine",
    "MatrixCoilMode": "GRAPPA",
    "PercentPhaseFOV": 100,
    "PercentSampling": 70,
    "EchoTrainLength": 5,
    "AcquisitionMatrixPE": 269,
    "ReconMatrixPE": 384,
    "ParallelReductionFactorInPlane": 2,
    "ParallelAcquisitionTechnique": "GRAPPA",
    "AcquisitionDuration": 522.107,
    "PixelBandwidth": 277,
    "DwellTime": 4.7e-06,
    "PhaseEncodingDirection": "i",
    "ImageOrientationPatientDICOM": [
        1,
        4.886e-12,
        -3.29e-13,
        -4.897e-12,
        0.99774,
        -0.067197
    ],
    "InPlanePhaseEncodingDirectionDICOM": "ROW",
    "ConversionSoftware": "dcm2niix",
    "ConversionSoftwareVersion": "v1.0.20220720",
    "Dcm2bidsVersion": "2.1.6",
    "Units": "arbitrary"
}