{
    "Modality": "MR",
    "MagneticFieldStrength": 3,
    "ImagingFrequency": 123.255,
    "Manufacturer": "Siemens",
    "ManufacturersModelName": "MAGNETOM Prisma Fit",
    "InstitutionName": "GSU/GT Center for Advanced Brain Imaging",
    "InstitutionAddress": "Marietta St. NW 831,Atlanta,Southeast,US,30318",
    "DeviceSerialNumber": "167063",
    "StationName": "AWP167063",
    "BodyPartExamined": "BRAIN",
    "PatientPosition": "HFS",
    "ProcedureStepDescription": "VCALHOUN^PAN_HML_1341349",
    "SoftwareVersions": "syngo MR XA30",
    "MRAcquisitionType": "3D",
    "SeriesDescription": "PASL_PRODUCT_PLD-2750",
    "ProtocolName": "PASL_PRODUCT_PLD-2750",
    "ScanningSequence": "EP",
    "SequenceVariant": "SK",
    "ScanOptions": "FS",
    "PulseSequenceName": "*tgse3d1_5952",
    "ImageType": [
        "ORIGINAL",
        "PRIMARY",
        "ASL",
        "NONE"
    ],
    "ImageTypeText": [
        "ORIGINAL",
        "PRIMARY",
        "ASL",
        "NONE",
        "NORM",
        "DIS3D",
        "DIS2D"
    ],
    "NonlinearGradientCorrection": true,
    "SeriesNumber": 10,
    "AcquisitionTime": "10:43:23.202500",
    "AcquisitionNumber": 1,
    "SliceThickness": 4.5,
    "EchoTime": 0.0203,
    "RepetitionTime": 4,
    "MTState": false,
    "FlipAngle": 180,
    "PartialFourier": 1,
    "Interpolation2D": 1,
    "BaseResolution": 64,
    "ShimSetting": [
        3628,
        -5594,
        -5819,
        296,
        23,
        -190,
        -1,
        1
    ],
    "TxRefAmp": 245.78,
    "PhaseResolution": 0.96875,
    "ReceiveCoilName": "Head_32",
    "ReceiveCoilActiveElements": "HEA;HEP",
    "CoilString": "Head_32",
    "PulseSequenceDetails": "%SiemensSeq%\\tgse_asl",
    "CoilCombinationMethod": "Adaptive Combine",
    "MatrixCoilMode": "SENSE",
    "PostLabelDelay": 0.01,
    "ArterialSpinLabelingType": "PASL",
    "PercentPhaseFOV": 100,
    "PercentSampling": 96.875,
    "EchoTrainLength": 31,
    "AcquisitionMatrixPE": 62,
    "ReconMatrixPE": 128,
    "AcquisitionDuration": 484,
    "PixelBandwidth": 2441,
    "DwellTime": 3.2e-06,
    "PhaseEncodingDirection": "j-",
    "ImageOrientationPatientDICOM": [
        1,
        0,
        0,
        0,
        1,
        0
    ],
    "InPlanePhaseEncodingDirectionDICOM": "COL",
    "ConversionSoftware": "dcm2niix",
    "ConversionSoftwareVersion": "v1.0.20220720",
    "Dcm2bidsVersion": "2.1.6",
    "EffectiveEchoSpacing": 0.00049,
    "PostLabelingDelay": 2.75,
    "LabelingDuration": 0.8,
    "BolusCutOffFlag": true,
    "BolusCutOffTechnique": "QUIPSSII",
    "BolusCutOffDelayTechnique": "QUIPSSII",
    "RepetitionTimePreparation": 4,
    "BolusCutOffDelayTime": 0.8,
    "M0Type": "Separate",
    "BackgroundSuppression": true,
    "TotalAcquiredPairs": 10
}