{
  "AcquisitionDuration": 282.672,
  "AcquisitionMatrixPE": 240,
  "AcquisitionNumber": 1,
  "AcquisitionTime": "13:50:12.490000",
  "BaseResolution": 256,
  "BodyPartExamined": "BRAIN",
  "CoilCombinationMethod": "Adaptive Combine",
  "CoilString": "Head_32",
  "ConversionSoftware": "dcm2niix",
  "ConversionSoftwareVersion": "v1.0.20220720",
  "DeviceSerialNumber": "45424",
  "DwellTime": 2.6e-06,
  "EchoTime": 0.564,
  "EchoTrainLength": 314,
  "FlipAngle": 120,
  "ImageOrientationPatientDICOM": [0, 1, 0, 0, 0, -1],
  "ImageType": [
    "ORIGINAL",
    "PRIMARY",
    "M",
    "NONE"
],
  "ImageTypeText": [
    "ORIGINAL",
    "PRIMARY",
    "M",
    "NORM",
    "DIS2D"
],
  "ImagingFrequency": 123.221,
  "InPlanePhaseEncodingDirectionDICOM": "ROW",
  "InstitutionAddress": "North Cherry Avenue 1230,Tucson,Denver,US,85721",
  "InstitutionName": "University of Arizona",
  "MRAcquisitionType": "3D",
  "MTState": false,
  "MagneticFieldStrength": 3,
  "Manufacturer": "Siemens",
  "ManufacturersModelName": "MAGNETOM Skyra",
  "MatrixCoilMode": "GRAPPA",
  "Modality": "MR",
  "NonlinearGradientCorrection": true,
  "ParallelAcquisitionTechnique": "GRAPPA",
  "ParallelReductionFactorInPlane": 2,
  "PartialFourier": 1,
  "PartialFourierDirection": "PHASE",
  "PatientPosition": "HFS",
  "PercentPhaseFOV": 93.75,
  "PercentSampling": 100,
  "PhaseEncodingDirection": "i",
  "PhaseResolution": 1,
  "PixelBandwidth": 751,
  "ProtocolName": "Sagittal 3D T2 SPACE (MSV21)",
  "PulseSequenceDetails": "%SiemensSeq%\\space",
  "PulseSequenceName": "*spc_314ns",
  "ReceiveCoilActiveElements": "HEA;HEP",
  "ReceiveCoilName": "Head_32",
  "ReconMatrixPE": 240,
  "RefLinesPE": 32,
  "RepetitionTime": 3.2,
  "ScanOptions": "PFP",
  "ScanningSequence": "SE",
  "SequenceVariant": "SK\\SP",
  "SeriesDescription": "Sagittal 3D T2 SPACE (MSV21)",
  "SeriesNumber": 47,
  "ShimSetting": [8226, -13692, 14507, -351, 113, -293, -257, -481],
  "SliceThickness": 1,
  "SoftwareVersions": "syngo MR XA30",
  "SpoilingState": true,
  "StationName": "AWP45424",
  "TxRefAmp": 363.971}