{
  "AcquisitionMatrixPE": 62,
  "AcquisitionNumber": 1,
  "AcquisitionTime": "07:47:15.205000",
  "ArterialSpinLabelingType": "PASL",
  "BaseResolution": 64,
  "BodyPartExamined": "BRAIN",
  "BolusDuration": 0.8,
  "CoilCombinationMethod": "Adaptive Combine",
  "ConsistencyInfo": "N4_VE11C_LATEST_20160120",
  "ConversionSoftware": "dcm2niix",
  "ConversionSoftwareVersion": "v1.0.20220720",
  "DeviceSerialNumber": "45424",
  "DwellTime": 3.2e-06,
  "EchoTime": 0.02062,
  "EchoTrainLength": 31,
  "FlipAngle": 180,
  "ImageOrientationPatientDICOM": [
    0.999135,
    -0.00492076,
    -0.0413008,
    2.09495e-08,
    0.992977,
    -0.118307
  ],
  "ImageOrientationText": "Tra>Cor(-6.8)>Sag(-2.4)",
  "ImageType": [
    "ORIGINAL",
    "PRIMARY",
    "ASL",
    "NONE",
    "ND",
    "NORM",
    "MOSAIC"
  ],
  "ImagingFrequency": 123.221,
  "InPlanePhaseEncodingDirectionDICOM": "COL",
  "InstitutionAddress": "North Cherry Avenue 1230,Tucson,Denver,US,85719",
  "InstitutionName": "University of Arizona",
  "InstitutionalDepartmentName": "Department",
  "Interpolation2D": 1,
  "InversionTime": 2.75,
  "MRAcquisitionType": "3D",
  "MagneticFieldStrength": 3,
  "Manufacturer": "Siemens",
  "ManufacturersModelName": "Skyra",
  "MatrixCoilMode": "SENSE",
  "Modality": "MR",
  "NonlinearGradientCorrection": false,
  "PartialFourier": 1,
  "PatientPosition": "HFS",
  "PercentPhaseFOV": 100,
  "PercentSampling": 96.875,
  "PhaseEncodingDirection": "j-",
  "PhaseEncodingSteps": 62,
  "PhaseResolution": 0.96875,
  "PixelBandwidth": 2440,
  "ProcedureStepDescription": "Chen^PAN_COREE_With_BBB",
  "ProtocolName": "PASL_PRODUCT_PLD-2750 MO",
  "PulseSequenceDetails": "%SiemensSeq%\\tgse_pasl",
  "ReceiveCoilActiveElements": "HEA;HEP",
  "ReceiveCoilName": "Head_32",
  "ReconMatrixPE": 128,
  "RepetitionTime": 4,
  "SAR": 0.196022,
  "ScanOptions": "FS",
  "ScanningSequence": "EP",
  "SequenceName": "*tgse3d1_3968",
  "SequenceVariant": "SK",
  "SeriesDescription": "PASL_PRODUCT_PLD-2750 MO",
  "SeriesNumber": 19,
  "ShimSetting": [
    8193,
    -13717,
    14989,
    -34,
    168,
    -59,
    4,
    -627
  ],
  "SliceThickness": 4.5,
  "SoftwareVersions": "syngo MR E11",
  "SpacingBetweenSlices": 4.5,
  "StationName": "AWP45424",
  "TxRefAmp": 387.139,
  "IntendedFor": "ses-01/perf/sub-HML0601_ses-01_acq-prod_asl.nii.gz",
  "RepetitionTimePreparation": 4
}