{
  "AcquisitionDuration": 541.52,
  "AcquisitionMatrixPE": 116,
  "AcquisitionNumber": 3,
  "AcquisitionTime": "11:45:12.250000",
  "BandwidthPerPixelPhaseEncode": 26.123,
  "BaseResolution": 116,
  "BodyPartExamined": "BRAIN",
  "CoilCombinationMethod": "Adaptive Combine",
  "CoilString": "Head_32",
  "ConversionSoftware": "dcm2niix",
  "ConversionSoftwareVersion": "v1.0.20220720",
  "DerivedVendorReportedEchoSpacing": 0.000660008,
  "DeviceSerialNumber": "45424",
  "DiffusionScheme": "Monopolar",
  "DwellTime": 2.4e-06,
  "EchoTime": 0.091,
  "EchoTrainLength": 43,
  "EffectiveEchoSpacing": 0.000330004,
  "FlipAngle": 90,
  "ImageOrientationPatientDICOM": [1, 0, 0, 0, 1, 0],
  "ImageType": [
    "ORIGINAL",
    "PRIMARY",
    "DIFFUSION",
    "NONE"
],
  "ImageTypeText": [
    "ORIGINAL",
    "PRIMARY",
    "DIFFUSION",
    "NONE",
    "ND",
    "NORM"
],
  "ImagingFrequency": 123.221,
  "InPlanePhaseEncodingDirectionDICOM": "COL",
  "InstitutionAddress": "North Cherry Avenue 1230,Tucson,Denver,US,85721",
  "InstitutionName": "University of Arizona",
  "MRAcquisitionType": "2D",
  "MTState": false,
  "MagneticFieldStrength": 3,
  "Manufacturer": "Siemens",
  "ManufacturersModelName": "MAGNETOM Skyra",
  "Modality": "MR",
  "MultibandAccelerationFactor": 3,
  "NonlinearGradientCorrection": false,
  "ParallelAcquisitionTechnique": "SMS",
  "ParallelReductionFactorInPlane": 2,
  "PartialFourier": 0.75,
  "PartialFourierDirection": "PHASE",
  "PatientPosition": "HFS",
  "PercentPhaseFOV": 100,
  "PercentSampling": 100,
  "PhaseEncodingDirection": "j-",
  "PhaseResolution": 1,
  "PixelBandwidth": 1796,
  "ProtocolName": "DTI_MB_3SHELL_mono_TE91",
  "PulseSequenceDetails": "%SiemensSeq%\\ep2d_diff",
  "PulseSequenceName": "*epse2d1_116",
  "ReceiveCoilActiveElements": "HEA;HEP",
  "ReceiveCoilName": "Head_32",
  "ReconMatrixPE": 116,
  "RefLinesPE": 24,
  "RepetitionTime": 3.7,
  "ScanOptions": "PFP\\FS",
  "ScanningSequence": "EP",
  "SequenceVariant": "SK\\SP",
  "SeriesDescription": "DTI_MB_3SHELL_mono_TE91_ORIG",
  "SeriesNumber": 13,
  "ShimSetting": [8187, -13672, 14938, -48, -97, -243, 45, -511],
  "SliceThickness": 2,
  "SliceTiming": [0, 1.92, 0.16, 2.08, 0.32, 2.24, 0.48, 2.4, 0.64, 2.56, 0.8, 2.72, 0.96, 2.88, 1.12, 3.04, 1.28, 3.2, 1.44, 3.36, 1.6, 3.52, 1.76, 0, 1.92, 0.16, 2.08, 0.32, 2.24, 0.48, 2.4, 0.64, 2.56, 0.8, 2.72, 0.96, 2.88, 1.12, 3.04, 1.28, 3.2, 1.44, 3.36, 1.6, 3.52, 1.76, 0, 1.92, 0.16, 2.08, 0.32, 2.24, 0.48, 2.4, 0.64, 2.56, 0.8, 2.72, 0.96, 2.88, 1.12, 3.04, 1.28, 3.2, 1.44, 3.36, 1.6, 3.52, 1.76],
  "SoftwareVersions": "syngo MR XA30",
  "SpacingBetweenSlices": 2,
  "StationName": "AWP45424",
  "TotalReadoutTime": 0.0379504,
  "TxRefAmp": 347.945}