{
  "Modality": "MR",
  "MagneticFieldStrength": 3,
  "ImagingFrequency": 127.769,
  "Manufacturer": "Philips",
  "ManufacturersModelName": "Ingenia Elition X",
  "DeviceSerialNumber": "45002",
  "BodyPartExamined": "BRAIN",
  "PatientPosition": "HFS",
  "SoftwareVersions": "5.7.1\\5.7.1.0",
  "MRAcquisitionType": "2D",
  "SeriesDescription": "DTI_MB_3SHELL_RPE",
  "ProtocolName": "WIP DTI_MB_3SHELL_RPE",
  "ScanningSequence": "SE",
  "SequenceVariant": "SK",
  "ScanOptions": "FS",
  "PulseSequenceName": "DwiSE",
  "ImageType": [
    "ORIGINAL",
    "PRIMARY",
    "DIFFUSION",
    "NONE"
  ],
  "SeriesNumber": 401,
  "AcquisitionTime": "12:53:11.730000",
  "AcquisitionNumber": 4,
  "PhilipsRescaleSlope": 0.844933,
  "PhilipsRescaleIntercept": 0,
  "PhilipsScaleSlope": 0.0848579,
  "UsePhilipsFloatNotDisplayScaling": 1,
  "SliceThickness": 2,
  "SpacingBetweenSlices": 2,
  "EchoTime": 0.091,
  "RepetitionTime": 3.7,
  "MTState": false,
  "FlipAngle": 90,
  "CoilString": "MULTI COIL",
  "PercentPhaseFOV": 100,
  "PercentSampling": 100,
  "EchoTrainLength": 57,
  "PartialFourierDirection": "PHASE",
  "PartialFourierEnabled": "YES",
  "PhaseEncodingStepsNoPartialFourier": 114,
  "AcquisitionMatrixPE": 114,
  "ReconMatrixPE": 128,
  "ParallelReductionFactorInPlane": 2,
  "ParallelAcquisitionTechnique": "MBSENSE",
  "ParallelReductionOutOfPlane": 3,
  "WaterFatShift": 14.6838,
  "EstimatedEffectiveEchoSpacing": 0.000261564,
  "EstimatedTotalReadoutTime": 0.0332186,
  "AcquisitionDuration": 37,
  "PixelBandwidth": 2480.87,
  "PhaseEncodingAxis": "j",
  "ImageOrientationPatientDICOM": [
    0.999251,
    -3.04572e-10,
    -0.0387089,
    0.00370585,
    0.995407,
    0.0956647
  ],
  "InPlanePhaseEncodingDirectionDICOM": "COL",
  "ConversionSoftware": "dcm2niix",
  "ConversionSoftwareVersion": "v1.0.20220720",
  "Dcm2bidsVersion": "2.1.6",
  "IntendedFor": "ses-01/dwi/sub-HML0013_ses-01_dwi.nii.gz",
  "PhaseEncodingDirection": "j-",
  "SliceTiming": [
    0.0,
    1.9304,
    0.1609,
    2.0913,
    0.3217,
    2.2522,
    0.4826,
    2.413,
    0.6435,
    2.5739,
    0.8043,
    2.7348,
    0.9652,
    2.8957,
    1.1261,
    3.0565,
    1.287,
    3.2174,
    1.4478,
    3.3783,
    1.6087,
    3.5391,
    1.7696,
    0.0,
    1.9304,
    0.1609,
    2.0913,
    0.3217,
    2.2522,
    0.4826,
    2.413,
    0.6435,
    2.5739,
    0.8043,
    2.7348,
    0.9652,
    2.8957,
    1.1261,
    3.0565,
    1.287,
    3.2174,
    1.4478,
    3.3783,
    1.6087,
    3.5391,
    1.7696,
    0.0,
    1.9304,
    0.1609,
    2.0913,
    0.3217,
    2.2522,
    0.4826,
    2.413,
    0.6435,
    2.5739,
    0.8043,
    2.7348,
    0.9652,
    2.8957,
    1.1261,
    3.0565,
    1.287,
    3.2174,
    1.4478,
    3.3783,
    1.6087,
    3.5391,
    1.7696
  ],
  "EffectiveEchoSpacing": 0.000261564,
  "TotalReadoutTime": 0.0332186
}