{
  "Modality": "MR",
  "MagneticFieldStrength": 3,
  "ImagingFrequency": 123.253,
  "Manufacturer": "Siemens",
  "ManufacturersModelName": "MAGNETOM Vida",
  "InstitutionName": "Cox Annex",
  "InstitutionAddress": "San Amaro Dr,\r\n5151,\r\nCoral Gables,\r\nFlorida,\r\nUS,\r\n33146",
  "DeviceSerialNumber": "176047",
  "StationName": "AWP176047",
  "BodyPartExamined": "BRAIN",
  "PatientPosition": "HFS",
  "ProcedureStepDescription": "Rundek ROUTINE",
  "SoftwareVersions": "syngo MR XA20",
  "MRAcquisitionType": "3D",
  "SeriesDescription": "PASL_PRODUCT_PLD-2750 MO",
  "ProtocolName": "PASL_PRODUCT_PLD-2750 MO",
  "ScanningSequence": "EP",
  "SequenceVariant": "SK",
  "ScanOptions": "FS",
  "PulseSequenceName": "*tgse3d1_5952",
  "ImageType": [
    "ORIGINAL",
    "PRIMARY",
    "ASL",
    "NONE"
  ],
  "ImageTypeText": [
    "ORIGINAL",
    "PRIMARY",
    "ASL",
    "NONE",
    "NORM",
    "DIS3D",
    "DIS2D"
  ],
  "NonlinearGradientCorrection": true,
  "SeriesNumber": 18,
  "AcquisitionTime": "11:39:11.902500",
  "AcquisitionNumber": 1,
  "SliceThickness": 4.5,
  "EchoTime": 0.0219,
  "RepetitionTime": 4,
  "MTState": false,
  "FlipAngle": 180,
  "PartialFourier": 1,
  "Interpolation2D": 1,
  "BaseResolution": 64,
  "ShimSetting": [
    8926,
    3393,
    -8858,
    232,
    -17,
    -948,
    -151,
    170
  ],
  "TxRefAmp": 385.324,
  "PhaseResolution": 0.96875,
  "ReceiveCoilName": "HeadNeck_20_TCS",
  "ReceiveCoilActiveElements": "HE1-4;NE1,2",
  "CoilString": "HeadNeck_20_TCS",
  "PulseSequenceDetails": "%SiemensSeq%\\tgse_asl",
  "CoilCombinationMethod": "Adaptive Combine",
  "MatrixCoilMode": "SENSE",
  "PostLabelDelay": 0.01,
  "ArterialSpinLabelingType": "PASL",
  "PercentPhaseFOV": 100,
  "PercentSampling": 96.875,
  "EchoTrainLength": 31,
  "AcquisitionMatrixPE": 62,
  "ReconMatrixPE": 128,
  "AcquisitionDuration": 100,
  "PixelBandwidth": 2441,
  "DwellTime": 3.2e-06,
  "PhaseEncodingDirection": "j-",
  "ImageOrientationPatientDICOM": [
    1,
    0,
    0,
    0,
    1,
    0
  ],
  "InPlanePhaseEncodingDirectionDICOM": "COL",
  "ConversionSoftware": "dcm2niix",
  "ConversionSoftwareVersion": "v1.0.20220720",
  "Dcm2bidsVersion": "2.1.6",
  "IntendedFor": "ses-01/perf/sub-HML0303_ses-01_acq-prod_asl.nii.gz",
  "RepetitionTimePreparation": 4
}