{
    "AcquisitionDuration": 61.52,
    "AcquisitionMatrixPE": 116,
    "AcquisitionNumber": 3,
    "AcquisitionTime": "13:31:41.250000",
    "BandwidthPerPixelPhaseEncode": 26.123,
    "BaseResolution": 116,
    "BodyPartExamined": "BRAIN",
    "CoilCombinationMethod": "Adaptive Combine",
    "CoilString": "Head_32",
    "ConversionSoftware": "dcm2niix",
    "ConversionSoftwareVersion": "v1.0.20220720",
    "DerivedVendorReportedEchoSpacing": 0.000660008,
    "DeviceSerialNumber": "45424",
    "DiffusionScheme": "Monopolar",
    "DwellTime": 2.4e-06,
    "EchoTime": 0.091,
    "EchoTrainLength": 43,
    "EffectiveEchoSpacing": 0.000330004,
    "FlipAngle": 90,
    "ImageOrientationPatientDICOM": [
        0.999096,
        -4.97117e-05,
        0.042514,
        1.03725e-08,
        0.999999,
        0.00116906
    ],
    "ImageType": [
        "ORIGINAL",
        "PRIMARY",
        "DIFFUSION",
        "NONE"
    ],
    "ImageTypeText": [
        "ORIGINAL",
        "PRIMARY",
        "DIFFUSION",
        "NONE",
        "ND",
        "NORM"
    ],
    "ImagingFrequency": 123.221,
    "InPlanePhaseEncodingDirectionDICOM": "COL",
    "InstitutionAddress": "North Cherry Avenue 1230,Tucson,Denver,US,85721",
    "InstitutionName": "University of Arizona",
    "MRAcquisitionType": "2D",
    "MTState": false,
    "MagneticFieldStrength": 3,
    "Manufacturer": "Siemens",
    "ManufacturersModelName": "MAGNETOM Skyra",
    "Modality": "MR",
    "MultibandAccelerationFactor": 3,
    "NonlinearGradientCorrection": false,
    "ParallelAcquisitionTechnique": "SMS",
    "ParallelReductionFactorInPlane": 2,
    "PartialFourier": 0.75,
    "PartialFourierDirection": "PHASE",
    "PatientPosition": "HFS",
    "PercentPhaseFOV": 100,
    "PercentSampling": 100,
    "PhaseEncodingDirection": "j",
    "PhaseResolution": 1,
    "PixelBandwidth": 1796,
    "ProtocolName": "DTI_MB_3SHELL RPE",
    "PulseSequenceDetails": "%SiemensSeq%\\ep2d_diff",
    "PulseSequenceName": "*epse2d1_116",
    "ReceiveCoilActiveElements": "HEA;HEP",
    "ReceiveCoilName": "Head_32",
    "ReconMatrixPE": 116,
    "RefLinesPE": 24,
    "RepetitionTime": 3.7,
    "ScanOptions": "PFP\\FS",
    "ScanningSequence": "EP",
    "SequenceVariant": "SK\\SP",
    "SeriesDescription": "DTI_MB_3SHELL RPE_ORIG",
    "SeriesNumber": 17,
    "ShimSetting": [
        8274,
        -13638,
        14765,
        26,
        99,
        -74,
        -301,
        -511
    ],
    "SliceThickness": 2,
    "SliceTiming": [
        0,
        1.92,
        0.159998,
        2.08,
        0.319998,
        2.24,
        0.479998,
        2.4,
        0.64,
        2.56,
        0.8,
        2.72,
        0.96,
        2.88,
        1.12,
        3.04,
        1.28,
        3.2,
        1.44,
        3.36,
        1.6,
        3.52,
        1.76,
        0,
        1.92,
        0.159998,
        2.08,
        0.319998,
        2.24,
        0.479998,
        2.4,
        0.64,
        2.56,
        0.8,
        2.72,
        0.96,
        2.88,
        1.12,
        3.04,
        1.28,
        3.2,
        1.44,
        3.36,
        1.6,
        3.52,
        1.76,
        0,
        1.92,
        0.159998,
        2.08,
        0.319998,
        2.24,
        0.479998,
        2.4,
        0.64,
        2.56,
        0.8,
        2.72,
        0.96,
        2.88,
        1.12,
        3.04,
        1.28,
        3.2,
        1.44,
        3.36,
        1.6,
        3.52,
        1.76
    ],
    "SoftwareVersions": "syngo MR XA30",
    "SpacingBetweenSlices": 2,
    "StationName": "AWP45424",
    "TotalReadoutTime": 0.0379504,
    "TxRefAmp": 335.259,
    "IntendedFor": [
        "ses-follow01/func/sub-HML0205_ses-follow01_task-rest_bold.nii.gz",
        "ses-follow01/perf/sub-HML0205_ses-follow01_acq-pcasl1260_dir-AP_asl.nii.gz",
        "ses-follow01/perf/sub-HML0205_ses-follow01_acq-pcasl1500_dir-PA_asl.nii.gz",
        "ses-follow01/perf/sub-HML0205_ses-follow01_acq-pcasl1800_dir-AP_asl.nii.gz",
        "ses-follow01/perf/sub-HML0205_ses-follow01_acq-pcasl2100_dir-PA_asl.nii.gz",
        "ses-follow01/perf/sub-HML0205_ses-follow01_acq-pcasl2500_dir-AP_asl.nii.gz",
        "ses-follow01/perf/sub-HML0205_ses-follow01_acq-pcasl3000_dir-PA_asl.nii.gz",
        "ses-follow01/perf/sub-HML0205_ses-follow01_acq-prod_asl.nii.gz"
    ]
}