{
  "Modality": "MR",
  "MagneticFieldStrength": 3,
  "ImagingFrequency": 127.769,
  "Manufacturer": "Philips",
  "ManufacturersModelName": "Ingenia Elition X",
  "DeviceSerialNumber": "45002",
  "BodyPartExamined": "BRAIN",
  "PatientPosition": "HFS",
  "SoftwareVersions": "5.7.1\\5.7.1.0",
  "MRAcquisitionType": "2D",
  "SeriesDescription": "DTI_MB_3SHELL_0_1K_2K",
  "ProtocolName": "WIP DTI_MB_3SHELL_0_1K_2K",
  "ScanningSequence": "SE",
  "SequenceVariant": "SK",
  "ScanOptions": "FS",
  "PulseSequenceName": "DwiSE",
  "ImageType": [
    "ORIGINAL",
    "PRIMARY",
    "DIFFUSION",
    "NONE"
  ],
  "SeriesNumber": 301,
  "AcquisitionTime": "10:17:4.770000",
  "AcquisitionNumber": 3,
  "PhilipsRescaleSlope": 0.675702,
  "PhilipsRescaleIntercept": 0,
  "PhilipsScaleSlope": 0.0662315,
  "UsePhilipsFloatNotDisplayScaling": 1,
  "SliceThickness": 2,
  "SpacingBetweenSlices": 2,
  "EchoTime": 0.091,
  "RepetitionTime": 3.7,
  "MTState": false,
  "FlipAngle": 90,
  "CoilString": "MULTI COIL",
  "PercentPhaseFOV": 100,
  "PercentSampling": 100,
  "EchoTrainLength": 57,
  "PartialFourierDirection": "PHASE",
  "PartialFourierEnabled": "YES",
  "PhaseEncodingStepsNoPartialFourier": 114,
  "AcquisitionMatrixPE": 114,
  "ReconMatrixPE": 128,
  "ParallelReductionFactorInPlane": 2,
  "ParallelAcquisitionTechnique": "MBSENSE",
  "ParallelReductionOutOfPlane": 3,
  "WaterFatShift": 14.5971,
  "EstimatedEffectiveEchoSpacing": 0.00026002,
  "EstimatedTotalReadoutTime": 0.0330225,
  "AcquisitionDuration": 510.6,
  "PixelBandwidth": 2512.8,
  "PhaseEncodingAxis": "j",
  "ImageOrientationPatientDICOM": [
    0.984602,
    -0.158956,
    0.0727399,
    0.156215,
    0.986831,
    0.0419762
  ],
  "InPlanePhaseEncodingDirectionDICOM": "COL",
  "ConversionSoftware": "dcm2niix",
  "ConversionSoftwareVersion": "v1.0.20220720",
  "Dcm2bidsVersion": "2.1.6",
  "PhaseEncodingDirection": "j",
  "SliceTiming": [
    0.0,
    1.9304,
    0.1609,
    2.0913,
    0.3217,
    2.2522,
    0.4826,
    2.413,
    0.6435,
    2.5739,
    0.8043,
    2.7348,
    0.9652,
    2.8957,
    1.1261,
    3.0565,
    1.287,
    3.2174,
    1.4478,
    3.3783,
    1.6087,
    3.5391,
    1.7696,
    0.0,
    1.9304,
    0.1609,
    2.0913,
    0.3217,
    2.2522,
    0.4826,
    2.413,
    0.6435,
    2.5739,
    0.8043,
    2.7348,
    0.9652,
    2.8957,
    1.1261,
    3.0565,
    1.287,
    3.2174,
    1.4478,
    3.3783,
    1.6087,
    3.5391,
    1.7696,
    0.0,
    1.9304,
    0.1609,
    2.0913,
    0.3217,
    2.2522,
    0.4826,
    2.413,
    0.6435,
    2.5739,
    0.8043,
    2.7348,
    0.9652,
    2.8957,
    1.1261,
    3.0565,
    1.287,
    3.2174,
    1.4478,
    3.3783,
    1.6087,
    3.5391,
    1.7696
  ],
  "EffectiveEchoSpacing": 0.00026002,
  "TotalReadoutTime": 0.0330225
}