{
  "AcquisitionMatrixPE": 448,
  "AcquisitionNumber": 1,
  "AcquisitionTime": "08:30:26.910000",
  "BaseResolution": 448,
  "BodyPartExamined": "BRAIN",
  "CoilCombinationMethod": "Adaptive Combine",
  "ConsistencyInfo": "N4_VE11C_LATEST_20160120",
  "ConversionSoftware": "dcm2niix",
  "ConversionSoftwareVersion": "v1.0.20220720",
  "DeviceSerialNumber": "45424",
  "DwellTime": 1.12e-05,
  "EchoTime": 0.051,
  "EchoTrainLength": 15,
  "FlipAngle": 130,
  "ImageOrientationPatientDICOM": [0.999981, 0.00362701, -0.00497311, -0.0058582, 0.312846, -0.949786],
  "ImageOrientationText": "Cor>Tra(-18.2)>Sag(0.1)",
  "ImageType": [
    "ORIGINAL",
    "PRIMARY",
    "M",
    "ND",
    "NORM"
],
  "ImagingFrequency": 123.221,
  "InPlanePhaseEncodingDirectionDICOM": "ROW",
  "InstitutionAddress": "North Cherry Avenue 1230,Tucson,Denver,US,85719",
  "InstitutionName": "University of Arizona",
  "InstitutionalDepartmentName": "Department",
  "MRAcquisitionType": "2D",
  "MagneticFieldStrength": 3,
  "Manufacturer": "Siemens",
  "ManufacturersModelName": "Skyra",
  "MatrixCoilMode": "GRAPPA",
  "Modality": "MR",
  "NonlinearGradientCorrection": false,
  "NumberOfAverages": 2,
  "ParallelReductionFactorInPlane": 2,
  "PartialFourier": 1,
  "PatientPosition": "HFS",
  "PercentPhaseFOV": 100,
  "PercentSampling": 100,
  "PhaseEncodingDirection": "i",
  "PhaseEncodingSteps": 480,
  "PhaseOversampling": 0.05,
  "PhaseResolution": 1,
  "PixelBandwidth": 100,
  "ProcedureStepDescription": "Chen^PAN_COREE",
  "ProtocolName": "HighResHippocampus",
  "PulseSequenceDetails": "%SiemensSeq%\\tse",
  "ReceiveCoilActiveElements": "HEA;HEP",
  "ReceiveCoilName": "Head_32",
  "ReconMatrixPE": 448,
  "RefLinesPE": 32,
  "RepetitionTime": 4.56,
  "SAR": 0.276313,
  "ScanningSequence": "SE",
  "SequenceName": "*tse2d1rr15",
  "SequenceVariant": "SK\\SP\\OSP",
  "SeriesDescription": "HighResHippocampus",
  "SeriesNumber": 24,
  "ShimSetting": [8240, -13736, 14937, 107, 201, -204, 460, -474],
  "SliceThickness": 2,
  "SliceTiming": [0, 110.484, 0.27344, 110.766, 0.53906, 111.055, 0.8125, 111.336, 1.07812, 111.625, 1.34375, 111.906, 1.61719, 112.195, 1.88281, 112.477, 2.14844, 112.766, 2.42188, 113.047, 2.6875, 113.336, 2.95312, 113.617, 3.22656, 113.906, 3.49219, 114.188, 3.75781, 114.477, 4.03125, 114.758, 4.29688],
  "SoftwareVersions": "syngo MR E11",
  "SpacingBetweenSlices": 2,
  "SpoilingState": true,
  "StationName": "AWP45424",
  "TxRefAmp": 343.2}