{
  "AcquisitionDuration": 312.815,
  "AcquisitionMatrixPE": 256,
  "AcquisitionNumber": 1,
  "AcquisitionTime": "09:22:0.430000",
  "BaseResolution": 256,
  "BodyPartExamined": "BRAIN",
  "CoilCombinationMethod": "Adaptive Combine",
  "CoilString": "Head_32",
  "ConversionSoftware": "dcm2niix",
  "ConversionSoftwareVersion": "v1.0.20220720",
  "DeviceSerialNumber": "45424",
  "DwellTime": 2.3e-06,
  "EchoTime": 0.441,
  "EchoTrainLength": 243,
  "FlipAngle": 120,
  "ImageOrientationPatientDICOM": [0, 1, 0, 0, 0, -1],
  "ImageType": [
    "ORIGINAL",
    "PRIMARY",
    "M",
    "NONE"
],
  "ImageTypeText": [
    "ORIGINAL",
    "PRIMARY",
    "M",
    "NORM",
    "DIS3D",
    "DIS2D"
],
  "ImagingFrequency": 123.221,
  "InPlanePhaseEncodingDirectionDICOM": "ROW",
  "InstitutionAddress": "North Cherry Avenue 1230,Tucson,Denver,US,85721",
  "InstitutionName": "University of Arizona",
  "InversionTime": 1.65,
  "MRAcquisitionType": "3D",
  "MTState": false,
  "MagneticFieldStrength": 3,
  "Manufacturer": "Siemens",
  "ManufacturersModelName": "MAGNETOM Skyra",
  "MatrixCoilMode": "GRAPPA",
  "Modality": "MR",
  "NonlinearGradientCorrection": true,
  "ParallelAcquisitionTechnique": "GRAPPA",
  "ParallelReductionFactorInPlane": 3,
  "PartialFourier": 1,
  "PartialFourierDirection": "PHASE",
  "PatientPosition": "HFS",
  "PercentPhaseFOV": 100,
  "PercentSampling": 100,
  "PhaseEncodingDirection": "i",
  "PhaseResolution": 1,
  "PixelBandwidth": 849,
  "ProtocolName": "Sagittal 3D FLAIR",
  "PulseSequenceDetails": "%SiemensSeq%\\space",
  "PulseSequenceName": "*spcir_243ns",
  "ReceiveCoilActiveElements": "HEA;HEP",
  "ReceiveCoilName": "Head_32",
  "ReconMatrixPE": 256,
  "RefLinesPE": 24,
  "RepetitionTime": 4.8,
  "ScanOptions": "IR\\PFP\\FS",
  "ScanningSequence": "SE\\IR",
  "SequenceVariant": "SK\\SP\\MP",
  "SeriesDescription": "Sagittal 3D FLAIR",
  "SeriesNumber": 23,
  "ShimSetting": [8219, -13757, 14789, -157, -72, -973, 459, -767],
  "SliceThickness": 1.2,
  "SoftwareVersions": "syngo MR XA30",
  "SpoilingState": true,
  "StationName": "AWP45424",
  "TxRefAmp": 344.371}