{
    "Modality": "MR",
    "MagneticFieldStrength": 3,
    "ImagingFrequency": 123.253,
    "Manufacturer": "Siemens",
    "ManufacturersModelName": "MAGNETOM Vida",
    "InstitutionName": "Cox Annex",
    "InstitutionAddress": "5151 San Amaro Dr,Coral Gables,Florida,US,33146",
    "DeviceSerialNumber": "176047",
    "StationName": "AWP176047",
    "BodyPartExamined": "BRAIN",
    "PatientPosition": "HFS",
    "ProcedureStepDescription": "Rundek ACTIVE",
    "SoftwareVersions": "syngo MR XA50",
    "MRAcquisitionType": "3D",
    "SeriesDescription": "PASL_PRODUCT_PLD-2750",
    "ProtocolName": "PASL_PRODUCT_PLD-2750",
    "ScanningSequence": "EP",
    "SequenceVariant": "SK\\OSP",
    "ScanOptions": "FS",
    "PulseSequenceName": "*tgse3d1_2976",
    "ImageType": [
        "ORIGINAL",
        "PRIMARY",
        "ASL",
        "NONE"
    ],
    "ImageTypeText": [
        "ORIGINAL",
        "PRIMARY",
        "ASL",
        "NONE",
        "NORM",
        "DIS3D",
        "DIS2D"
    ],
    "NonlinearGradientCorrection": true,
    "SeriesNumber": 19,
    "AcquisitionTime": "17:34:27.222500",
    "AcquisitionNumber": 1,
    "ImageComments": "M0_SCAN",
    "SliceThickness": 4.5,
    "EchoTime": 0.0219,
    "RepetitionTime": 4,
    "MTState": false,
    "FlipAngle": 180,
    "PartialFourier": 1,
    "Interpolation2D": 1,
    "BaseResolution": 64,
    "ShimSetting": [
        8956,
        3412,
        -8890,
        393,
        -47,
        -298,
        325,
        228
    ],
    "TxRefAmp": 374.45,
    "PhaseResolution": 0.96875,
    "ReceiveCoilName": "HeadNeck_20_TCS",
    "ReceiveCoilActiveElements": "HE1-4",
    "CoilString": "HeadNeck_20_TCS",
    "PulseSequenceDetails": "%SiemensSeq%\\tgse_asl",
    "CoilCombinationMethod": "Adaptive Combine",
    "MatrixCoilMode": "SENSE",
    "PostLabelDelay": 0.01,
    "ArterialSpinLabelingType": "PASL",
    "PercentPhaseFOV": 100,
    "PercentSampling": 96.875,
    "EchoTrainLength": 31,
    "AcquisitionMatrixPE": 62,
    "ReconMatrixPE": 128,
    "AcquisitionDuration": 25.345,
    "PixelBandwidth": 2441,
    "DwellTime": 3.2e-06,
    "PhaseEncodingDirection": "j-",
    "ImageOrientationPatientDICOM": [
        1,
        0,
        0,
        0,
        1,
        0
    ],
    "InPlanePhaseEncodingDirectionDICOM": "COL",
    "ConversionSoftware": "dcm2niix",
    "ConversionSoftwareVersion": "v1.0.20220720",
    "Dcm2bidsVersion": "2.1.6",
    "EffectiveEchoSpacing": 0.0005,
    "PostLabelingDelay": 2.75,
    "LabelingDuration": 0.8,
    "BolusCutOffFlag": true,
    "BolusCutOffTechnique": "QUIPSSII",
    "BolusCutOffDelayTechnique": "QUIPSSII",
    "RepetitionTimePreparation": 4,
    "BolusCutOffDelayTime": 0.8,
    "M0Type": "Separate",
    "BackgroundSuppression": true,
    "TotalAcquiredPairs": 10
}