{
  "AcquisitionMatrixPE": 116,
  "AcquisitionNumber": 3,
  "AcquisitionTime": "07:24:42.175000",
  "BandwidthPerPixelPhaseEncode": 26.123,
  "BaseResolution": 116,
  "BodyPartExamined": "BRAIN",
  "CoilCombinationMethod": "Adaptive Combine",
  "ConsistencyInfo": "N4_VE11C_LATEST_20160120",
  "ConversionSoftware": "dcm2niix",
  "ConversionSoftwareVersion": "v1.0.20220720",
  "DerivedVendorReportedEchoSpacing": 0.000660008,
  "DeviceSerialNumber": "45424",
  "DiffusionScheme": "Monopolar",
  "DwellTime": 2.4e-06,
  "EchoTime": 0.091,
  "EchoTrainLength": 43,
  "EffectiveEchoSpacing": 0.000330004,
  "FlipAngle": 90,
  "ImageOrientationPatientDICOM": [
    0.99956,
    6.41725e-06,
    0.0296655,
    1.16313e-08,
    1,
    -0.000216712
  ],
  "ImageOrientationText": "Tra>Sag(1.7)>Cor(-0.0)",
  "ImageType": [
    "ORIGINAL",
    "PRIMARY",
    "DIFFUSION",
    "NONE",
    "ND",
    "NORM"
  ],
  "ImagingFrequency": 123.238,
  "InPlanePhaseEncodingDirectionDICOM": "COL",
  "InstitutionAddress": "North Cherry Avenue 1230,Tucson,Denver,US,85719",
  "InstitutionName": "University of Arizona",
  "InstitutionalDepartmentName": "Department",
  "MRAcquisitionType": "2D",
  "MagneticFieldStrength": 3,
  "Manufacturer": "Siemens",
  "ManufacturersModelName": "Skyra",
  "Modality": "MR",
  "MultibandAccelerationFactor": 3,
  "NonlinearGradientCorrection": false,
  "ParallelReductionFactorInPlane": 2,
  "PartialFourier": 0.75,
  "PatientPosition": "HFS",
  "PercentPhaseFOV": 100,
  "PercentSampling": 100,
  "PhaseEncodingDirection": "j",
  "PhaseEncodingSteps": 86,
  "PhaseResolution": 1,
  "PixelBandwidth": 1795,
  "ProcedureStepDescription": "Chen^PAN_COREE",
  "ProtocolName": "DTI_MB_3SHELL RPE",
  "PulseSequenceDetails": "%SiemensSeq%\\ep2d_diff",
  "ReceiveCoilActiveElements": "HEA;HEP",
  "ReceiveCoilName": "Head_32",
  "ReconMatrixPE": 116,
  "RefLinesPE": 24,
  "RepetitionTime": 3.7,
  "SAR": 0.263721,
  "ScanOptions": "PFP\\FS",
  "ScanningSequence": "EP",
  "SequenceName": "*ep_b0",
  "SequenceVariant": "SK\\SP",
  "SeriesDescription": "DTI_MB_3SHELL RPE_ORIG",
  "SeriesNumber": 14,
  "ShimSetting": [
    8159,
    -13562,
    15042,
    -75,
    -14,
    391,
    -192,
    -400
  ],
  "SliceThickness": 2,
  "SliceTiming": [
    0,
    1.92188,
    0.16406,
    2.07812,
    0.32031,
    2.24219,
    0.48438,
    2.39844,
    0.64062,
    2.5625,
    0.80469,
    2.71875,
    0.96094,
    2.88281,
    1.11719,
    3.03906,
    1.28125,
    3.20312,
    1.4375,
    3.35938,
    1.60156,
    3.52344,
    1.75781,
    0,
    1.92188,
    0.16406,
    2.07812,
    0.32031,
    2.24219,
    0.48438,
    2.39844,
    0.64062,
    2.5625,
    0.80469,
    2.71875,
    0.96094,
    2.88281,
    1.11719,
    3.03906,
    1.28125,
    3.20312,
    1.4375,
    3.35938,
    1.60156,
    3.52344,
    1.75781,
    0,
    1.92188,
    0.16406,
    2.07812,
    0.32031,
    2.24219,
    0.48438,
    2.39844,
    0.64062,
    2.5625,
    0.80469,
    2.71875,
    0.96094,
    2.88281,
    1.11719,
    3.03906,
    1.28125,
    3.20312,
    1.4375,
    3.35938,
    1.60156,
    3.52344,
    1.75781
  ],
  "SoftwareVersions": "syngo MR E11",
  "SpacingBetweenSlices": 2,
  "SpoilingState": true,
  "StationName": "AWP45424",
  "TotalReadoutTime": 0.0379504,
  "TxRefAmp": 330.512,
  "IntendedFor": "ses-01/dwi/sub-HML0435_ses-01_dwi.nii.gz"
}