{
    "Modality": "MR",
    "MagneticFieldStrength": 3,
    "ImagingFrequency": 123.255,
    "Manufacturer": "Siemens",
    "ManufacturersModelName": "MAGNETOM Prisma Fit",
    "InstitutionName": "GSU/GT Center for Advanced Brain Imaging",
    "InstitutionAddress": "Marietta St. NW 831,Atlanta,Southeast,US,30318",
    "DeviceSerialNumber": "167063",
    "StationName": "AWP167063",
    "BodyPartExamined": "BRAIN",
    "PatientPosition": "HFS",
    "ProcedureStepDescription": "VCALHOUN^PAN_HML_1341349",
    "SoftwareVersions": "syngo MR XA30",
    "MRAcquisitionType": "2D",
    "SeriesDescription": "HighResHippocampus",
    "ProtocolName": "HighResHippocampus",
    "ScanningSequence": "SE",
    "SequenceVariant": "SK\\SP\\OSP",
    "PulseSequenceName": "*tse2d1rr15",
    "ImageType": [
        "ORIGINAL",
        "PRIMARY",
        "M",
        "NONE"
    ],
    "ImageTypeText": [
        "ORIGINAL",
        "PRIMARY",
        "M",
        "NORM",
        "DIS2D"
    ],
    "NonlinearGradientCorrection": true,
    "SeriesNumber": 22,
    "AcquisitionTime": "09:57:5.820000",
    "AcquisitionNumber": 1,
    "SliceThickness": 2,
    "SpacingBetweenSlices": 2,
    "NumberOfAverages": 2,
    "EchoTime": 0.051,
    "RepetitionTime": 4.56,
    "MTState": false,
    "SpoilingState": true,
    "FlipAngle": 130,
    "PartialFourier": 1,
    "BaseResolution": 448,
    "ShimSetting": [
        3646,
        -5578,
        -5750,
        345,
        70,
        -336,
        -148,
        -87
    ],
    "TxRefAmp": 262.858,
    "PhaseResolution": 1,
    "PhaseOversampling": 0.05,
    "ReceiveCoilName": "Head_32",
    "ReceiveCoilActiveElements": "HEA;HEP",
    "CoilString": "Head_32",
    "PulseSequenceDetails": "%SiemensSeq%\\tse",
    "RefLinesPE": 32,
    "CoilCombinationMethod": "Adaptive Combine",
    "MatrixCoilMode": "GRAPPA",
    "PercentPhaseFOV": 100,
    "PercentSampling": 100,
    "EchoTrainLength": 15,
    "AcquisitionMatrixPE": 448,
    "ReconMatrixPE": 448,
    "ParallelReductionFactorInPlane": 2,
    "ParallelAcquisitionTechnique": "GRAPPA",
    "AcquisitionDuration": 296.352,
    "PixelBandwidth": 100,
    "DwellTime": 1.12e-05,
    "PhaseEncodingDirection": "i",
    "ImageOrientationPatientDICOM": [
        0.999438,
        0.00742363,
        -0.0326943,
        -0.0334732,
        0.166005,
        -0.985557
    ],
    "InPlanePhaseEncodingDirectionDICOM": "ROW",
    "ConversionSoftware": "dcm2niix",
    "ConversionSoftwareVersion": "v1.0.20220720",
    "Dcm2bidsVersion": "2.1.6"
}