{
    "Modality": "MR",
    "MagneticFieldStrength": 3,
    "ImagingFrequency": 123.253,
    "Manufacturer": "Siemens",
    "ManufacturersModelName": "MAGNETOM Vida",
    "InstitutionName": "Cox Annex",
    "InstitutionAddress": "San Amaro Dr,\r\n5151,\r\nCoral Gables,\r\nFlorida,\r\nUS,\r\n33146",
    "DeviceSerialNumber": "176047",
    "StationName": "AWP176047",
    "BodyPartExamined": "BRAIN",
    "PatientPosition": "HFS",
    "ProcedureStepDescription": "Rundek ROUTINE",
    "SoftwareVersions": "syngo MR XA20",
    "MRAcquisitionType": "3D",
    "SeriesDescription": "Axial 3D ME T2 GRE",
    "ProtocolName": "Axial 3D ME T2 GRE",
    "ScanningSequence": "GR",
    "SequenceVariant": "SP\\OSP",
    "ScanOptions": "SAT1",
    "PulseSequenceName": "*fl3d5r",
    "ImageType": [
        "ORIGINAL",
        "PRIMARY",
        "M",
        "NONE"
    ],
    "ImageTypeText": [
        "ORIGINAL",
        "PRIMARY",
        "M",
        "NORM",
        "DIS3D",
        "DIS2D"
    ],
    "NonlinearGradientCorrection": true,
    "SeriesNumber": 27,
    "AcquisitionTime": "13:21:45.950000",
    "AcquisitionNumber": 1,
    "SliceThickness": 1.8,
    "EchoNumber": 3,
    "EchoTime": 0.01453,
    "RepetitionTime": 0.037,
    "MTState": false,
    "FlipAngle": 15,
    "PartialFourier": 1,
    "BaseResolution": 384,
    "ShimSetting": [
        8956,
        3450,
        -8915,
        240,
        -52,
        -380,
        170,
        -11
    ],
    "TxRefAmp": 412.359,
    "PhaseResolution": 0.7,
    "ReceiveCoilName": "HeadNeck_20_TCS",
    "ReceiveCoilActiveElements": "HE1-4",
    "CoilString": "HeadNeck_20_TCS",
    "PulseSequenceDetails": "%SiemensSeq%\\gre",
    "RefLinesPE": 24,
    "CoilCombinationMethod": "Adaptive Combine",
    "MatrixCoilMode": "GRAPPA",
    "PercentPhaseFOV": 100,
    "PercentSampling": 70,
    "EchoTrainLength": 5,
    "AcquisitionMatrixPE": 269,
    "ReconMatrixPE": 384,
    "ParallelReductionFactorInPlane": 2,
    "ParallelAcquisitionTechnique": "GRAPPA",
    "AcquisitionDuration": 522.107,
    "PixelBandwidth": 277,
    "DwellTime": 4.7e-06,
    "PhaseEncodingDirection": "i",
    "ImageOrientationPatientDICOM": [
        1,
        4.875e-12,
        -4.64e-13,
        -4.897e-12,
        0.995499,
        -0.094771
    ],
    "InPlanePhaseEncodingDirectionDICOM": "ROW",
    "ConversionSoftware": "dcm2niix",
    "ConversionSoftwareVersion": "v1.0.20220720",
    "Dcm2bidsVersion": "2.1.6"
}