{
    "Modality": "MR",
    "MagneticFieldStrength": 3,
    "ImagingFrequency": 127.769,
    "Manufacturer": "Philips",
    "ManufacturersModelName": "Ingenia Elition X",
    "DeviceSerialNumber": "45002",
    "BodyPartExamined": "BRAIN",
    "PatientPosition": "HFS",
    "SoftwareVersions": "5.7.1\\5.7.1.0",
    "MRAcquisitionType": "3D",
    "SeriesDescription": "Axial 3D ME T2 GRE_noT2*",
    "ProtocolName": "WIP Axial 3D ME T2 GRE_noT2*",
    "ScanningSequence": "GR",
    "SequenceVariant": "SS",
    "ScanOptions": "FC",
    "PulseSequenceName": "FFE",
    "ImageType": [
        "ORIGINAL",
        "PRIMARY",
        "T1",
        "MIXED"
    ],
    "SeriesNumber": 901,
    "AcquisitionTime": "10:14:10.780000",
    "AcquisitionNumber": 9,
    "PhilipsRWVSlope": 3.52088,
    "PhilipsRWVIntercept": 0,
    "PhilipsRescaleSlope": 3.52088,
    "PhilipsRescaleIntercept": 0,
    "PhilipsScaleSlope": 0.00502729,
    "UsePhilipsFloatNotDisplayScaling": 1,
    "SliceThickness": 1.8,
    "SpacingBetweenSlices": 1.8,
    "EchoNumber": 4,
    "EchoTime": 0.018431,
    "RepetitionTime": 0.037,
    "MTState": false,
    "FlipAngle": 15,
    "CoilString": "MULTI COIL",
    "PercentPhaseFOV": 100,
    "PercentSampling": 78.7443,
    "EchoTrainLength": 5,
    "PhaseEncodingSteps": 386,
    "AcquisitionMatrixPE": 386,
    "ReconMatrixPE": 400,
    "ParallelReductionFactorInPlane": 2,
    "ParallelAcquisitionTechnique": "SENSE",
    "WaterFatShift": 1.54139,
    "EstimatedEffectiveEchoSpacing": 7.4106e-06,
    "EstimatedTotalReadoutTime": 0.00295683,
    "AcquisitionDuration": 534.724,
    "PixelBandwidth": 281.833,
    "PhaseEncodingAxis": "i",
    "ImageOrientationPatientDICOM": [
        0.994493,
        -0.0715982,
        0.076527,
        0.0718088,
        0.997418,
        -1.29402e-10
    ],
    "InPlanePhaseEncodingDirectionDICOM": "ROW",
    "ConversionSoftware": "dcm2niix",
    "ConversionSoftwareVersion": "v1.0.20220720",
    "Dcm2bidsVersion": "2.1.6"
}