{
    "Modality": "MR",
    "MagneticFieldStrength": 3,
    "ImagingFrequency": 123.252,
    "Manufacturer": "Siemens",
    "ManufacturersModelName": "MAGNETOM Vida",
    "InstitutionName": "Cox Annex",
    "InstitutionAddress": "5151 San Amaro Dr,Coral Gables,Florida,US,33146",
    "DeviceSerialNumber": "176047",
    "StationName": "AWP176047",
    "BodyPartExamined": "BRAIN",
    "PatientPosition": "HFS",
    "ProcedureStepDescription": "Rundek ROUTINE",
    "SoftwareVersions": "syngo MR XA50",
    "MRAcquisitionType": "2D",
    "SeriesDescription": "DTI_MB_3SHELL_mono_TE91_ORIG",
    "ProtocolName": "DTI_MB_3SHELL_mono_TE91",
    "ScanningSequence": "EP",
    "SequenceVariant": "SK\\SP",
    "ScanOptions": "PFP\\FS",
    "PulseSequenceName": "*epse2d1_116",
    "ImageType": [
        "ORIGINAL",
        "PRIMARY",
        "DIFFUSION",
        "NONE"
    ],
    "ImageTypeText": [
        "ORIGINAL",
        "PRIMARY",
        "DIFFUSION",
        "NONE",
        "ND",
        "NORM"
    ],
    "NonlinearGradientCorrection": false,
    "SeriesNumber": 5,
    "AcquisitionTime": "11:12:33.712500",
    "AcquisitionNumber": 3,
    "SliceThickness": 2,
    "SpacingBetweenSlices": 2,
    "EchoTime": 0.091,
    "RepetitionTime": 3.7,
    "MTState": false,
    "FlipAngle": 90,
    "PartialFourier": 0.75,
    "BaseResolution": 116,
    "ShimSetting": [
        9003,
        3341,
        -8795,
        269,
        0,
        -462,
        89,
        -199
    ],
    "DiffusionScheme": "Monopolar",
    "TxRefAmp": 381.902,
    "PhaseResolution": 1,
    "ReceiveCoilName": "HeadNeck_20_TCS",
    "ReceiveCoilActiveElements": "HE1-4",
    "CoilString": "HeadNeck_20_TCS",
    "PulseSequenceDetails": "%SiemensSeq%\\ep2d_diff",
    "RefLinesPE": 24,
    "CoilCombinationMethod": "Adaptive Combine",
    "MultibandAccelerationFactor": 3,
    "PercentPhaseFOV": 100,
    "PercentSampling": 100,
    "EchoTrainLength": 43,
    "PartialFourierDirection": "PHASE",
    "AcquisitionMatrixPE": 116,
    "ReconMatrixPE": 116,
    "BandwidthPerPixelPhaseEncode": 26.123,
    "ParallelReductionFactorInPlane": 2,
    "ParallelAcquisitionTechnique": "SMS",
    "EffectiveEchoSpacing": 0.000330004,
    "DerivedVendorReportedEchoSpacing": 0.000660008,
    "AcquisitionDuration": 538.52,
    "TotalReadoutTime": 0.0379504,
    "PixelBandwidth": 1796,
    "DwellTime": 2.4e-06,
    "PhaseEncodingDirection": "j-",
    "SliceTiming": [
        0,
        1.9175,
        0.16,
        2.0775,
        0.32,
        2.2375,
        0.48,
        2.3975,
        0.639998,
        2.5575,
        0.799998,
        2.7175,
        0.957498,
        2.8775,
        1.1175,
        3.0375,
        1.2775,
        3.1975,
        1.4375,
        3.3575,
        1.5975,
        3.5175,
        1.7575,
        0,
        1.9175,
        0.16,
        2.0775,
        0.32,
        2.2375,
        0.48,
        2.3975,
        0.639998,
        2.5575,
        0.799998,
        2.7175,
        0.957498,
        2.8775,
        1.1175,
        3.0375,
        1.2775,
        3.1975,
        1.4375,
        3.3575,
        1.5975,
        3.5175,
        1.7575,
        0,
        1.9175,
        0.16,
        2.0775,
        0.32,
        2.2375,
        0.48,
        2.3975,
        0.639998,
        2.5575,
        0.799998,
        2.7175,
        0.957498,
        2.8775,
        1.1175,
        3.0375,
        1.2775,
        3.1975,
        1.4375,
        3.3575,
        1.5975,
        3.5175,
        1.7575
    ],
    "ImageOrientationPatientDICOM": [
        1,
        -2.82655e-09,
        -3.14835e-08,
        -2.82655e-09,
        0.984008,
        -0.178122
    ],
    "InPlanePhaseEncodingDirectionDICOM": "COL",
    "ConversionSoftware": "dcm2niix",
    "ConversionSoftwareVersion": "v1.0.20220720",
    "Dcm2bidsVersion": "2.1.6",
    "IntendedFor": [
        "ses-01/func/sub-HML0863_ses-01_task-rest_bold.nii.gz",
        "ses-01/perf/sub-HML0863_ses-01_acq-prod_asl.nii.gz"
    ]
}