{
    "AcquisitionMatrixPE": 269,
    "AcquisitionNumber": 1,
    "AcquisitionTime": "08:40:31.002500",
    "BaseResolution": 384,
    "BodyPartExamined": "BRAIN",
    "CoilCombinationMethod": "Adaptive Combine",
    "ConsistencyInfo": "N4_VE11C_LATEST_20160120",
    "ConversionSoftware": "dcm2niix",
    "ConversionSoftwareVersion": "v1.0.20220720",
    "DeviceSerialNumber": "45424",
    "DwellTime": 4.7e-06,
    "EchoNumber": 4,
    "EchoTime": 0.01844,
    "EchoTime1": 0.00671,
    "EchoTime2": 0.01062,
    "EchoTrainLength": 5,
    "FlipAngle": 15,
    "ImageOrientationPatientDICOM": [
        0.993492,
        0.0333692,
        0.108904,
        -0.0192495,
        0.991559,
        -0.128216
    ],
    "ImageOrientationText": "Tra>Cor(-7.2)>Sag(6.4)",
    "ImageType": [
        "ORIGINAL",
        "PRIMARY",
        "P",
        "DIS3D",
        "DIS2D",
        "PHASE"
    ],
    "ImagingFrequency": 123.238,
    "InPlanePhaseEncodingDirectionDICOM": "ROW",
    "InstitutionAddress": "North Warren Ave 1609,Tucson,Denver,US,85719",
    "InstitutionName": "University of Arizona",
    "InstitutionalDepartmentName": "Department",
    "MRAcquisitionType": "3D",
    "MagneticFieldStrength": 3,
    "Manufacturer": "Siemens",
    "ManufacturersModelName": "Skyra",
    "MatrixCoilMode": "GRAPPA",
    "Modality": "MR",
    "NonlinearGradientCorrection": true,
    "ParallelReductionFactorInPlane": 2,
    "PartialFourier": 1,
    "PatientPosition": "HFS",
    "PercentPhaseFOV": 100,
    "PercentSampling": 70,
    "PhaseEncodingDirection": "i",
    "PhaseEncodingSteps": 269,
    "PhaseResolution": 0.7,
    "PixelBandwidth": 275,
    "ProcedureStepDescription": "Chen^PAN_COREE",
    "ProtocolName": "Axial 3D ME T2 GRE",
    "PulseSequenceDetails": "%SiemensSeq%\\gre",
    "ReceiveCoilActiveElements": "HEA;HEP",
    "ReceiveCoilName": "Head_32",
    "ReconMatrixPE": 384,
    "RefLinesPE": 24,
    "RepetitionTime": 0.037,
    "SAR": 0.168243,
    "ScanOptions": "SAT1",
    "ScanningSequence": "GR",
    "SequenceName": "*fl3d5r",
    "SequenceVariant": "SP\\OSP",
    "SeriesDescription": "Axial 3D ME T2 GRE",
    "SeriesNumber": 11,
    "ShimSetting": [
        8149,
        -13776,
        14969,
        -13,
        -153,
        -788,
        73,
        -592
    ],
    "SliceThickness": 1.8,
    "SoftwareVersions": "syngo MR E11",
    "StationName": "AWP45424",
    "TxRefAmp": 362.044,
    "Units": "arbitrary"
}