{
    "Modality": "MR",
    "MagneticFieldStrength": 3,
    "ImagingFrequency": 127.769,
    "Manufacturer": "Philips",
    "ManufacturersModelName": "Ingenia Elition X",
    "DeviceSerialNumber": "45002",
    "BodyPartExamined": "BRAIN",
    "PatientPosition": "HFS",
    "SoftwareVersions": "5.7.1\\5.7.1.0",
    "MRAcquisitionType": "3D",
    "SeriesDescription": "Axial 3D ME T2 GRE_noT2*",
    "ProtocolName": "WIP Axial 3D ME T2 GRE_noT2*",
    "ScanningSequence": "GR",
    "SequenceVariant": "SS",
    "ScanOptions": "FC",
    "PulseSequenceName": "FFE",
    "ImageType": [
        "ORIGINAL",
        "PRIMARY",
        "T1",
        "MIXED",
        "PHASE"
    ],
    "SeriesNumber": 1301,
    "AcquisitionTime": "11:31:32.410000",
    "AcquisitionNumber": 13,
    "PhilipsRWVSlope": 1.53455,
    "PhilipsRWVIntercept": -3142,
    "PhilipsRescaleSlope": 1.53455,
    "PhilipsRescaleIntercept": -3142,
    "PhilipsScaleSlope": 651.74,
    "UsePhilipsFloatNotDisplayScaling": 1,
    "SliceThickness": 1.8,
    "SpacingBetweenSlices": 1.8,
    "EchoNumber": 2,
    "EchoTime": 0.010611,
    "RepetitionTime": 0.037,
    "MTState": false,
    "FlipAngle": 15,
    "CoilString": "MULTI COIL",
    "PercentPhaseFOV": 100,
    "PercentSampling": 78.7443,
    "EchoTrainLength": 5,
    "PhaseEncodingSteps": 386,
    "AcquisitionMatrixPE": 386,
    "ReconMatrixPE": 400,
    "ParallelReductionFactorInPlane": 2,
    "ParallelAcquisitionTechnique": "SENSE",
    "WaterFatShift": 1.54139,
    "EstimatedEffectiveEchoSpacing": 7.41061e-06,
    "EstimatedTotalReadoutTime": 0.00295683,
    "AcquisitionDuration": 534.724,
    "PixelBandwidth": 281.833,
    "PhaseEncodingAxis": "i",
    "ImageOrientationPatientDICOM": [
        1,
        0,
        0,
        0,
        0.998796,
        -0.0490481
    ],
    "InPlanePhaseEncodingDirectionDICOM": "ROW",
    "ConversionSoftware": "dcm2niix",
    "ConversionSoftwareVersion": "v1.0.20220720",
    "Dcm2bidsVersion": "2.1.6",
    "Units": "arbitrary"
}