{
    "Modality": "MR",
    "MagneticFieldStrength": 3,
    "ImagingFrequency": 123.255,
    "Manufacturer": "Siemens",
    "ManufacturersModelName": "MAGNETOM Prisma Fit",
    "InstitutionName": "GSU/GT Center for Advanced Brain Imaging",
    "InstitutionAddress": "Marietta St. NW 831,Atlanta,Southeast,US,30318",
    "DeviceSerialNumber": "167063",
    "StationName": "AWP167063",
    "BodyPartExamined": "BRAIN",
    "PatientPosition": "HFS",
    "ProcedureStepDescription": "VCALHOUN^PAN_HML_1341349",
    "SoftwareVersions": "syngo MR XA30",
    "MRAcquisitionType": "3D",
    "SeriesDescription": "Axial 3D ME T2 GRE",
    "ProtocolName": "Axial 3D ME T2 GRE",
    "ScanningSequence": "GR",
    "SequenceVariant": "SP\\OSP",
    "ScanOptions": "SAT1",
    "PulseSequenceName": "*fl3d5r",
    "ImageType": [
        "ORIGINAL",
        "PRIMARY",
        "P",
        "NONE",
        "PHASE"
    ],
    "ImageTypeText": [
        "ORIGINAL",
        "PRIMARY",
        "P",
        "DIS3D",
        "DIS2D"
    ],
    "NonlinearGradientCorrection": true,
    "SeriesNumber": 20,
    "AcquisitionTime": "10:00:37.760000",
    "AcquisitionNumber": 1,
    "SliceThickness": 1.8,
    "EchoNumber": 2,
    "EchoTime": 0.01062,
    "RepetitionTime": 0.037,
    "MTState": false,
    "FlipAngle": 15,
    "EchoTime1": 0.00671,
    "EchoTime2": 0.01062,
    "PartialFourier": 1,
    "BaseResolution": 384,
    "ShimSetting": [
        3655,
        -5637,
        -5804,
        784,
        179,
        -93,
        -531,
        -35
    ],
    "TxRefAmp": 247.123,
    "PhaseResolution": 0.7,
    "ReceiveCoilName": "Head_32",
    "ReceiveCoilActiveElements": "HEA;HEP",
    "CoilString": "Head_32",
    "PulseSequenceDetails": "%SiemensSeq%\\gre",
    "RefLinesPE": 24,
    "CoilCombinationMethod": "Adaptive Combine",
    "MatrixCoilMode": "GRAPPA",
    "PercentPhaseFOV": 100,
    "PercentSampling": 70,
    "EchoTrainLength": 5,
    "AcquisitionMatrixPE": 269,
    "ReconMatrixPE": 384,
    "ParallelReductionFactorInPlane": 2,
    "ParallelAcquisitionTechnique": "GRAPPA",
    "AcquisitionDuration": 522.105,
    "PixelBandwidth": 277,
    "DwellTime": 4.7e-06,
    "PhaseEncodingDirection": "i",
    "ImageOrientationPatientDICOM": [
        1,
        4.897e-12,
        0,
        -4.897e-12,
        1,
        0
    ],
    "InPlanePhaseEncodingDirectionDICOM": "ROW",
    "ConversionSoftware": "dcm2niix",
    "ConversionSoftwareVersion": "v1.0.20220720",
    "Dcm2bidsVersion": "2.1.6",
    "IntendedFor": [
        "ses-01/func/sub-HML0366_ses-01_task-rest_bold.nii.gz",
        "ses-01/perf/sub-HML0366_ses-01_acq-prod_asl.nii.gz"
    ]
}