{
    "Modality": "MR",
    "MagneticFieldStrength": 3,
    "ImagingFrequency": 123.252,
    "Manufacturer": "Siemens",
    "ManufacturersModelName": "MAGNETOM Vida",
    "InstitutionName": "Cox Annex",
    "InstitutionAddress": "San Amaro Dr,\r\n5151,\r\nCoral Gables,\r\nFlorida,\r\nUS,\r\n33146",
    "DeviceSerialNumber": "176047",
    "StationName": "AWP176047",
    "BodyPartExamined": "BRAIN",
    "PatientPosition": "HFS",
    "ProcedureStepDescription": "Rundek ROUTINE",
    "SoftwareVersions": "syngo MR XA20",
    "MRAcquisitionType": "3D",
    "SeriesDescription": "Accelerated Sagittal MPRAGE",
    "ProtocolName": "Accelerated Sagittal MPRAGE",
    "ScanningSequence": "GR\\IR",
    "SequenceVariant": "SK\\SP\\MP",
    "ScanOptions": "IR",
    "PulseSequenceName": "*tfl3d1_16ns",
    "ImageType": [
        "ORIGINAL",
        "PRIMARY",
        "M",
        "NONE"
    ],
    "ImageTypeText": [
        "ORIGINAL",
        "PRIMARY",
        "M",
        "NORM",
        "DIS3D",
        "DIS2D"
    ],
    "NonlinearGradientCorrection": true,
    "SeriesNumber": 2,
    "AcquisitionTime": "15:45:9.980000",
    "AcquisitionNumber": 1,
    "SliceThickness": 1,
    "EchoTime": 0.00298,
    "RepetitionTime": 2.3,
    "MTState": false,
    "InversionTime": 0.9,
    "FlipAngle": 9,
    "PartialFourier": 1,
    "BaseResolution": 256,
    "ShimSetting": [
        8922,
        3332,
        -8817,
        -284,
        71,
        -568,
        652,
        202
    ],
    "TxRefAmp": 417.529,
    "PhaseResolution": 1,
    "ReceiveCoilName": "HeadNeck_20_TCS",
    "ReceiveCoilActiveElements": "HE1-4;NE2",
    "CoilString": "HeadNeck_20_TCS",
    "PulseSequenceDetails": "%SiemensSeq%\\tfl",
    "RefLinesPE": 32,
    "CoilCombinationMethod": "Adaptive Combine",
    "MatrixCoilMode": "GRAPPA",
    "PercentPhaseFOV": 93.75,
    "PercentSampling": 100,
    "AcquisitionMatrixPE": 240,
    "ReconMatrixPE": 240,
    "ParallelReductionFactorInPlane": 2,
    "ParallelAcquisitionTechnique": "GRAPPA",
    "AcquisitionDuration": 309.677,
    "PixelBandwidth": 238,
    "DwellTime": 8.2e-06,
    "ImageOrientationPatientDICOM": [
        0,
        1,
        0,
        0,
        0,
        -1
    ],
    "InPlanePhaseEncodingDirectionDICOM": "ROW",
    "ConversionSoftware": "dcm2niix",
    "ConversionSoftwareVersion": "v1.0.20220720",
    "Dcm2bidsVersion": "2.1.6"
}