{
    "AcquisitionDuration": 74,
    "AcquisitionMatrixPE": 62,
    "AcquisitionNumber": 1,
    "AcquisitionTime": "11:36:46.740000",
    "ArterialSpinLabelingType": "PCASL",
    "BaseResolution": 64,
    "BodyPartExamined": "BRAIN",
    "CoilCombinationMethod": "Adaptive Combine",
    "CoilString": "Head_32",
    "ConversionSoftware": "dcm2niix",
    "ConversionSoftwareVersion": "v1.0.20220720",
    "DeviceSerialNumber": "45424",
    "DwellTime": 2.3e-06,
    "EchoTime": 0.0195,
    "EchoTrainLength": 31,
    "FlipAngle": 180,
    "ImageOrientationPatientDICOM": [
        1,
        1.33539e-07,
        9.79723e-07,
        -3.48367e-08,
        0.994981,
        -0.100061
    ],
    "ImageType": [
        "ORIGINAL",
        "PRIMARY",
        "ASL",
        "NONE"
    ],
    "ImageTypeText": [
        "ORIGINAL",
        "PRIMARY",
        "ASL",
        "NONE",
        "NORM",
        "DIS3D",
        "DIS2D"
    ],
    "ImagingFrequency": 123.221,
    "InPlanePhaseEncodingDirectionDICOM": "COL",
    "InstitutionAddress": "North Cherry Avenue 1230,Tucson,Denver,US,85721",
    "InstitutionName": "University of Arizona",
    "Interpolation2D": 1,
    "MRAcquisitionType": "3D",
    "MTState": false,
    "MagneticFieldStrength": 3,
    "Manufacturer": "Siemens",
    "ManufacturersModelName": "MAGNETOM Skyra",
    "MatrixCoilMode": "GRAPPA",
    "Modality": "MR",
    "NonlinearGradientCorrection": true,
    "ParallelAcquisitionTechnique": "GRAPPA",
    "ParallelReductionFactorInPlane": 2,
    "PartialFourier": 0.875,
    "PartialFourierDirection": "PHASE",
    "PatientPosition": "HFS",
    "PercentPhaseFOV": 100,
    "PercentSampling": 96.2733,
    "PhaseEncodingDirection": "j-",
    "PhaseOversampling": 0.15,
    "PhaseResolution": 0.962733,
    "PixelBandwidth": 3397,
    "PostLabelDelay": 1.8,
    "ProtocolName": "PCASL_2500PLD_AP",
    "PulseSequenceDetails": "%SiemensSeq%\\tgse_asl",
    "PulseSequenceName": "*tgse3d1_1860",
    "ReceiveCoilActiveElements": "HEA;HEP",
    "ReceiveCoilName": "Head_32",
    "ReconMatrixPE": 128,
    "RefLinesPE": 24,
    "RepetitionTime": 5.6,
    "ScanOptions": "PFP\\SAT1\\FS",
    "ScanningSequence": "EP",
    "SequenceVariant": "SK\\OSP",
    "SeriesDescription": "PCASL_2500PLD_AP",
    "SeriesNumber": 45,
    "ShimSetting": [
        8245,
        -13704,
        14908,
        369,
        262,
        -549,
        -404,
        -581
    ],
    "SliceThickness": 4.5,
    "SoftwareVersions": "syngo MR XA30",
    "StationName": "AWP45424",
    "TxRefAmp": 337.359,
    "BackgroundSuppression": true,
    "TotalAcquiredPairs": 2,
    "RepetitionTimePreparation": 5.6,
    "EffectiveEchoSpacing": 0.0005,
    "LabelingDuration": 1.8,
    "M0Type": "Separate",
    "PostLabelingDelay": 2.5
}