{
  "AcquisitionDuration": 522.107,
  "AcquisitionMatrixPE": 269,
  "AcquisitionNumber": 1,
  "AcquisitionTime": "16:42:27.732500",
  "BaseResolution": 384,
  "BodyPartExamined": "BRAIN",
  "CoilCombinationMethod": "Adaptive Combine",
  "CoilString": "Head_32",
  "ConversionSoftware": "dcm2niix",
  "ConversionSoftwareVersion": "v1.0.20220720",
  "DeviceSerialNumber": "45424",
  "DwellTime": 4.7e-06,
  "EchoNumber": 3,
  "EchoTime": 0.01453,
  "EchoTrainLength": 5,
  "FlipAngle": 15,
  "ImageOrientationPatientDICOM": [
    0.999776,
    0.00135853,
    0.0211244,
    5.3243e-11,
    0.997938,
    -0.0641784
  ],
  "ImageType": [
    "ORIGINAL",
    "PRIMARY",
    "M",
    "NONE"
  ],
  "ImageTypeText": [
    "ORIGINAL",
    "PRIMARY",
    "M",
    "NORM",
    "DIS3D",
    "DIS2D"
  ],
  "ImagingFrequency": 123.221,
  "InPlanePhaseEncodingDirectionDICOM": "ROW",
  "InstitutionAddress": "North Cherry Avenue 1230,Tucson,Denver,US,85721",
  "InstitutionName": "University of Arizona",
  "MRAcquisitionType": "3D",
  "MTState": false,
  "MagneticFieldStrength": 3,
  "Manufacturer": "Siemens",
  "ManufacturersModelName": "MAGNETOM Skyra",
  "MatrixCoilMode": "GRAPPA",
  "Modality": "MR",
  "NonlinearGradientCorrection": true,
  "ParallelAcquisitionTechnique": "GRAPPA",
  "ParallelReductionFactorInPlane": 2,
  "PartialFourier": 1,
  "PatientPosition": "HFS",
  "PercentPhaseFOV": 100,
  "PercentSampling": 70,
  "PhaseEncodingDirection": "i",
  "PhaseResolution": 0.7,
  "PixelBandwidth": 277,
  "ProtocolName": "Axial 3D ME T2 GRE",
  "PulseSequenceDetails": "%SiemensSeq%\\gre",
  "PulseSequenceName": "*fl3d5r",
  "ReceiveCoilActiveElements": "HEA;HEP",
  "ReceiveCoilName": "Head_32",
  "ReconMatrixPE": 384,
  "RefLinesPE": 24,
  "RepetitionTime": 0.037,
  "ScanOptions": "SAT1",
  "ScanningSequence": "GR",
  "SequenceVariant": "SP\\OSP",
  "SeriesDescription": "Axial 3D ME T2 GRE",
  "SeriesNumber": 30,
  "ShimSetting": [
    8222,
    -13796,
    14934,
    153,
    -37,
    -1200,
    171,
    -600
  ],
  "SliceThickness": 1.8,
  "SoftwareVersions": "syngo MR XA30",
  "StationName": "AWP45424",
  "TxRefAmp": 343.342
}